{
  "aor": 0.0015002052785923752,
  "aqi": 0.0058304731085044,
  "bids_meta": {
    "CogAtlasID": " ",
    "CogPOID": " ",
    "CoilCombinationMethod": " ",
    "DelayTime": " ",
    "DeviceSerialNumber": "35368 ",
    "EchoTime": 0.03,
    "EffectiveEchoSpacing": 0.00026499894000423993,
    "FlipAngle": 45,
    "GradientSetType": " ",
    "InstitutionAddress": "Perth Drive 100,London,Ontario,CA,N6A 5K8",
    "InstitutionName": "Robarts-CFMM",
    "Instructions": " ",
    "InversionTime": " ",
    "MRTransmitCoilSequence": " ",
    "MagneticFieldStrength": 3,
    "Manufacturer": "SIEMENS ",
    "ManufacturerModelName": "TrioTim ",
    "MatrixCoilMode": " ",
    "MultibandAccelerationFactor": " ",
    "NumberOfVolumesDiscardedByScanner": " ",
    "NumberOfVolumesDiscardedByUser": 10,
    "NumberShots": " ",
    "ParallelAcquisitionTechnique": " ",
    "ParallelReductionFactorInPlane": " ",
    "PartialFourier": " ",
    "PartialFourierDirection": " ",
    "PulseSequenceDetails": " ",
    "PulseSequenceType": " ",
    "ReceiveCoilName": " ",
    "RepetitionTime": 2,
    "SliceTiming": [
      1.0025,
      0,
      1.0575,
      0.05499999999,
      1.1149999999900002,
      0.10999999999,
      1.17000000001,
      0.16750000001,
      1.2250000000099999,
      0.2225,
      1.2825,
      0.2775,
      1.3374999999900001,
      0.33249999999,
      1.39249999999,
      0.38999999998,
      1.45000000001,
      0.44500000001,
      1.505,
      0.5,
      1.56,
      0.5575,
      1.6174999999900002,
      0.61249999999,
      1.67249999999,
      0.66750000001,
      1.7275000000099998,
      0.72500000001,
      1.7825,
      0.78,
      1.84,
      0.83499999999,
      1.89499999999,
      0.89249999999,
      1.95000000001,
      0.94750000001
    ],
    "SoftwareVersions": "syngo MR B17",
    "TaskDescription": " ",
    "TaskName": "ep2d_bold_WorkingMemory_Order1",
    "TotalReadoutTime": 0.020934916260334956,
    "dataset": "ds001634",
    "modality": "bold",
    "run_id": 1,
    "subject_id": "19",
    "task_id": "WM"
  },
  "dummy_trs": 0,
  "dvars_nstd": 23.77629368161765,
  "dvars_std": 1.1341114308235294,
  "dvars_vstd": 1.009083921264706,
  "efc": 0.45053473335147404,
  "fber": 4268.12255859375,
  "fd_mean": 0.05608197935305943,
  "fd_num": 9,
  "fd_perc": 2.6392961876832843,
  "fwhm_avg": 1.6329455555555557,
  "fwhm_x": 1.5310366666666668,
  "fwhm_y": 1.6981466666666665,
  "fwhm_z": 1.6696533333333334,
  "gcor": 0.0374318,
  "gsr_x": -0.004748465493321419,
  "gsr_y": 0.006396447774022818,
  "provenance": {
    "md5sum": "81a6b4a4cff970b1bfc0d5ad6246a9e9",
    "settings": {
      "fd_thres": 0.2,
      "testing": false
    },
    "software": "mriqc",
    "version": "22.0.6",
    "webapi_port": null,
    "webapi_url": "https://mriqc.nimh.nih.gov/api/v1"
  },
  "size_t": 341,
  "size_x": 80,
  "size_y": 80,
  "size_z": 36,
  "snr": 5.0102251289159465,
  "spacing_tr": 2.0,
  "spacing_x": 3.0,
  "spacing_y": 3.0,
  "spacing_z": 3.0,
  "summary_bg_k": 38.68052017115453,
  "summary_bg_mad": 4.063271409856351,
  "summary_bg_mean": 15.691567420959473,
  "summary_bg_median": 7.389848709106445,
  "summary_bg_n": 154880.0,
  "summary_bg_p05": 2.8363675236701966,
  "summary_bg_p95": 54.070086479187005,
  "summary_bg_stdv": 31.44434356689453,
  "summary_fg_k": 3.8901372446216342,
  "summary_fg_mad": 87.24852537325665,
  "summary_fg_mean": 500.4437561035156,
  "summary_fg_median": 488.3053894042969,
  "summary_fg_n": 35367.0,
  "summary_fg_p05": 373.599267578125,
  "summary_fg_p95": 665.3041992187498,
  "summary_fg_stdv": 97.46038818359375,
  "tsnr": 60.60270309448242
}