{
  "aor": 0.0009805357142857142,
  "aqi": 0.006253511279761905,
  "bids_meta": {
    "CogAtlasID": " ",
    "CogPOID": " ",
    "CoilCombinationMethod": " ",
    "DelayTime": " ",
    "DeviceSerialNumber": "35368 ",
    "EchoTime": 0.03,
    "EffectiveEchoSpacing": 0.00026499894000423993,
    "FlipAngle": 45,
    "GradientSetType": " ",
    "InstitutionAddress": "Perth Drive 100,London,Ontario,CA,N6A 5K8",
    "InstitutionName": "Robarts-CFMM",
    "Instructions": " ",
    "InversionTime": " ",
    "MRTransmitCoilSequence": " ",
    "MagneticFieldStrength": 3,
    "Manufacturer": "SIEMENS ",
    "ManufacturerModelName": "TrioTim ",
    "MatrixCoilMode": " ",
    "MultibandAccelerationFactor": " ",
    "NumberOfVolumesDiscardedByScanner": " ",
    "NumberOfVolumesDiscardedByUser": 10,
    "NumberShots": " ",
    "ParallelAcquisitionTechnique": " ",
    "ParallelReductionFactorInPlane": " ",
    "PartialFourier": " ",
    "PartialFourierDirection": " ",
    "PulseSequenceDetails": " ",
    "PulseSequenceType": " ",
    "ReceiveCoilName": " ",
    "RepetitionTime": 2,
    "SliceTiming": [
      1.005,
      0,
      1.06,
      0.05500000002,
      1.11500000002,
      0.11250000002,
      1.17000000001,
      0.16750000001,
      1.2275000000099998,
      0.2225,
      1.2825,
      0.28,
      1.33750000002,
      0.33500000002,
      1.39500000002,
      0.39000000001,
      1.45000000001,
      0.44750000001,
      1.505,
      0.5025,
      1.5625,
      0.55750000002,
      1.61750000002,
      0.61250000002,
      1.67250000002,
      0.67000000001,
      1.73000000001,
      0.72500000001,
      1.785,
      0.78,
      1.84,
      0.83750000002,
      1.89500000002,
      0.89250000002,
      1.95250000001,
      0.94750000001
    ],
    "SoftwareVersions": "syngo MR B17",
    "TaskDescription": " ",
    "TaskName": "ep2d_bold_WorkingMemory_Order3",
    "TotalReadoutTime": 0.020934916260334956,
    "dataset": "ds001634",
    "modality": "bold",
    "run_id": 3,
    "subject_id": "19",
    "task_id": "WM"
  },
  "dummy_trs": 0,
  "dvars_nstd": 23.554760149999993,
  "dvars_std": 1.0946629236417915,
  "dvars_vstd": 0.9892675421791046,
  "efc": 0.4508729642600381,
  "fber": 4301.9375,
  "fd_mean": 0.07087780728296941,
  "fd_num": 14,
  "fd_perc": 4.166666666666667,
  "fwhm_avg": 1.625618888888889,
  "fwhm_x": 1.5240133333333334,
  "fwhm_y": 1.6911066666666665,
  "fwhm_z": 1.6617366666666669,
  "gcor": 0.0300901,
  "gsr_x": -0.00455095898360014,
  "gsr_y": 0.006024220492690802,
  "provenance": {
    "md5sum": "ceeb1cace59640853fdcd4a9b26c17e2",
    "settings": {
      "fd_thres": 0.2,
      "testing": false
    },
    "software": "mriqc",
    "version": "22.0.6",
    "webapi_port": null,
    "webapi_url": "https://mriqc.nimh.nih.gov/api/v1"
  },
  "size_t": 336,
  "size_x": 80,
  "size_y": 80,
  "size_z": 36,
  "snr": 5.0357407220408374,
  "spacing_tr": 2.0,
  "spacing_x": 3.0,
  "spacing_y": 3.0,
  "spacing_z": 3.0,
  "summary_bg_k": 36.66822283412855,
  "summary_bg_mad": 4.088936879474494,
  "summary_bg_mean": 15.888976097106934,
  "summary_bg_median": 7.394894599914551,
  "summary_bg_n": 154969.0,
  "summary_bg_p05": 2.838892602920532,
  "summary_bg_p95": 55.86454010009769,
  "summary_bg_stdv": 31.547657012939453,
  "summary_fg_k": 3.969750060834466,
  "summary_fg_mad": 86.98311568655762,
  "summary_fg_mean": 501.5491638183594,
  "summary_fg_median": 489.84283447265625,
  "summary_fg_n": 35299.0,
  "summary_fg_p05": 374.6376007080078,
  "summary_fg_p95": 665.4000854492188,
  "summary_fg_stdv": 97.27186584472656,
  "tsnr": 60.417633056640625
}