{
  "aor": 0.0009580994152046786,
  "aqi": 0.006189630847953215,
  "bids_meta": {
    "CogAtlasID": " ",
    "CogPOID": " ",
    "CoilCombinationMethod": " ",
    "DelayTime": " ",
    "DeviceSerialNumber": "35368 ",
    "EchoTime": 0.03,
    "EffectiveEchoSpacing": 0.00026499894000423993,
    "FlipAngle": 45,
    "GradientSetType": " ",
    "InstitutionAddress": "Perth Drive 100,London,Ontario,CA,N6A 5K8",
    "InstitutionName": "Robarts-CFMM",
    "Instructions": " ",
    "InversionTime": " ",
    "MRTransmitCoilSequence": " ",
    "MagneticFieldStrength": 3,
    "Manufacturer": "SIEMENS ",
    "ManufacturerModelName": "TrioTim ",
    "MatrixCoilMode": " ",
    "MultibandAccelerationFactor": " ",
    "NumberOfVolumesDiscardedByScanner": " ",
    "NumberOfVolumesDiscardedByUser": 10,
    "NumberShots": " ",
    "ParallelAcquisitionTechnique": " ",
    "ParallelReductionFactorInPlane": " ",
    "PartialFourier": " ",
    "PartialFourierDirection": " ",
    "PulseSequenceDetails": " ",
    "PulseSequenceType": " ",
    "ReceiveCoilName": " ",
    "RepetitionTime": 2,
    "SliceTiming": [
      1.005,
      0,
      1.0600000000299998,
      0.057500000020000004,
      1.11750000002,
      0.11250000002,
      1.17250000002,
      0.16750000001,
      1.2275000000099998,
      0.22500000001,
      1.285,
      0.28000000003000003,
      1.3400000000299999,
      0.33500000002,
      1.39500000002,
      0.39250000002,
      1.45000000001,
      0.44750000001,
      1.5075000000099998,
      0.5025,
      1.5625,
      0.5600000000300001,
      1.61750000002,
      0.61500000002,
      1.67500000002,
      0.67000000001,
      1.73000000001,
      0.72500000001,
      1.785,
      0.7825,
      1.8425000000299998,
      0.83750000002,
      1.89750000002,
      0.89250000002,
      1.95250000001,
      0.95000000001
    ],
    "SoftwareVersions": "syngo MR B17",
    "TaskDescription": " ",
    "TaskName": "ep2d_bold_WorkingMemory_Order2",
    "TotalReadoutTime": 0.020934916260334956,
    "dataset": "ds001634",
    "modality": "bold",
    "run_id": 2,
    "subject_id": "19",
    "task_id": "WM"
  },
  "dummy_trs": 0,
  "dvars_nstd": 23.905335155219937,
  "dvars_std": 1.1139399511143695,
  "dvars_vstd": 1.005694787565984,
  "efc": 0.45165693827681946,
  "fber": 4300.4189453125,
  "fd_mean": 0.0829072274530861,
  "fd_num": 19,
  "fd_perc": 5.555555555555555,
  "fwhm_avg": 1.6236622222222221,
  "fwhm_x": 1.5323466666666665,
  "fwhm_y": 1.7011433333333335,
  "fwhm_z": 1.6374966666666666,
  "gcor": 0.0329558,
  "gsr_x": -0.00514014158397913,
  "gsr_y": 0.0077205137349665165,
  "provenance": {
    "md5sum": "9ab3f7018a6b12cf33703f86a0031c2d",
    "settings": {
      "fd_thres": 0.2,
      "testing": false
    },
    "software": "mriqc",
    "version": "22.0.6",
    "webapi_port": null,
    "webapi_url": "https://mriqc.nimh.nih.gov/api/v1"
  },
  "size_t": 342,
  "size_x": 80,
  "size_y": 80,
  "size_z": 36,
  "snr": 5.024430452291592,
  "spacing_tr": 2.0,
  "spacing_x": 3.0,
  "spacing_y": 3.0,
  "spacing_z": 3.0,
  "summary_bg_k": 37.54719765405039,
  "summary_bg_mad": 4.141770815306421,
  "summary_bg_mean": 15.974231719970703,
  "summary_bg_median": 7.363912582397461,
  "summary_bg_n": 154803.0,
  "summary_bg_p05": 2.795969748497009,
  "summary_bg_p95": 56.2133075714111,
  "summary_bg_stdv": 31.66518211364746,
  "summary_fg_k": 3.8940223242028473,
  "summary_fg_mad": 86.56319285971587,
  "summary_fg_mean": 500.4485778808594,
  "summary_fg_median": 488.2410583496094,
  "summary_fg_n": 35446.0,
  "summary_fg_p05": 373.7551727294922,
  "summary_fg_p95": 664.5292663574219,
  "summary_fg_stdv": 97.17204284667969,
  "tsnr": 59.56898498535156
}