{
  "aor": 0.0006872106824925816,
  "aqi": 0.007405152640949555,
  "bids_meta": {
    "CogAtlasID": " ",
    "CogPOID": " ",
    "CoilCombinationMethod": " ",
    "DelayTime": " ",
    "DeviceSerialNumber": "35368 ",
    "EchoTime": 0.03,
    "EffectiveEchoSpacing": 0.00026499894000423993,
    "FlipAngle": 45,
    "GradientSetType": " ",
    "InstitutionAddress": "Perth Drive 100,London,Ontario,CA,N6A 5K8",
    "InstitutionName": "Robarts-CFMM",
    "Instructions": " ",
    "InversionTime": " ",
    "MRTransmitCoilSequence": " ",
    "MagneticFieldStrength": 3,
    "Manufacturer": "SIEMENS ",
    "ManufacturerModelName": "TrioTim ",
    "MatrixCoilMode": " ",
    "MultibandAccelerationFactor": " ",
    "NumberOfVolumesDiscardedByScanner": " ",
    "NumberOfVolumesDiscardedByUser": 10,
    "NumberShots": " ",
    "ParallelAcquisitionTechnique": " ",
    "ParallelReductionFactorInPlane": " ",
    "PartialFourier": " ",
    "PartialFourierDirection": " ",
    "PulseSequenceDetails": " ",
    "PulseSequenceType": " ",
    "ReceiveCoilName": " ",
    "RepetitionTime": 2,
    "SliceTiming": [
      1.0025,
      0,
      1.0575,
      0.05499999999,
      1.1149999999900002,
      0.10999999999,
      1.16999999998,
      0.16500000001,
      1.2250000000099999,
      0.2225,
      1.2825,
      0.2775,
      1.3374999999900001,
      0.33249999999,
      1.39249999999,
      0.38999999998,
      1.4475000000099998,
      0.44500000001,
      1.505,
      0.5,
      1.56,
      0.5575,
      1.6149999999900002,
      0.61249999999,
      1.67249999999,
      0.66749999998,
      1.7275000000099998,
      0.72500000001,
      1.7825,
      0.78,
      1.84,
      0.83499999999,
      1.89499999999,
      0.88999999998,
      1.94999999998,
      0.94750000001
    ],
    "SoftwareVersions": "syngo MR B17",
    "TaskDescription": " ",
    "TaskName": "ep2d_bold_WorkingMemory_order3",
    "TotalReadoutTime": 0.020934916260334956,
    "dataset": "ds001634",
    "modality": "bold",
    "run_id": 3,
    "subject_id": "15",
    "task_id": "WM"
  },
  "dummy_trs": 0,
  "dvars_nstd": 25.947872411369044,
  "dvars_std": 1.1165478123511898,
  "dvars_vstd": 1.0006772484226192,
  "efc": 0.4856376725003065,
  "fber": 3480.38037109375,
  "fd_mean": 0.07117832113243358,
  "fd_num": 1,
  "fd_perc": 0.29673590504451036,
  "fwhm_avg": 1.6911321774818315,
  "fwhm_x": 1.5795566666666667,
  "fwhm_y": 1.8049466666666667,
  "fwhm_z": 1.688893199112161,
  "gcor": 0.0131168,
  "gsr_x": 0.0027537671849131584,
  "gsr_y": 0.008430524729192257,
  "provenance": {
    "md5sum": "cb94b48761108f51bed6ed2ec8118e4a",
    "settings": {
      "fd_thres": 0.2,
      "testing": false
    },
    "software": "mriqc",
    "version": "22.0.6",
    "webapi_port": null,
    "webapi_url": "https://mriqc.nimh.nih.gov/api/v1"
  },
  "size_t": 337,
  "size_x": 80,
  "size_y": 80,
  "size_z": 36,
  "snr": 4.625434564317022,
  "spacing_tr": 2.0,
  "spacing_x": 3.0,
  "spacing_y": 3.0,
  "spacing_z": 3.000000238418579,
  "summary_bg_k": 49.658402951012555,
  "summary_bg_mad": 4.675896286343015,
  "summary_bg_mean": 18.130573272705078,
  "summary_bg_median": 7.402386665344238,
  "summary_bg_n": 148196.0,
  "summary_bg_p05": 2.7473865151405334,
  "summary_bg_p95": 80.0279655456543,
  "summary_bg_stdv": 34.81781768798828,
  "summary_fg_k": 6.721734452913655,
  "summary_fg_mad": 75.89708066524895,
  "summary_fg_mean": 455.9690246582031,
  "summary_fg_median": 442.9697570800781,
  "summary_fg_n": 40599.0,
  "summary_fg_p05": 338.7311614990234,
  "summary_fg_p95": 614.064532470703,
  "summary_fg_stdv": 95.7670669555664,
  "tsnr": 57.241207122802734
}