{
  "aor": 0.0005689504373177842,
  "aqi": 0.00684950667638484,
  "bids_meta": {
    "CogAtlasID": " ",
    "CogPOID": " ",
    "CoilCombinationMethod": " ",
    "DelayTime": " ",
    "DeviceSerialNumber": "35368 ",
    "EchoTime": 0.03,
    "EffectiveEchoSpacing": 0.00026499894000423993,
    "FlipAngle": 45,
    "GradientSetType": " ",
    "InstitutionAddress": "Perth Drive 100,London,Ontario,CA,N6A 5K8",
    "InstitutionName": "Robarts-CFMM",
    "Instructions": " ",
    "InversionTime": " ",
    "MRTransmitCoilSequence": " ",
    "MagneticFieldStrength": 3,
    "Manufacturer": "SIEMENS ",
    "ManufacturerModelName": "TrioTim ",
    "MatrixCoilMode": " ",
    "MultibandAccelerationFactor": " ",
    "NumberOfVolumesDiscardedByScanner": " ",
    "NumberOfVolumesDiscardedByUser": 10,
    "NumberShots": " ",
    "ParallelAcquisitionTechnique": " ",
    "ParallelReductionFactorInPlane": " ",
    "PartialFourier": " ",
    "PartialFourierDirection": " ",
    "PulseSequenceDetails": " ",
    "PulseSequenceType": " ",
    "ReceiveCoilName": " ",
    "RepetitionTime": 2,
    "SliceTiming": [
      1.0025,
      0,
      1.0575,
      0.05499999999,
      1.1149999999900002,
      0.10999999999,
      1.16999999998,
      0.16749999998,
      1.22499999998,
      0.2225,
      1.2825,
      0.2775,
      1.3374999999900001,
      0.33249999999,
      1.39249999999,
      0.38999999998,
      1.44999999998,
      0.44499999998,
      1.50499999998,
      0.5,
      1.56,
      0.5575,
      1.6174999999900002,
      0.61249999999,
      1.67249999999,
      0.66749999998,
      1.72749999998,
      0.72499999998,
      1.7825,
      0.78,
      1.84,
      0.83499999999,
      1.89499999999,
      0.89249999999,
      1.94999999998,
      0.94749999998
    ],
    "SoftwareVersions": "syngo MR B17",
    "TaskDescription": " ",
    "TaskName": "ep2d_bold_WorkingMemory_order2",
    "TotalReadoutTime": 0.020934916260334956,
    "dataset": "ds001634",
    "modality": "bold",
    "run_id": 2,
    "subject_id": "15",
    "task_id": "WM"
  },
  "dummy_trs": 0,
  "dvars_nstd": 25.931181054385966,
  "dvars_std": 1.1197508714619884,
  "dvars_vstd": 1.0016339557017548,
  "efc": 0.48408418300393846,
  "fber": 3561.838623046875,
  "fd_mean": 0.07680662163730688,
  "fd_num": 3,
  "fd_perc": 0.8746355685131195,
  "fwhm_avg": 1.6934343995849328,
  "fwhm_x": 1.5803233333333333,
  "fwhm_y": 1.80659,
  "fwhm_z": 1.6933898654214647,
  "gcor": 0.0145741,
  "gsr_x": 0.0023446117993444204,
  "gsr_y": 0.008388002403080463,
  "provenance": {
    "md5sum": "dca90a8013c6d6c0552dc9690fb31c0d",
    "settings": {
      "fd_thres": 0.2,
      "testing": false
    },
    "software": "mriqc",
    "version": "22.0.6",
    "webapi_port": null,
    "webapi_url": "https://mriqc.nimh.nih.gov/api/v1"
  },
  "size_t": 343,
  "size_x": 80,
  "size_y": 80,
  "size_z": 36,
  "snr": 4.623912862000237,
  "spacing_tr": 2.0,
  "spacing_x": 3.0,
  "spacing_y": 3.0,
  "spacing_z": 3.000000238418579,
  "summary_bg_k": 52.3390693147938,
  "summary_bg_mad": 4.53196103263599,
  "summary_bg_mean": 17.781036376953125,
  "summary_bg_median": 7.351856708526611,
  "summary_bg_n": 148279.0,
  "summary_bg_p05": 2.7532577991485594,
  "summary_bg_p95": 77.4408386230469,
  "summary_bg_stdv": 34.29908752441406,
  "summary_fg_k": 6.668642364921595,
  "summary_fg_mad": 76.52336789390357,
  "summary_fg_mean": 458.13128662109375,
  "summary_fg_median": 444.6069641113281,
  "summary_fg_n": 40463.0,
  "summary_fg_p05": 340.567138671875,
  "summary_fg_p95": 616.3365295410157,
  "summary_fg_stdv": 96.15264892578125,
  "tsnr": 58.295780181884766
}