{
  "aor": 0.0010403235294117648,
  "aqi": 0.012843775852941178,
  "bids_meta": {
    "CogAtlasID": " ",
    "CogPOID": " ",
    "CoilCombinationMethod": " ",
    "DelayTime": " ",
    "DeviceSerialNumber": "35368 ",
    "EchoTime": 0.03,
    "EffectiveEchoSpacing": 0.00026499894000423993,
    "FlipAngle": 45,
    "GradientSetType": " ",
    "InstitutionAddress": "Perth Drive 100,London,Ontario,CA,N6A 5K8",
    "InstitutionName": "Robarts-CFMM",
    "Instructions": " ",
    "InversionTime": " ",
    "MRTransmitCoilSequence": " ",
    "MagneticFieldStrength": 3,
    "Manufacturer": "SIEMENS ",
    "ManufacturerModelName": "TrioTim ",
    "MatrixCoilMode": " ",
    "MultibandAccelerationFactor": " ",
    "NumberOfVolumesDiscardedByScanner": " ",
    "NumberOfVolumesDiscardedByUser": 10,
    "NumberShots": " ",
    "ParallelAcquisitionTechnique": " ",
    "ParallelReductionFactorInPlane": " ",
    "PartialFourier": " ",
    "PartialFourierDirection": " ",
    "PulseSequenceDetails": " ",
    "PulseSequenceType": " ",
    "ReceiveCoilName": " ",
    "RepetitionTime": 2,
    "SliceTiming": [
      1.0025,
      0,
      1.0600000000299998,
      0.05500000002,
      1.11500000002,
      0.11250000002,
      1.17000000001,
      0.16750000001,
      1.2275000000099998,
      0.2225,
      1.2825,
      0.28000000003000003,
      1.33750000002,
      0.33500000002,
      1.39500000002,
      0.39000000001,
      1.45000000001,
      0.44500000001,
      1.505,
      0.5025,
      1.5625,
      0.55750000002,
      1.61750000002,
      0.61250000002,
      1.67250000002,
      0.67000000001,
      1.7275000000099998,
      0.72500000001,
      1.785,
      0.78000000003,
      1.8400000000299999,
      0.83750000002,
      1.89500000002,
      0.89250000002,
      1.95250000001,
      0.94750000001
    ],
    "SoftwareVersions": "syngo MR B17",
    "TaskDescription": " ",
    "TaskName": "ep2d_bold_WorkingMemory_order1",
    "TotalReadoutTime": 0.020934916260334956,
    "dataset": "ds001634",
    "modality": "bold",
    "run_id": 1,
    "subject_id": "15",
    "task_id": "WM"
  },
  "dummy_trs": 0,
  "dvars_nstd": 25.68619972846608,
  "dvars_std": 1.0465671280235993,
  "dvars_vstd": 0.9597289280235997,
  "efc": 0.4833544593959476,
  "fber": 3603.21728515625,
  "fd_mean": 0.08606345521328479,
  "fd_num": 2,
  "fd_perc": 0.5882352941176471,
  "fwhm_avg": 1.697431066360477,
  "fwhm_x": 1.5962666666666667,
  "fwhm_y": 1.8067466666666665,
  "fwhm_z": 1.6892798657480983,
  "gcor": 0.00932773,
  "gsr_x": 0.002495137043297291,
  "gsr_y": 0.010279592126607895,
  "provenance": {
    "md5sum": "785944fd288c435082d2c03ab8ce5e8e",
    "settings": {
      "fd_thres": 0.2,
      "testing": false
    },
    "software": "mriqc",
    "version": "22.0.6",
    "webapi_port": null,
    "webapi_url": "https://mriqc.nimh.nih.gov/api/v1"
  },
  "size_t": 340,
  "size_x": 80,
  "size_y": 80,
  "size_z": 36,
  "snr": 4.610301807371142,
  "spacing_tr": 2.0,
  "spacing_x": 3.0,
  "spacing_y": 3.0,
  "spacing_z": 3.000000238418579,
  "summary_bg_k": 52.199422159373675,
  "summary_bg_mad": 5.130824582578693,
  "summary_bg_mean": 18.003620147705078,
  "summary_bg_median": 7.4748077392578125,
  "summary_bg_n": 148494.0,
  "summary_bg_p05": 2.5346989274024962,
  "summary_bg_p95": 75.20606536865235,
  "summary_bg_stdv": 33.91350173950195,
  "summary_fg_k": 6.608516015321239,
  "summary_fg_mad": 78.23690278218616,
  "summary_fg_mean": 465.6778259277344,
  "summary_fg_median": 451.4998779296875,
  "summary_fg_n": 40321.0,
  "summary_fg_p05": 345.3518371582031,
  "summary_fg_p95": 627.6142578125,
  "summary_fg_stdv": 97.93161010742188,
  "tsnr": 47.45624542236328
}