{
  "aor": 0.0004082132564841498,
  "aqi": 0.004640410115273775,
  "bids_meta": {
    "CogAtlasID": " ",
    "CogPOID": " ",
    "CoilCombinationMethod": " ",
    "DelayTime": " ",
    "DeviceSerialNumber": "35368 ",
    "EchoTime": 0.03,
    "EffectiveEchoSpacing": 0.00026499894000423993,
    "FlipAngle": 45,
    "GradientSetType": " ",
    "InstitutionAddress": "Perth Drive 100,London,Ontario,CA,N6A 5K8",
    "InstitutionName": "Robarts-CFMM",
    "Instructions": " ",
    "InversionTime": " ",
    "MRTransmitCoilSequence": " ",
    "MagneticFieldStrength": 3,
    "Manufacturer": "SIEMENS ",
    "ManufacturerModelName": "TrioTim ",
    "MatrixCoilMode": " ",
    "MultibandAccelerationFactor": " ",
    "NumberOfVolumesDiscardedByScanner": " ",
    "NumberOfVolumesDiscardedByUser": 10,
    "NumberShots": " ",
    "ParallelAcquisitionTechnique": " ",
    "ParallelReductionFactorInPlane": " ",
    "PartialFourier": " ",
    "PartialFourierDirection": " ",
    "PulseSequenceDetails": " ",
    "PulseSequenceType": " ",
    "ReceiveCoilName": " ",
    "RepetitionTime": 2,
    "SliceTiming": [
      1.005,
      0,
      1.0600000000299998,
      0.057500000020000004,
      1.11500000002,
      0.11250000002,
      1.17250000002,
      0.16750000001,
      1.2275000000099998,
      0.22500000001,
      1.2825,
      0.28000000003000003,
      1.3400000000299999,
      0.33500000002,
      1.39500000002,
      0.39000000001,
      1.45000000001,
      0.44750000001,
      1.5075000000099998,
      0.5025,
      1.5625,
      0.55750000002,
      1.61750000002,
      0.61500000002,
      1.67250000002,
      0.67000000001,
      1.73000000001,
      0.72500000001,
      1.785,
      0.7825,
      1.8400000000299999,
      0.83750000002,
      1.89750000002,
      0.89250000002,
      1.95250000001,
      0.95000000001
    ],
    "SoftwareVersions": "syngo MR B17",
    "TaskDescription": " ",
    "TaskName": "ep2d_bold_WorkingMemory_order2",
    "TotalReadoutTime": 0.020934916260334956,
    "dataset": "ds001634",
    "modality": "bold",
    "run_id": 3,
    "subject_id": "04",
    "task_id": "WM"
  },
  "dummy_trs": 0,
  "dvars_nstd": 24.491373117312154,
  "dvars_std": 1.119371580057803,
  "dvars_vstd": 0.9986014444219653,
  "efc": 0.4509342585715645,
  "fber": 3215.468505859375,
  "fd_mean": 0.059802538402166545,
  "fd_num": 3,
  "fd_perc": 0.8645533141210374,
  "fwhm_avg": 1.7573422222222224,
  "fwhm_x": 1.6216666666666668,
  "fwhm_y": 1.8679500000000002,
  "fwhm_z": 1.7824099999999998,
  "gcor": 0.0140169,
  "gsr_x": -0.01791752316057682,
  "gsr_y": 0.021791653707623482,
  "provenance": {
    "md5sum": "492d732016804289cc69778d8ddd4615",
    "settings": {
      "fd_thres": 0.2,
      "testing": false
    },
    "software": "mriqc",
    "version": "22.0.6",
    "webapi_port": null,
    "webapi_url": "https://mriqc.nimh.nih.gov/api/v1"
  },
  "size_t": 347,
  "size_x": 80,
  "size_y": 80,
  "size_z": 36,
  "snr": 3.7983768743796533,
  "spacing_tr": 2.0,
  "spacing_x": 3.0,
  "spacing_y": 3.0,
  "spacing_z": 3.0,
  "summary_bg_k": 83.27090783914248,
  "summary_bg_mad": 6.610783478285093,
  "summary_bg_mean": 18.08224105834961,
  "summary_bg_median": 9.225996017456055,
  "summary_bg_n": 154076.0,
  "summary_bg_p05": 2.5414063930511475,
  "summary_bg_p95": 59.02537441253662,
  "summary_bg_stdv": 36.552120208740234,
  "summary_fg_k": 3.256777836902252,
  "summary_fg_mad": 106.14118409695325,
  "summary_fg_mean": 559.7786865234375,
  "summary_fg_median": 527.1552124023438,
  "summary_fg_n": 36900.0,
  "summary_fg_p05": 403.44629821777346,
  "summary_fg_p95": 836.7147491455074,
  "summary_fg_stdv": 138.78245544433594,
  "tsnr": 63.12613296508789
}