{
  "aor": 0.0003541935483870968,
  "aqi": 0.005857534310850439,
  "bids_meta": {
    "CogAtlasID": " ",
    "CogPOID": " ",
    "CoilCombinationMethod": " ",
    "DelayTime": " ",
    "DeviceSerialNumber": "35368 ",
    "EchoTime": 0.03,
    "EffectiveEchoSpacing": 0.00026499894000423993,
    "FlipAngle": 45,
    "GradientSetType": " ",
    "InstitutionAddress": "Perth Drive 100,London,Ontario,CA,N6A 5K8",
    "InstitutionName": "Robarts-CFMM",
    "Instructions": " ",
    "InversionTime": " ",
    "MRTransmitCoilSequence": " ",
    "MagneticFieldStrength": 3,
    "Manufacturer": "SIEMENS ",
    "ManufacturerModelName": "TrioTim ",
    "MatrixCoilMode": " ",
    "MultibandAccelerationFactor": " ",
    "NumberOfVolumesDiscardedByScanner": " ",
    "NumberOfVolumesDiscardedByUser": 10,
    "NumberShots": " ",
    "ParallelAcquisitionTechnique": " ",
    "ParallelReductionFactorInPlane": " ",
    "PartialFourier": " ",
    "PartialFourierDirection": " ",
    "PulseSequenceDetails": " ",
    "PulseSequenceType": " ",
    "ReceiveCoilName": " ",
    "RepetitionTime": 2,
    "SliceTiming": [
      1.005,
      0,
      1.06,
      0.0575,
      1.1149999999900002,
      0.11249999999,
      1.17249999999,
      0.16749999998,
      1.2275000000099998,
      0.22500000001,
      1.2825,
      0.28,
      1.34,
      0.33499999999,
      1.39499999999,
      0.39249999999,
      1.44999999998,
      0.44750000001,
      1.5075000000099998,
      0.5025,
      1.5625,
      0.5575,
      1.6174999999900002,
      0.61499999999,
      1.67499999999,
      0.66999999998,
      1.72999999998,
      0.72500000001,
      1.785,
      0.7825,
      1.84,
      0.83749999999,
      1.8974999999900002,
      0.89249999999,
      1.95249999998,
      0.94999999998
    ],
    "SoftwareVersions": "syngo MR B17",
    "TaskDescription": " ",
    "TaskName": "ep2d_bold_WorkingMemory_order3",
    "TotalReadoutTime": 0.020934916260334956,
    "dataset": "ds001634",
    "modality": "bold",
    "run_id": 3,
    "subject_id": "16",
    "task_id": "WM"
  },
  "dummy_trs": 0,
  "dvars_nstd": 23.743831943294126,
  "dvars_std": 1.1190513761764707,
  "dvars_vstd": 0.9976056952647059,
  "efc": 0.4376046818580119,
  "fber": 3559.958251953125,
  "fd_mean": 0.08380465163841559,
  "fd_num": 2,
  "fd_perc": 0.5865102639296188,
  "fwhm_avg": 1.661501111111111,
  "fwhm_x": 1.5209266666666668,
  "fwhm_y": 1.7861500000000001,
  "fwhm_z": 1.6774266666666666,
  "gcor": 0.0270211,
  "gsr_x": -0.012755787931382656,
  "gsr_y": 0.02169254794716835,
  "provenance": {
    "md5sum": "3886ef204963b0f55405b8c5c3415f92",
    "settings": {
      "fd_thres": 0.2,
      "testing": false
    },
    "software": "mriqc",
    "version": "22.0.6",
    "webapi_port": null,
    "webapi_url": "https://mriqc.nimh.nih.gov/api/v1"
  },
  "size_t": 341,
  "size_x": 80,
  "size_y": 80,
  "size_z": 36,
  "snr": 4.73746455522267,
  "spacing_tr": 2.0,
  "spacing_x": 3.0,
  "spacing_y": 3.0,
  "spacing_z": 3.0,
  "summary_bg_k": 100.14424837316749,
  "summary_bg_mad": 4.964751235318414,
  "summary_bg_mean": 17.254060745239258,
  "summary_bg_median": 8.07824420928955,
  "summary_bg_n": 158955.0,
  "summary_bg_p05": 2.839820408821106,
  "summary_bg_p95": 48.78921966552722,
  "summary_bg_stdv": 43.73908996582031,
  "summary_fg_k": 6.980386698471159,
  "summary_fg_mad": 87.84911319822136,
  "summary_fg_mean": 498.3569641113281,
  "summary_fg_median": 484.3397521972656,
  "summary_fg_n": 32211.0,
  "summary_fg_p05": 370.83518981933594,
  "summary_fg_p95": 656.3170776367188,
  "summary_fg_stdv": 102.23448181152344,
  "tsnr": 67.1912612915039
}