{
  "bids_meta": {
    "AnatomicalLandmarkCoordinates": " ",
    "CoilCombinationMethod": " ",
    "ContrastBolusIngredient": " ",
    "DeviceSerialNumber": "35368 ",
    "DwellTime": " ",
    "EchoTime": 0.00298,
    "EchoTrainLength": 1,
    "FlipAngle": 9,
    "GradientSetType": " ",
    "HardcopyDeviceSoftwareVersion": "",
    "InstitutionAddress": "Perth Drive 100,London,Ontario,CA,N6A 5K8",
    "InstitutionName": "Robarts-CFMM",
    "InstitutionalDepartmentName": "CFMM",
    "InversionTime": 900,
    "MagneticFieldStrength": 3,
    "Manufacturer": "SIEMENS ",
    "ManufacturersModelName": " ",
    "MatrixCoilMode": " ",
    "MultibandAccelerationFactor": " ",
    "NonlinearGradientCorrection": " ",
    "NumberShots": " ",
    "ParallelAcquisitionTechnique": " ",
    "ParallelReductionFactorInPlane": " ",
    "PartialFourier": " ",
    "PartialFourierDirection": " ",
    "PulseSequenceDetails": " ",
    "PulseSequenceType": "MPRAGE ADNI iPAT2 ",
    "ReceiveCoilActiveElements": " ",
    "ReceiveCoilName": " ",
    "ScanOptions": "IR",
    "ScanningSequence": "GR\\IR ",
    "SequenceName": "*tfl3d1_ns",
    "SequenceVariant": "SP\\MP ",
    "SliceEncodingDirection": " ",
    "SoftwareVersions": "syngo MR B17",
    "StationName": "MRC35368",
    "WaterFatShift": " ",
    "dataset": "ds001634",
    "modality": "T1w",
    "subject_id": "11"
  },
  "cjv": 0.31681674667251636,
  "cnr": 4.171683356533796,
  "efc": 0.5036437190535548,
  "fber": 3335.3906330707646,
  "fwhm_avg": 3.821426666666667,
  "fwhm_x": 3.97177,
  "fwhm_y": 3.86676,
  "fwhm_z": 3.62575,
  "icvs_csf": 0.23542933962823084,
  "icvs_gm": 0.44897280225999386,
  "icvs_wm": 0.3155978581117753,
  "inu_med": 0.5304796695709229,
  "inu_range": 0.17689376026391984,
  "provenance": {
    "md5sum": "7e9ae5d693a4a15a3e3ee2dfb188b23d",
    "settings": {
      "testing": false
    },
    "software": "mriqc",
    "version": "22.0.6",
    "warnings": {
      "large_rot_frame": true,
      "small_air_mask": false
    },
    "webapi_port": null,
    "webapi_url": "https://mriqc.nimh.nih.gov/api/v1"
  },
  "qi_1": 0.00014722008577289857,
  "qi_2": 0.010565155257014059,
  "rpve_csf": 26.644313994538674,
  "rpve_gm": 14.31456371433304,
  "rpve_wm": 22.62305449721575,
  "size_x": 192,
  "size_y": 240,
  "size_z": 256,
  "snr_csf": 2.5953709728235426,
  "snr_gm": 10.50578050947879,
  "snr_total": 12.339370789627068,
  "snr_wm": 23.916960886578874,
  "snrd_csf": 17.774792936301086,
  "snrd_gm": 48.845399357558875,
  "snrd_total": 46.25116952382566,
  "snrd_wm": 72.13331627761701,
  "spacing_x": 1.0,
  "spacing_y": 1.0,
  "spacing_z": 1.0,
  "summary_bg_k": 1.982032804405411,
  "summary_bg_mad": 9.082299358985058,
  "summary_bg_mean": 8.944925377081736,
  "summary_bg_median": 6.125917825847864,
  "summary_bg_n": 3408455.0,
  "summary_bg_p05": 0.0,
  "summary_bg_p95": 27.518520914018154,
  "summary_bg_stdv": 9.307487909142848,
  "summary_csf_k": 1.8250748413828584,
  "summary_csf_mad": 79.55333417582199,
  "summary_csf_mean": 255.6897184367898,
  "summary_csf_median": 246.4158463664353,
  "summary_csf_n": 46725.0,
  "summary_csf_p05": 116.23848892375828,
  "summary_csf_p95": 432.39999447390426,
  "summary_csf_stdv": 94.94334800645463,
  "summary_gm_k": 0.13823639062198279,
  "summary_gm_mad": 63.290787679628856,
  "summary_gm_mean": 678.7639265262953,
  "summary_gm_median": 677.1544662676752,
  "summary_gm_n": 30993.0,
  "summary_gm_p05": 573.995292995125,
  "summary_gm_p95": 785.2721049636602,
  "summary_gm_stdv": 64.45437740257324,
  "summary_wm_k": 0.6052566077355745,
  "summary_wm_mad": 38.992070546427996,
  "summary_wm_mean": 999.8364406127876,
  "summary_wm_median": 999.999957550317,
  "summary_wm_n": 151127.0,
  "summary_wm_p05": 931.6622972805053,
  "summary_wm_p95": 1068.3793125487864,
  "summary_wm_stdv": 41.81119222511606,
  "tpm_overlap_csf": 0.14960873586904214,
  "tpm_overlap_gm": 0.47005121567318187,
  "tpm_overlap_wm": 0.5009873304590001,
  "wm2max": 0.5586633219853073
}