{
  "aor": 0.0002591445427728614,
  "aqi": 0.005326288230088495,
  "bids_meta": {
    "CogAtlasID": " ",
    "CogPOID": " ",
    "CoilCombinationMethod": " ",
    "DelayTime": " ",
    "DeviceSerialNumber": "35368 ",
    "EchoTime": 0.03,
    "EffectiveEchoSpacing": 0.00026499894000423993,
    "FlipAngle": 45,
    "GradientSetType": " ",
    "InstitutionAddress": "Perth Drive 100,London,Ontario,CA,N6A 5K8",
    "InstitutionName": "Robarts-CFMM",
    "Instructions": " ",
    "InversionTime": " ",
    "MRTransmitCoilSequence": " ",
    "MagneticFieldStrength": 3,
    "Manufacturer": "SIEMENS ",
    "ManufacturerModelName": "TrioTim ",
    "MatrixCoilMode": " ",
    "MultibandAccelerationFactor": " ",
    "NumberOfVolumesDiscardedByScanner": " ",
    "NumberOfVolumesDiscardedByUser": 10,
    "NumberShots": " ",
    "ParallelAcquisitionTechnique": " ",
    "ParallelReductionFactorInPlane": " ",
    "PartialFourier": " ",
    "PartialFourierDirection": " ",
    "PulseSequenceDetails": " ",
    "PulseSequenceType": " ",
    "ReceiveCoilName": " ",
    "RepetitionTime": 2,
    "SliceTiming": [
      1.0025,
      0,
      1.06,
      0.05499999999,
      1.1149999999900002,
      0.10999999999,
      1.16999999998,
      0.16749999998,
      1.22749999998,
      0.2225,
      1.2825,
      0.2775,
      1.3374999999900001,
      0.33499999999,
      1.39249999999,
      0.38999999998,
      1.44999999998,
      0.44499999998,
      1.505,
      0.5025,
      1.56,
      0.5575,
      1.6174999999900002,
      0.61249999999,
      1.67249999999,
      0.66999999998,
      1.72749999998,
      0.72499999998,
      1.785,
      0.78,
      1.84,
      0.83499999999,
      1.89499999999,
      0.89249999999,
      1.95249999998,
      0.94749999998
    ],
    "SoftwareVersions": "syngo MR B17",
    "TaskDescription": " ",
    "TaskName": "ep2d_bold_WorkingMemory_order2",
    "TotalReadoutTime": 0.020934916260334956,
    "dataset": "ds001634",
    "modality": "bold",
    "run_id": 2,
    "subject_id": "16",
    "task_id": "WM"
  },
  "dummy_trs": 0,
  "dvars_nstd": 23.633175042958587,
  "dvars_std": 1.1224055996449704,
  "dvars_vstd": 0.9986344923372779,
  "efc": 0.4369388064911944,
  "fber": 3592.3955078125,
  "fd_mean": 0.07650874831767632,
  "fd_num": 0,
  "fd_perc": 0.0,
  "fwhm_avg": 1.66211,
  "fwhm_x": 1.51739,
  "fwhm_y": 1.7788566666666668,
  "fwhm_z": 1.6900833333333332,
  "gcor": 0.0499942,
  "gsr_x": -0.012965100817382336,
  "gsr_y": 0.02292582392692566,
  "provenance": {
    "md5sum": "442f2434ec97083a33885682ef2d8fd8",
    "settings": {
      "fd_thres": 0.2,
      "testing": false
    },
    "software": "mriqc",
    "version": "22.0.6",
    "webapi_port": null,
    "webapi_url": "https://mriqc.nimh.nih.gov/api/v1"
  },
  "size_t": 339,
  "size_x": 80,
  "size_y": 80,
  "size_z": 36,
  "snr": 4.7282558217149155,
  "spacing_tr": 2.0,
  "spacing_x": 3.0,
  "spacing_y": 3.0,
  "spacing_z": 3.0,
  "summary_bg_k": 101.44980428107476,
  "summary_bg_mad": 4.986721425912371,
  "summary_bg_mean": 17.300113677978516,
  "summary_bg_median": 8.062952995300293,
  "summary_bg_n": 159091.0,
  "summary_bg_p05": 2.8358346223831177,
  "summary_bg_p95": 48.70463943481445,
  "summary_bg_stdv": 44.14535903930664,
  "summary_fg_k": 7.037041284701408,
  "summary_fg_mad": 88.67692356778247,
  "summary_fg_mean": 500.6623840332031,
  "summary_fg_median": 486.6255187988281,
  "summary_fg_n": 32103.0,
  "summary_fg_p05": 372.46287841796874,
  "summary_fg_p95": 660.0824035644531,
  "summary_fg_stdv": 102.91700744628906,
  "tsnr": 69.0120620727539
}