{
  "aor": 0.0002432835820895522,
  "aqi": 0.005831372626865671,
  "bids_meta": {
    "CogAtlasID": " ",
    "CogPOID": " ",
    "CoilCombinationMethod": " ",
    "DelayTime": " ",
    "DeviceSerialNumber": "35368 ",
    "EchoTime": 0.03,
    "EffectiveEchoSpacing": 0.00026499894000423993,
    "FlipAngle": 45,
    "GradientSetType": " ",
    "InstitutionAddress": "Perth Drive 100,London,Ontario,CA,N6A 5K8",
    "InstitutionName": "Robarts-CFMM",
    "Instructions": " ",
    "InversionTime": " ",
    "MRTransmitCoilSequence": " ",
    "MagneticFieldStrength": 3,
    "Manufacturer": "SIEMENS ",
    "ManufacturerModelName": "TrioTim ",
    "MatrixCoilMode": " ",
    "MultibandAccelerationFactor": " ",
    "NumberOfVolumesDiscardedByScanner": " ",
    "NumberOfVolumesDiscardedByUser": 10,
    "NumberShots": " ",
    "ParallelAcquisitionTechnique": " ",
    "ParallelReductionFactorInPlane": " ",
    "PartialFourier": " ",
    "PartialFourierDirection": " ",
    "PulseSequenceDetails": " ",
    "PulseSequenceType": " ",
    "ReceiveCoilName": " ",
    "RepetitionTime": 2,
    "SliceTiming": [
      1.0025,
      0,
      1.0575,
      0.05499999999,
      1.1149999999900002,
      0.10999999999,
      1.16999999998,
      0.16750000001,
      1.2250000000099999,
      0.2225,
      1.2825,
      0.2775,
      1.3374999999900001,
      0.33249999999,
      1.39249999999,
      0.38999999998,
      1.44999999998,
      0.44500000001,
      1.505,
      0.5,
      1.56,
      0.5575,
      1.6174999999900002,
      0.61249999999,
      1.67249999999,
      0.66750000001,
      1.7275000000099998,
      0.72500000001,
      1.7825,
      0.78,
      1.84,
      0.83499999999,
      1.89499999999,
      0.89249999999,
      1.94999999998,
      0.94750000001
    ],
    "SoftwareVersions": "syngo MR B17",
    "TaskDescription": " ",
    "TaskName": "ep2d_bold_WorkingMemory_order1",
    "TotalReadoutTime": 0.020934916260334956,
    "dataset": "ds001634",
    "modality": "bold",
    "run_id": 1,
    "subject_id": "16",
    "task_id": "WM"
  },
  "dummy_trs": 0,
  "dvars_nstd": 23.39324742712575,
  "dvars_std": 1.1089194563473048,
  "dvars_vstd": 0.9957227869161688,
  "efc": 0.43598133002807615,
  "fber": 3629.159912109375,
  "fd_mean": 0.06690600185328423,
  "fd_num": 0,
  "fd_perc": 0.0,
  "fwhm_avg": 1.663961111111111,
  "fwhm_x": 1.5223333333333333,
  "fwhm_y": 1.78132,
  "fwhm_z": 1.68823,
  "gcor": 0.0205026,
  "gsr_x": -0.012424390763044357,
  "gsr_y": 0.022849567234516144,
  "provenance": {
    "md5sum": "d8e0ceabb197fc5332603ad802e20fa5",
    "settings": {
      "fd_thres": 0.2,
      "testing": false
    },
    "software": "mriqc",
    "version": "22.0.6",
    "webapi_port": null,
    "webapi_url": "https://mriqc.nimh.nih.gov/api/v1"
  },
  "size_t": 335,
  "size_x": 80,
  "size_y": 80,
  "size_z": 36,
  "snr": 4.71002168871095,
  "spacing_tr": 2.0,
  "spacing_x": 3.0,
  "spacing_y": 3.0,
  "spacing_z": 3.0,
  "summary_bg_k": 103.0299116414466,
  "summary_bg_mad": 4.985311041054279,
  "summary_bg_mean": 17.262046813964844,
  "summary_bg_median": 8.0722017288208,
  "summary_bg_n": 159199.0,
  "summary_bg_p05": 2.849271464347839,
  "summary_bg_p95": 47.54775543212894,
  "summary_bg_stdv": 44.366329193115234,
  "summary_fg_k": 6.889894528375203,
  "summary_fg_mad": 89.932800941411,
  "summary_fg_mean": 503.25506591796875,
  "summary_fg_median": 489.1421203613281,
  "summary_fg_n": 32042.0,
  "summary_fg_p05": 374.5608413696289,
  "summary_fg_p95": 664.539593505859,
  "summary_fg_stdv": 103.8497314453125,
  "tsnr": 65.96403503417969
}