{
  "aor": 0.001590344827586207,
  "aqi": 0.006415123649425287,
  "bids_meta": {
    "CogAtlasID": " ",
    "CogPOID": " ",
    "CoilCombinationMethod": " ",
    "DelayTime": " ",
    "DeviceSerialNumber": "35368 ",
    "EchoTime": 0.03,
    "EffectiveEchoSpacing": 0.00026499894000423993,
    "FlipAngle": 70,
    "GradientSetType": " ",
    "InstitutionAddress": "Perth Drive 100,London,Ontario,CA,N6A 5K8",
    "InstitutionName": "Robarts-CFMM",
    "Instructions": " ",
    "InversionTime": " ",
    "MRTransmitCoilSequence": " ",
    "MagneticFieldStrength": 3,
    "Manufacturer": "SIEMENS ",
    "ManufacturerModelName": "TrioTim ",
    "MatrixCoilMode": " ",
    "MultibandAccelerationFactor": " ",
    "NumberOfVolumesDiscardedByScanner": " ",
    "NumberOfVolumesDiscardedByUser": 10,
    "NumberShots": " ",
    "ParallelAcquisitionTechnique": " ",
    "ParallelReductionFactorInPlane": " ",
    "PartialFourier": " ",
    "PartialFourierDirection": " ",
    "PulseSequenceDetails": " ",
    "PulseSequenceType": " ",
    "ReceiveCoilName": " ",
    "RepetitionTime": 2,
    "SliceTiming": [
      1.005,
      0,
      1.06,
      0.0575,
      1.1149999999900002,
      0.11250000002,
      1.17250000002,
      0.16750000001,
      1.2275000000099998,
      0.22500000001,
      1.2825,
      0.28,
      1.34,
      0.33499999999,
      1.39499999999,
      0.39250000002,
      1.45000000001,
      0.44750000001,
      1.5075000000099998,
      0.5025,
      1.5625,
      0.5575,
      1.6174999999900002,
      0.61499999999,
      1.67500000002,
      0.67000000001,
      1.73000000001,
      0.72500000001,
      1.785,
      0.7825,
      1.84,
      0.83749999999,
      1.8974999999900002,
      0.89250000002,
      1.95250000001,
      0.95000000001
    ],
    "SoftwareVersions": "syngo MR B17",
    "TaskDescription": " ",
    "TaskName": "ep2d_bold_WorkingMemory_Order3",
    "TotalReadoutTime": 0.020934916260334956,
    "dataset": "ds001634",
    "modality": "bold",
    "run_id": 3,
    "subject_id": "02",
    "task_id": "WM"
  },
  "dummy_trs": 0,
  "dvars_nstd": 22.122953458731985,
  "dvars_std": 1.1422177901152724,
  "dvars_vstd": 1.0101390722190207,
  "efc": 0.45631485283627654,
  "fber": 5504.5078125,
  "fd_mean": 0.06689709041249042,
  "fd_num": 9,
  "fd_perc": 2.586206896551724,
  "fwhm_avg": 1.5813855555555554,
  "fwhm_x": 1.5475233333333334,
  "fwhm_y": 1.6404133333333333,
  "fwhm_z": 1.55622,
  "gcor": 0.0284405,
  "gsr_x": -0.005349206738173962,
  "gsr_y": 0.004473170731216669,
  "provenance": {
    "md5sum": "6d1669de19b08451e7566ea27008c44e",
    "settings": {
      "fd_thres": 0.2,
      "testing": false
    },
    "software": "mriqc",
    "version": "22.0.6",
    "webapi_port": null,
    "webapi_url": "https://mriqc.nimh.nih.gov/api/v1"
  },
  "size_t": 348,
  "size_x": 80,
  "size_y": 80,
  "size_z": 36,
  "snr": 6.726484720048887,
  "spacing_tr": 2.0,
  "spacing_x": 3.0,
  "spacing_y": 3.0,
  "spacing_z": 3.0,
  "summary_bg_k": 39.51148449946171,
  "summary_bg_mad": 3.56454235699891,
  "summary_bg_mean": 12.648459434509277,
  "summary_bg_median": 6.027145862579346,
  "summary_bg_n": 153054.0,
  "summary_bg_p05": 2.745730423927307,
  "summary_bg_p95": 44.713918113708516,
  "summary_bg_stdv": 20.58955955505371,
  "summary_fg_k": 2.3478604596540666,
  "summary_fg_mad": 63.503792085646424,
  "summary_fg_mean": 456.1236267089844,
  "summary_fg_median": 451.24658203125,
  "summary_fg_n": 36326.0,
  "summary_fg_p05": 361.50179290771484,
  "summary_fg_p95": 564.85595703125,
  "summary_fg_stdv": 67.0841293334961,
  "tsnr": 70.17478942871094
}