{
  "aor": 0.0012687724550898203,
  "aqi": 0.006543480538922155,
  "bids_meta": {
    "CogAtlasID": " ",
    "CogPOID": " ",
    "CoilCombinationMethod": " ",
    "DelayTime": " ",
    "DeviceSerialNumber": "35368 ",
    "EchoTime": 0.03,
    "EffectiveEchoSpacing": 0.00026499894000423993,
    "FlipAngle": 70,
    "GradientSetType": " ",
    "InstitutionAddress": "Perth Drive 100,London,Ontario,CA,N6A 5K8",
    "InstitutionName": "Robarts-CFMM",
    "Instructions": " ",
    "InversionTime": " ",
    "MRTransmitCoilSequence": " ",
    "MagneticFieldStrength": 3,
    "Manufacturer": "SIEMENS ",
    "ManufacturerModelName": "TrioTim ",
    "MatrixCoilMode": " ",
    "MultibandAccelerationFactor": " ",
    "NumberOfVolumesDiscardedByScanner": " ",
    "NumberOfVolumesDiscardedByUser": 10,
    "NumberShots": " ",
    "ParallelAcquisitionTechnique": " ",
    "ParallelReductionFactorInPlane": " ",
    "PartialFourier": " ",
    "PartialFourierDirection": " ",
    "PulseSequenceDetails": " ",
    "PulseSequenceType": " ",
    "ReceiveCoilName": " ",
    "RepetitionTime": 2,
    "SliceTiming": [
      1.0025,
      0,
      1.06,
      0.05499999999,
      1.1149999999900002,
      0.11250000002,
      1.17000000001,
      0.16750000001,
      1.2275000000099998,
      0.2225,
      1.2825,
      0.2775,
      1.3374999999900001,
      0.33499999999,
      1.39499999999,
      0.39000000001,
      1.45000000001,
      0.44500000001,
      1.505,
      0.5025,
      1.56,
      0.5575,
      1.6174999999900002,
      0.61250000002,
      1.67250000002,
      0.67000000001,
      1.7275000000099998,
      0.72500000001,
      1.785,
      0.78,
      1.84,
      0.83749999999,
      1.89499999999,
      0.89250000002,
      1.95250000001,
      0.94750000001
    ],
    "SoftwareVersions": "syngo MR B17",
    "TaskDescription": " ",
    "TaskName": "ep2d_bold_WorkingMemory_Order1",
    "TotalReadoutTime": 0.020934916260334956,
    "dataset": "ds001634",
    "modality": "bold",
    "run_id": 1,
    "subject_id": "02",
    "task_id": "WM"
  },
  "dummy_trs": 0,
  "dvars_nstd": 21.45129676318319,
  "dvars_std": 1.1258865486486485,
  "dvars_vstd": 1.0079763029729727,
  "efc": 0.4532760884805619,
  "fber": 5649.59033203125,
  "fd_mean": 0.05793175873748693,
  "fd_num": 12,
  "fd_perc": 3.592814371257485,
  "fwhm_avg": 1.5819277777777778,
  "fwhm_x": 1.5180166666666668,
  "fwhm_y": 1.6235,
  "fwhm_z": 1.6042666666666667,
  "gcor": 0.0201203,
  "gsr_x": -0.004757559392601252,
  "gsr_y": 0.004315194208174944,
  "provenance": {
    "md5sum": "5794c1f68f006f39f8acd52b15e30a5e",
    "settings": {
      "fd_thres": 0.2,
      "testing": false
    },
    "software": "mriqc",
    "version": "22.0.6",
    "webapi_port": null,
    "webapi_url": "https://mriqc.nimh.nih.gov/api/v1"
  },
  "size_t": 334,
  "size_x": 80,
  "size_y": 80,
  "size_z": 36,
  "snr": 6.7371736165402165,
  "spacing_tr": 2.0,
  "spacing_x": 3.0,
  "spacing_y": 3.0,
  "spacing_z": 3.0,
  "summary_bg_k": 42.39839395311425,
  "summary_bg_mad": 3.4148333623715628,
  "summary_bg_mean": 12.285943031311035,
  "summary_bg_median": 5.970484733581543,
  "summary_bg_n": 153418.0,
  "summary_bg_p05": 2.7924394607543945,
  "summary_bg_p95": 42.61996116638182,
  "summary_bg_stdv": 20.150657653808594,
  "summary_fg_k": 2.5127400787217304,
  "summary_fg_mad": 63.81157411663349,
  "summary_fg_mean": 459.13763427734375,
  "summary_fg_median": 454.5538024902344,
  "summary_fg_n": 36063.0,
  "summary_fg_p05": 363.6597412109375,
  "summary_fg_p95": 566.7926330566407,
  "summary_fg_stdv": 67.46857452392578,
  "tsnr": 68.64472198486328
}