{
  "aor": 0.0020284883720930232,
  "aqi": 0.008025382470930232,
  "bids_meta": {
    "CogAtlasID": " ",
    "CogPOID": " ",
    "CoilCombinationMethod": " ",
    "DelayTime": " ",
    "DeviceSerialNumber": "35368 ",
    "EchoTime": 0.03,
    "EffectiveEchoSpacing": 0.00026499894000423993,
    "FlipAngle": 70,
    "GradientSetType": " ",
    "InstitutionAddress": "Perth Drive 100,London,Ontario,CA,N6A 5K8",
    "InstitutionName": "Robarts-CFMM",
    "Instructions": " ",
    "InversionTime": " ",
    "MRTransmitCoilSequence": " ",
    "MagneticFieldStrength": 3,
    "Manufacturer": "SIEMENS ",
    "ManufacturerModelName": "TrioTim ",
    "MatrixCoilMode": " ",
    "MultibandAccelerationFactor": " ",
    "NumberOfVolumesDiscardedByScanner": " ",
    "NumberOfVolumesDiscardedByUser": 10,
    "NumberShots": " ",
    "ParallelAcquisitionTechnique": " ",
    "ParallelReductionFactorInPlane": " ",
    "PartialFourier": " ",
    "PartialFourierDirection": " ",
    "PulseSequenceDetails": " ",
    "PulseSequenceType": " ",
    "ReceiveCoilName": " ",
    "RepetitionTime": 2,
    "SliceTiming": [
      1.00249999997,
      0,
      1.0575,
      0.05499999999,
      1.1149999999900002,
      0.10999999999,
      1.16999999998,
      0.16749999998,
      1.22499999998,
      0.22249999997,
      1.2824999999700002,
      0.2775,
      1.3374999999900001,
      0.33499999999,
      1.39249999999,
      0.38999999998,
      1.44999999998,
      0.44499999998,
      1.50499999998,
      0.5,
      1.56,
      0.5575,
      1.6174999999900002,
      0.61249999999,
      1.67249999999,
      0.66749999998,
      1.72749999998,
      0.72499999998,
      1.7824999999700002,
      0.78,
      1.84,
      0.83499999999,
      1.89499999999,
      0.89249999999,
      1.94999999998,
      0.94749999998
    ],
    "SoftwareVersions": "syngo MR B17",
    "TaskDescription": " ",
    "TaskName": "ep2d_bold_WorkingMemory_Order2",
    "TotalReadoutTime": 0.020934916260334956,
    "dataset": "ds001634",
    "modality": "bold",
    "run_id": 2,
    "subject_id": "02",
    "task_id": "WM"
  },
  "dummy_trs": 0,
  "dvars_nstd": 21.97100437489796,
  "dvars_std": 1.1067200402332364,
  "dvars_vstd": 0.9994978842274052,
  "efc": 0.45411480721509767,
  "fber": 5580.171875,
  "fd_mean": 0.06681448835985507,
  "fd_num": 12,
  "fd_perc": 3.488372093023256,
  "fwhm_avg": 1.5910833333333334,
  "fwhm_x": 1.5234233333333334,
  "fwhm_y": 1.6321166666666667,
  "fwhm_z": 1.61771,
  "gcor": 0.0280857,
  "gsr_x": -0.004883304703980684,
  "gsr_y": 0.0046387300826609135,
  "provenance": {
    "md5sum": "b678de8613aa751fc8b81d340fc8ab39",
    "settings": {
      "fd_thres": 0.2,
      "testing": false
    },
    "software": "mriqc",
    "version": "22.0.6",
    "webapi_port": null,
    "webapi_url": "https://mriqc.nimh.nih.gov/api/v1"
  },
  "size_t": 344,
  "size_x": 80,
  "size_y": 80,
  "size_z": 36,
  "snr": 6.736751419444724,
  "spacing_tr": 2.0,
  "spacing_x": 3.0,
  "spacing_y": 3.0,
  "spacing_z": 3.0,
  "summary_bg_k": 40.96156527132695,
  "summary_bg_mad": 3.4913769634557617,
  "summary_bg_mean": 12.408662796020508,
  "summary_bg_median": 5.997742176055908,
  "summary_bg_n": 153443.0,
  "summary_bg_p05": 2.746588635444641,
  "summary_bg_p95": 43.5161766052246,
  "summary_bg_stdv": 20.257099151611328,
  "summary_fg_k": 2.480126400883301,
  "summary_fg_mad": 63.424816189271866,
  "summary_fg_mean": 457.78814697265625,
  "summary_fg_median": 452.6346435546875,
  "summary_fg_n": 36042.0,
  "summary_fg_p05": 362.5343536376953,
  "summary_fg_p95": 564.8911376953122,
  "summary_fg_stdv": 67.18792724609375,
  "tsnr": 64.52596282958984
}