{
  "aor": 0.0032404857142857148,
  "aqi": 0.01674713734285714,
  "bids_meta": {
    "CogAtlasID": " ",
    "CogPOID": " ",
    "CoilCombinationMethod": " ",
    "DelayTime": " ",
    "DeviceSerialNumber": "35368 ",
    "EchoTime": 0.03,
    "EffectiveEchoSpacing": 0.00026499894000423993,
    "FlipAngle": 45,
    "GradientSetType": " ",
    "InstitutionAddress": "Perth Drive 100,London,Ontario,CA,N6A 5K8",
    "InstitutionName": "Robarts-CFMM",
    "Instructions": " ",
    "InversionTime": " ",
    "MRTransmitCoilSequence": " ",
    "MagneticFieldStrength": 3,
    "Manufacturer": "SIEMENS ",
    "ManufacturerModelName": "TrioTim ",
    "MatrixCoilMode": " ",
    "MultibandAccelerationFactor": " ",
    "NumberOfVolumesDiscardedByScanner": " ",
    "NumberOfVolumesDiscardedByUser": 10,
    "NumberShots": " ",
    "ParallelAcquisitionTechnique": " ",
    "ParallelReductionFactorInPlane": " ",
    "PartialFourier": " ",
    "PartialFourierDirection": " ",
    "PulseSequenceDetails": " ",
    "PulseSequenceType": " ",
    "ReceiveCoilName": " ",
    "RepetitionTime": 2,
    "SliceTiming": [
      1.0025,
      0,
      1.06,
      0.05499999999,
      1.11500000001,
      0.1125,
      1.17,
      0.1675,
      1.22749999999,
      0.2225,
      1.2825,
      0.28,
      1.3374999999900001,
      0.33499999999,
      1.395,
      0.39,
      1.45,
      0.44499999999,
      1.505,
      0.5025,
      1.5625,
      0.5575,
      1.6174999999900002,
      0.6125,
      1.6725,
      0.67,
      1.72749999999,
      0.72499999999,
      1.785,
      0.78,
      1.84,
      0.83749999999,
      1.895,
      0.8925,
      1.9525,
      0.94749999999
    ],
    "SoftwareVersions": "syngo MR B17",
    "TaskDescription": " ",
    "TaskName": "ep2d_bold_WorkingMemory_Order2",
    "TotalReadoutTime": 0.020934916260334956,
    "dataset": "ds001634",
    "modality": "bold",
    "run_id": 2,
    "subject_id": "17",
    "task_id": "WM"
  },
  "dummy_trs": 0,
  "dvars_nstd": 29.548437014699115,
  "dvars_std": 0.9798968533237821,
  "dvars_vstd": 0.9493260059312316,
  "efc": 0.4645978233750742,
  "fber": 3843.93701171875,
  "fd_mean": 0.25996471935602355,
  "fd_num": 96,
  "fd_perc": 27.428571428571427,
  "fwhm_avg": 1.689862266407723,
  "fwhm_x": 1.5993766666666664,
  "fwhm_y": 1.8022633333333333,
  "fwhm_z": 1.6679467992231687,
  "gcor": 0.031355,
  "gsr_x": 0.00020610485807992518,
  "gsr_y": 0.015467398799955845,
  "provenance": {
    "md5sum": "a57286899d37a43dcb301db9d3d39437",
    "settings": {
      "fd_thres": 0.2,
      "testing": false
    },
    "software": "mriqc",
    "version": "22.0.6",
    "webapi_port": null,
    "webapi_url": "https://mriqc.nimh.nih.gov/api/v1"
  },
  "size_t": 350,
  "size_x": 80,
  "size_y": 80,
  "size_z": 36,
  "snr": 4.45214965330325,
  "spacing_tr": 2.0,
  "spacing_x": 3.0,
  "spacing_y": 3.0,
  "spacing_z": 2.999999761581421,
  "summary_bg_k": 32.16029019604425,
  "summary_bg_mad": 3.768961205363421,
  "summary_bg_mean": 15.228955268859863,
  "summary_bg_median": 6.61860466003418,
  "summary_bg_n": 152844.0,
  "summary_bg_p05": 2.624450421333313,
  "summary_bg_p95": 60.61475448608401,
  "summary_bg_stdv": 28.14202880859375,
  "summary_fg_k": 3.734175554392344,
  "summary_fg_mad": 80.4254241844419,
  "summary_fg_mean": 429.3917236328125,
  "summary_fg_median": 415.68280029296875,
  "summary_fg_n": 37237.0,
  "summary_fg_p05": 308.8959533691406,
  "summary_fg_p95": 590.1007202148437,
  "summary_fg_stdv": 93.36550903320312,
  "tsnr": 36.83811950683594
}