{
  "aor": 0.002788157894736842,
  "aqi": 0.01241248842105263,
  "bids_meta": {
    "CogAtlasID": " ",
    "CogPOID": " ",
    "CoilCombinationMethod": " ",
    "DelayTime": " ",
    "DeviceSerialNumber": "35368 ",
    "EchoTime": 0.03,
    "EffectiveEchoSpacing": 0.00026499894000423993,
    "FlipAngle": 45,
    "GradientSetType": " ",
    "InstitutionAddress": "Perth Drive 100,London,Ontario,CA,N6A 5K8",
    "InstitutionName": "Robarts-CFMM",
    "Instructions": " ",
    "InversionTime": " ",
    "MRTransmitCoilSequence": " ",
    "MagneticFieldStrength": 3,
    "Manufacturer": "SIEMENS ",
    "ManufacturerModelName": "TrioTim ",
    "MatrixCoilMode": " ",
    "MultibandAccelerationFactor": " ",
    "NumberOfVolumesDiscardedByScanner": " ",
    "NumberOfVolumesDiscardedByUser": 10,
    "NumberShots": " ",
    "ParallelAcquisitionTechnique": " ",
    "ParallelReductionFactorInPlane": " ",
    "PartialFourier": " ",
    "PartialFourierDirection": " ",
    "PulseSequenceDetails": " ",
    "PulseSequenceType": " ",
    "ReceiveCoilName": " ",
    "RepetitionTime": 2,
    "SliceTiming": [
      1.0025,
      0,
      1.06,
      0.05500000001,
      1.11500000001,
      0.11,
      1.17,
      0.1675,
      1.2250000000099999,
      0.2225,
      1.2825,
      0.2775,
      1.3374999999900001,
      0.33500000001,
      1.3925,
      0.39,
      1.45,
      0.44500000001,
      1.505,
      0.5,
      1.56,
      0.5575,
      1.61750000001,
      0.6125,
      1.6725,
      0.6675,
      1.72749999999,
      0.72500000001,
      1.785,
      0.78,
      1.84,
      0.83500000001,
      1.895,
      0.8925,
      1.95,
      0.94749999999
    ],
    "SoftwareVersions": "syngo MR B17",
    "TaskDescription": " ",
    "TaskName": "ep2d_bold_WorkingMemory_Order1",
    "TotalReadoutTime": 0.020934916260334956,
    "dataset": "ds001634",
    "modality": "bold",
    "run_id": 1,
    "subject_id": "17",
    "task_id": "WM"
  },
  "dummy_trs": 2,
  "dvars_nstd": 26.52951380351906,
  "dvars_std": 0.985671955131965,
  "dvars_vstd": 0.9555143717888565,
  "efc": 0.4656673020109346,
  "fber": 3761.907470703125,
  "fd_mean": 0.16340291811835211,
  "fd_num": 59,
  "fd_perc": 17.251461988304094,
  "fwhm_avg": 1.6923278228660903,
  "fwhm_x": 1.59164,
  "fwhm_y": 1.7833166666666667,
  "fwhm_z": 1.702026801931604,
  "gcor": 0.0207847,
  "gsr_x": -0.00024078652495518327,
  "gsr_y": 0.014952708967030048,
  "provenance": {
    "md5sum": "26ee6e7d706215d9d55bdf97c6950447",
    "settings": {
      "fd_thres": 0.2,
      "testing": false
    },
    "software": "mriqc",
    "version": "22.0.6",
    "webapi_port": null,
    "webapi_url": "https://mriqc.nimh.nih.gov/api/v1"
  },
  "size_t": 342,
  "size_x": 80,
  "size_y": 80,
  "size_z": 36,
  "snr": 4.435556906532683,
  "spacing_tr": 2.0,
  "spacing_x": 3.0,
  "spacing_y": 3.0,
  "spacing_z": 2.999999761581421,
  "summary_bg_k": 32.65875485969999,
  "summary_bg_mad": 3.844627822780219,
  "summary_bg_mean": 15.159907341003418,
  "summary_bg_median": 6.7227654457092285,
  "summary_bg_n": 152451.0,
  "summary_bg_p05": 2.640984535217285,
  "summary_bg_p95": 59.4180965423584,
  "summary_bg_stdv": 27.99267578125,
  "summary_fg_k": 3.699668963939244,
  "summary_fg_mad": 81.01040233639073,
  "summary_fg_mean": 432.2125244140625,
  "summary_fg_median": 418.5624694824219,
  "summary_fg_n": 37475.0,
  "summary_fg_p05": 311.03363342285155,
  "summary_fg_p95": 593.269641113281,
  "summary_fg_stdv": 94.36399841308594,
  "tsnr": 43.238739013671875
}