{
  "bids_meta": {
    "AnatomicalLandmarkCoordinates": " ",
    "CoilCombinationMethod": " ",
    "ContrastBolusIngredient": " ",
    "DeviceSerialNumber": "35368 ",
    "DwellTime": " ",
    "EchoTime": 0.00298,
    "EchoTrainLength": 1,
    "FlipAngle": 9,
    "GradientSetType": " ",
    "HardcopyDeviceSoftwareVersion": "",
    "InstitutionAddress": "Perth Drive 100,London//709CAB//,Ontario,CA,N6A 5K8",
    "InstitutionName": "Robarts-CFMM",
    "InstitutionalDepartmentName": "CFMM",
    "InversionTime": 900,
    "MagneticFieldStrength": 3,
    "Manufacturer": "SIEMENS ",
    "ManufacturersModelName": " ",
    "MatrixCoilMode": " ",
    "MultibandAccelerationFactor": " ",
    "NonlinearGradientCorrection": " ",
    "NumberShots": " ",
    "ParallelAcquisitionTechnique": " ",
    "ParallelReductionFactorInPlane": " ",
    "PartialFourier": " ",
    "PartialFourierDirection": " ",
    "PulseSequenceDetails": " ",
    "PulseSequenceType": "MPRAGE ADNI iPAT2 ",
    "ReceiveCoilActiveElements": " ",
    "ReceiveCoilName": " ",
    "ScanOptions": "IR",
    "ScanningSequence": "GR\\IR ",
    "SequenceName": "*tfl3d1_ns",
    "SequenceVariant": "SP\\MP\\OSP ",
    "SliceEncodingDirection": " ",
    "SoftwareVersions": "syngo MR B17",
    "StationName": "MRC35368",
    "WaterFatShift": " ",
    "dataset": "ds001634",
    "modality": "T1w",
    "subject_id": "10"
  },
  "cjv": 0.3273308076915737,
  "cnr": 3.9436997163503,
  "efc": 0.5613855632293797,
  "fber": 4059.0390532871975,
  "fwhm_avg": 3.6945566666666667,
  "fwhm_x": 3.75545,
  "fwhm_y": 3.84489,
  "fwhm_z": 3.48333,
  "icvs_csf": 0.16666399480060815,
  "icvs_gm": 0.4746174926202048,
  "icvs_wm": 0.3587185125791871,
  "inu_med": 0.50537109375,
  "inu_range": 0.1786620855331421,
  "provenance": {
    "md5sum": "ea80cfc8ce43714669fbc201eaea159e",
    "settings": {
      "testing": false
    },
    "software": "mriqc",
    "version": "22.0.6",
    "warnings": {
      "large_rot_frame": true,
      "small_air_mask": false
    },
    "webapi_port": null,
    "webapi_url": "https://mriqc.nimh.nih.gov/api/v1"
  },
  "qi_1": 0.0,
  "qi_2": 0.010941459870202001,
  "rpve_csf": 25.693556173906938,
  "rpve_gm": 10.40667127611173,
  "rpve_wm": 15.444485192753426,
  "size_x": 192,
  "size_y": 240,
  "size_z": 256,
  "snr_csf": 1.8638775833327987,
  "snr_gm": 10.952637683404172,
  "snr_total": 11.755713207986494,
  "snr_wm": 22.45062435722251,
  "snrd_csf": 16.453833197490752,
  "snrd_gm": 46.987429715207426,
  "snrd_total": 43.8920099908284,
  "snrd_wm": 68.23476705978703,
  "spacing_x": 1.0,
  "spacing_y": 1.0,
  "spacing_z": 1.0,
  "summary_bg_k": 4320.621611955582,
  "summary_bg_mad": 9.601210888816086,
  "summary_bg_mean": 8.868937085098068,
  "summary_bg_median": 6.475918333977461,
  "summary_bg_n": 3608683.0,
  "summary_bg_p05": 0.0,
  "summary_bg_p95": 29.621786143630743,
  "summary_bg_stdv": 17.249186323782688,
  "summary_csf_k": 1.480474310035011,
  "summary_csf_mad": 114.42964080225863,
  "summary_csf_mean": 258.9851261980723,
  "summary_csf_median": 241.13562070205808,
  "summary_csf_n": 20194.0,
  "summary_csf_p05": 80.56731858849525,
  "summary_csf_p95": 507.19121535811564,
  "summary_csf_stdv": 129.3698965573086,
  "summary_gm_k": 0.186452859835327,
  "summary_gm_mad": 59.98018817614003,
  "summary_gm_mean": 688.2316226963503,
  "summary_gm_median": 688.6141906008124,
  "summary_gm_n": 44575.0,
  "summary_gm_p05": 582.6110406853259,
  "summary_gm_p95": 791.7856651991606,
  "summary_gm_stdv": 62.871290573333106,
  "summary_wm_k": 0.8013294822033226,
  "summary_wm_mad": 41.94597456748929,
  "summary_wm_mean": 998.3899059220164,
  "summary_wm_median": 999.999982431531,
  "summary_wm_n": 230408.0,
  "summary_wm_p05": 923.4708790779114,
  "summary_wm_p95": 1067.7792090551927,
  "summary_wm_stdv": 44.54209363865506,
  "tpm_overlap_csf": 0.13521858656303515,
  "tpm_overlap_gm": 0.45867891565299235,
  "tpm_overlap_wm": 0.4926398948880351,
  "wm2max": 0.6942487994903574
}