{
  "bids_meta": {
    "AnatomicalLandmarkCoordinates": " ",
    "CoilCombinationMethod": " ",
    "ContrastBolusIngredient": " ",
    "DeviceSerialNumber": "35368 ",
    "DwellTime": " ",
    "EchoTime": 0.00298,
    "EchoTrainLength": 1,
    "FlipAngle": 9,
    "GradientSetType": " ",
    "HardcopyDeviceSoftwareVersion": "",
    "InstitutionAddress": "Perth Drive 100,London,Ontario,CA,N6A 5K8",
    "InstitutionName": "Robarts-CFMM",
    "InstitutionalDepartmentName": "CFMM",
    "InversionTime": 900,
    "MagneticFieldStrength": 3,
    "Manufacturer": "SIEMENS ",
    "ManufacturersModelName": " ",
    "MatrixCoilMode": " ",
    "MultibandAccelerationFactor": " ",
    "NonlinearGradientCorrection": " ",
    "NumberShots": " ",
    "ParallelAcquisitionTechnique": " ",
    "ParallelReductionFactorInPlane": " ",
    "PartialFourier": " ",
    "PartialFourierDirection": " ",
    "PulseSequenceDetails": " ",
    "PulseSequenceType": "MPRAGE ADNI iPAT2 ",
    "ReceiveCoilActiveElements": " ",
    "ReceiveCoilName": " ",
    "ScanOptions": "IR",
    "ScanningSequence": "GR\\IR ",
    "SequenceName": "*tfl3d1_ns",
    "SequenceVariant": "SP\\MP ",
    "SliceEncodingDirection": " ",
    "SoftwareVersions": "syngo MR B17",
    "StationName": "MRC35368",
    "WaterFatShift": " ",
    "dataset": "ds001634",
    "modality": "T1w",
    "subject_id": "19"
  },
  "cjv": 0.32948658121705493,
  "cnr": 3.8307149432608587,
  "efc": 0.5428425261503361,
  "fber": 1186.4493637972382,
  "fwhm_avg": 3.9024799999999993,
  "fwhm_x": 3.94498,
  "fwhm_y": 4.08404,
  "fwhm_z": 3.67842,
  "icvs_csf": 0.22606436245984052,
  "icvs_gm": 0.45100103195573493,
  "icvs_wm": 0.32293460558442455,
  "inu_med": 0.5765596032142639,
  "inu_range": 0.2235419601202011,
  "provenance": {
    "md5sum": "4e5d7eaa96f8041dad446e459eb51824",
    "settings": {
      "testing": false
    },
    "software": "mriqc",
    "version": "22.0.6",
    "warnings": {
      "large_rot_frame": true,
      "small_air_mask": false
    },
    "webapi_port": null,
    "webapi_url": "https://mriqc.nimh.nih.gov/api/v1"
  },
  "qi_1": 0.0,
  "qi_2": 0.006550475947189426,
  "rpve_csf": 25.583111993801765,
  "rpve_gm": 13.291381910866395,
  "rpve_wm": 20.683723605262276,
  "size_x": 192,
  "size_y": 240,
  "size_z": 256,
  "snr_csf": 2.057709234985614,
  "snr_gm": 10.544620379183694,
  "snr_total": 11.140640404413148,
  "snr_wm": 20.81959159907014,
  "snrd_csf": 9.591057421880233,
  "snrd_gm": 30.30706423814264,
  "snrd_total": 28.188509983259536,
  "snrd_wm": 44.66740828975573,
  "spacing_x": 1.0,
  "spacing_y": 1.0,
  "spacing_z": 1.0,
  "summary_bg_k": 4234.822554118857,
  "summary_bg_mad": 14.666988594644778,
  "summary_bg_mean": 12.081495052917354,
  "summary_bg_median": 9.892733473330736,
  "summary_bg_n": 3209270.0,
  "summary_bg_p05": 0.0,
  "summary_bg_p95": 34.491905979812145,
  "summary_bg_stdv": 24.416518889176057,
  "summary_csf_k": 1.3218951647243058,
  "summary_csf_mad": 87.1590011888661,
  "summary_csf_mean": 232.1625019013457,
  "summary_csf_median": 214.7215905226767,
  "summary_csf_n": 37559.0,
  "summary_csf_p05": 91.38459924980998,
  "summary_csf_p95": 442.5614762756973,
  "summary_csf_stdv": 104.3484319337843,
  "summary_gm_k": 0.24316436027638177,
  "summary_gm_mad": 61.36533159138735,
  "summary_gm_mean": 674.864308312908,
  "summary_gm_median": 678.5050647743046,
  "summary_gm_n": 36204.0,
  "summary_gm_p05": 561.4600036032498,
  "summary_gm_p95": 775.0444983243942,
  "summary_gm_stdv": 64.34519875817746,
  "summary_wm_k": 0.7993393340928869,
  "summary_wm_mad": 44.562919369936054,
  "summary_wm_mean": 998.6487299401488,
  "summary_wm_median": 999.9999510608613,
  "summary_wm_n": 163926.0,
  "summary_wm_p05": 917.939537383616,
  "summary_wm_p95": 1074.1006941273808,
  "summary_wm_stdv": 48.0315329981902,
  "tpm_overlap_csf": 0.1462915178695069,
  "tpm_overlap_gm": 0.47541198413830815,
  "tpm_overlap_wm": 0.5054546070899457,
  "wm2max": 0.5069777367634042
}