{
  "bids_meta": {
    "AnatomicalLandmarkCoordinates": " ",
    "CoilCombinationMethod": " ",
    "ContrastBolusIngredient": " ",
    "DeviceSerialNumber": "35368 ",
    "DwellTime": " ",
    "EchoTime": 0.00298,
    "EchoTrainLength": 1,
    "FlipAngle": 9,
    "GradientSetType": " ",
    "HardcopyDeviceSoftwareVersion": "",
    "InstitutionAddress": "Perth Drive 100,London//709CAB//,Ontario,CA,N6A 5K8",
    "InstitutionName": "Robarts-CFMM",
    "InstitutionalDepartmentName": "CFMM",
    "InversionTime": 0.9,
    "MagneticFieldStrength": 3,
    "Manufacturer": "SIEMENS ",
    "ManufacturersModelName": " ",
    "MatrixCoilMode": " ",
    "MultibandAccelerationFactor": " ",
    "NonlinearGradientCorrection": " ",
    "NumberShots": " ",
    "ParallelAcquisitionTechnique": " ",
    "ParallelReductionFactorInPlane": " ",
    "PartialFourier": " ",
    "PartialFourierDirection": " ",
    "PulseSequenceDetails": " ",
    "PulseSequenceType": "MPRAGE ADNI iPAT2 ",
    "ReceiveCoilActiveElements": " ",
    "ReceiveCoilName": " ",
    "ScanOptions": "IR",
    "ScanningSequence": "GR\\IR ",
    "SequenceName": "*tfl3d1_ns",
    "SequenceVariant": "SP\\MP\\OSP ",
    "SliceEncodingDirection": " ",
    "SoftwareVersions": "syngo MR B17",
    "StationName": "MRC35368",
    "WaterFatShift": " ",
    "dataset": "ds001634",
    "modality": "T1w",
    "subject_id": "03"
  },
  "cjv": 0.3278219764457505,
  "cnr": 4.109109933871496,
  "efc": 0.5773386132070573,
  "fber": 1544.4191900008116,
  "fwhm_avg": 3.7884333333333333,
  "fwhm_x": 3.75345,
  "fwhm_y": 4.00911,
  "fwhm_z": 3.60274,
  "icvs_csf": 0.19881290637165364,
  "icvs_gm": 0.4647104356805361,
  "icvs_wm": 0.33647665794781023,
  "inu_med": 0.5150858759880066,
  "inu_range": 0.17910747230052942,
  "provenance": {
    "md5sum": "7fb6c85799d3c48fa3f61e47a8f69771",
    "settings": {
      "testing": false
    },
    "software": "mriqc",
    "version": "22.0.6",
    "warnings": {
      "large_rot_frame": true,
      "small_air_mask": false
    },
    "webapi_port": null,
    "webapi_url": "https://mriqc.nimh.nih.gov/api/v1"
  },
  "qi_1": 0.0,
  "qi_2": 0.0097755002201586,
  "rpve_csf": 23.48200129980583,
  "rpve_gm": 11.113768339672383,
  "rpve_wm": 17.316785921742458,
  "size_x": 192,
  "size_y": 240,
  "size_z": 256,
  "snr_csf": 2.2375752549954555,
  "snr_gm": 10.29713764461405,
  "snr_total": 12.063001282195478,
  "snr_wm": 23.65429094697692,
  "snrd_csf": 15.403211839653068,
  "snrd_gm": 46.048296920064985,
  "snrd_total": 43.173318447625014,
  "snrd_wm": 68.06844658315698,
  "spacing_x": 1.0,
  "spacing_y": 1.0,
  "spacing_z": 1.0,
  "summary_bg_k": 121.00802420319653,
  "summary_bg_mad": 9.62467095858699,
  "summary_bg_mean": 9.067700437521498,
  "summary_bg_median": 6.49174191057682,
  "summary_bg_n": 2492931.0,
  "summary_bg_p05": 0.0,
  "summary_bg_p95": 28.956188336014748,
  "summary_bg_stdv": 9.729290614091008,
  "summary_csf_k": 2.0812090583764764,
  "summary_csf_mad": 72.90128677236703,
  "summary_csf_mean": 245.18773073079197,
  "summary_csf_median": 226.29004534333944,
  "summary_csf_n": 33514.0,
  "summary_csf_p05": 112.22108172997832,
  "summary_csf_p95": 453.70029359310837,
  "summary_csf_stdv": 101.1303055664776,
  "summary_gm_k": -0.04125429630041566,
  "summary_gm_mad": 65.67159207556797,
  "summary_gm_mean": 674.7722026122636,
  "summary_gm_median": 676.4998953789473,
  "summary_gm_n": 68501.0,
  "summary_gm_p05": 563.3322270959616,
  "summary_gm_p95": 780.1866010576487,
  "summary_gm_stdv": 65.69737929369273,
  "summary_wm_k": 0.4466590121976939,
  "summary_wm_mad": 40.378852114630064,
  "summary_wm_mean": 999.5198715068901,
  "summary_wm_median": 1000.0000015646219,
  "summary_wm_n": 215293.0,
  "summary_wm_p05": 929.7865288257599,
  "summary_wm_p95": 1067.9489131718872,
  "summary_wm_stdv": 42.27552968664639,
  "tpm_overlap_csf": 0.17062021493012178,
  "tpm_overlap_gm": 0.4727094001974805,
  "tpm_overlap_wm": 0.4933330593276563,
  "wm2max": 0.5773932456653376
}