{
  "bids_meta": {
    "AnatomicalLandmarkCoordinates": " ",
    "CoilCombinationMethod": " ",
    "ContrastBolusIngredient": " ",
    "DeviceSerialNumber": "35368 ",
    "DwellTime": " ",
    "EchoTime": 0.00298,
    "EchoTrainLength": 1,
    "FlipAngle": 9,
    "GradientSetType": " ",
    "HardcopyDeviceSoftwareVersion": "",
    "InstitutionAddress": "Perth Drive 100,London,Ontario,CA,N6A 5K8",
    "InstitutionName": "Robarts-CFMM",
    "InstitutionalDepartmentName": "CFMM",
    "InversionTime": 900,
    "MagneticFieldStrength": 3,
    "Manufacturer": "SIEMENS ",
    "ManufacturersModelName": " ",
    "MatrixCoilMode": " ",
    "MultibandAccelerationFactor": " ",
    "NonlinearGradientCorrection": " ",
    "NumberShots": " ",
    "ParallelAcquisitionTechnique": " ",
    "ParallelReductionFactorInPlane": " ",
    "PartialFourier": " ",
    "PartialFourierDirection": " ",
    "PulseSequenceDetails": " ",
    "PulseSequenceType": "MPRAGE ADNI iPAT2 ",
    "ReceiveCoilActiveElements": " ",
    "ReceiveCoilName": " ",
    "ScanOptions": "IR",
    "ScanningSequence": "GR\\IR ",
    "SequenceName": "*tfl3d1_ns",
    "SequenceVariant": "SP\\MP ",
    "SliceEncodingDirection": " ",
    "SoftwareVersions": "syngo MR B17",
    "StationName": "MRC35368",
    "WaterFatShift": " ",
    "dataset": "ds001634",
    "modality": "T1w",
    "subject_id": "16"
  },
  "cjv": 0.3151081224701356,
  "cnr": 4.282404860008096,
  "efc": 0.518628004933846,
  "fber": 1184.5601557202406,
  "fwhm_avg": 3.964263333333333,
  "fwhm_x": 4.05763,
  "fwhm_y": 4.03616,
  "fwhm_z": 3.799,
  "icvs_csf": 0.20602516605539212,
  "icvs_gm": 0.4779365589622965,
  "icvs_wm": 0.31603827498231135,
  "inu_med": 0.4972761869430542,
  "inu_range": 0.17190495133399963,
  "provenance": {
    "md5sum": "0c28f89288e4f876cc4330ca2aeceaf6",
    "settings": {
      "testing": false
    },
    "software": "mriqc",
    "version": "22.0.6",
    "warnings": {
      "large_rot_frame": true,
      "small_air_mask": false
    },
    "webapi_port": null,
    "webapi_url": "https://mriqc.nimh.nih.gov/api/v1"
  },
  "qi_1": 0.0,
  "qi_2": 0.007923713738756308,
  "rpve_csf": 28.156911961453563,
  "rpve_gm": 13.345993541496629,
  "rpve_wm": 22.440682958364174,
  "size_x": 192,
  "size_y": 240,
  "size_z": 256,
  "snr_csf": 2.2164938561177183,
  "snr_gm": 9.53245053927765,
  "snr_total": 12.465121260149933,
  "snr_wm": 25.64641938505443,
  "snrd_csf": 12.883033991574306,
  "snrd_gm": 39.03819345511802,
  "snrd_total": 37.10902966622441,
  "snrd_wm": 59.4058615519809,
  "spacing_x": 1.0,
  "spacing_y": 1.0,
  "spacing_z": 1.0,
  "summary_bg_k": 1.1282683509831992,
  "summary_bg_mad": 11.028143649510277,
  "summary_bg_mean": 10.648400777563491,
  "summary_bg_median": 7.438369855284691,
  "summary_bg_n": 3443226.0,
  "summary_bg_p05": 0.0,
  "summary_bg_p95": 33.90053518116474,
  "summary_bg_stdv": 11.712881445943594,
  "summary_csf_k": 1.291758881048911,
  "summary_csf_mad": 77.4409910255434,
  "summary_csf_mean": 231.37684413076457,
  "summary_csf_median": 216.86468573659658,
  "summary_csf_n": 29452.0,
  "summary_csf_p05": 92.58466549962759,
  "summary_csf_p95": 426.9640753503888,
  "summary_csf_stdv": 97.8396594439668,
  "summary_gm_k": -0.20212548794864116,
  "summary_gm_mad": 71.14616566807956,
  "summary_gm_mean": 657.5570080402013,
  "summary_gm_median": 657.1437722593546,
  "summary_gm_n": 70117.0,
  "summary_gm_p05": 543.6263491138816,
  "summary_gm_p95": 769.9371063038707,
  "summary_gm_stdv": 68.9370570015836,
  "summary_wm_k": 0.4438339462212033,
  "summary_wm_mad": 36.8906044204857,
  "summary_wm_mean": 999.8477404516149,
  "summary_wm_median": 999.9999615624547,
  "summary_wm_n": 157647.0,
  "summary_wm_p05": 935.6218578591943,
  "summary_wm_p95": 1063.6210630238056,
  "summary_wm_stdv": 38.99167267370373,
  "tpm_overlap_csf": 0.1535427088309842,
  "tpm_overlap_gm": 0.4807377004201613,
  "tpm_overlap_wm": 0.480601225063204,
  "wm2max": 0.5735589331803758
}