{
  "aor": 0.00023019774011299432,
  "aqi": 0.008451918446327682,
  "bids_meta": {
    "CogAtlasID": " ",
    "CogPOID": " ",
    "CoilCombinationMethod": " ",
    "DelayTime": " ",
    "DeviceSerialNumber": "35368 ",
    "EchoTime": 0.03,
    "EffectiveEchoSpacing": 0.00026499894000423993,
    "FlipAngle": 70,
    "GradientSetType": " ",
    "InstitutionAddress": "Perth Drive 100,London,Ontario,CA,N6A 5K8",
    "InstitutionName": "Robarts-CFMM",
    "Instructions": " ",
    "InversionTime": " ",
    "MRTransmitCoilSequence": " ",
    "MagneticFieldStrength": 3,
    "Manufacturer": "SIEMENS ",
    "ManufacturerModelName": "TrioTim ",
    "MatrixCoilMode": " ",
    "MultibandAccelerationFactor": " ",
    "NumberOfVolumesDiscardedByScanner": " ",
    "NumberOfVolumesDiscardedByUser": 10,
    "NumberShots": " ",
    "ParallelAcquisitionTechnique": " ",
    "ParallelReductionFactorInPlane": " ",
    "PartialFourier": " ",
    "PartialFourierDirection": " ",
    "PulseSequenceDetails": " ",
    "PulseSequenceType": " ",
    "ReceiveCoilName": " ",
    "RepetitionTime": 2,
    "SliceTiming": [
      1.0025,
      0,
      1.06,
      0.05500000002,
      1.11500000002,
      0.11000000002,
      1.17000000001,
      0.16750000001,
      1.2275000000099998,
      0.2225,
      1.2825,
      0.2775,
      1.33750000002,
      0.33500000002,
      1.39250000002,
      0.39000000001,
      1.45000000001,
      0.44500000001,
      1.505,
      0.5025,
      1.56,
      0.55750000002,
      1.61750000002,
      0.61250000002,
      1.67250000002,
      0.67000000001,
      1.7275000000099998,
      0.72500000001,
      1.785,
      0.78,
      1.84,
      0.83500000002,
      1.89500000002,
      0.89250000002,
      1.95250000001,
      0.94750000001
    ],
    "SoftwareVersions": "syngo MR B17",
    "TaskDescription": " ",
    "TaskName": "ep2d_bold_WorkingMemory_order2",
    "TotalReadoutTime": 0.020934916260334956,
    "dataset": "ds001634",
    "modality": "bold",
    "run_id": 2,
    "subject_id": "09",
    "task_id": "WM"
  },
  "dummy_trs": 0,
  "dvars_nstd": 23.424170016147308,
  "dvars_std": 1.1332886129745035,
  "dvars_vstd": 0.9794118065155809,
  "efc": 0.4696311655926306,
  "fber": 5613.09130859375,
  "fd_mean": 0.08047226064414441,
  "fd_num": 16,
  "fd_perc": 4.519774011299435,
  "fwhm_avg": 1.590498888888889,
  "fwhm_x": 1.4982866666666668,
  "fwhm_y": 1.62359,
  "fwhm_z": 1.6496199999999999,
  "gcor": 0.0386756,
  "gsr_x": -0.0073334332555532455,
  "gsr_y": 0.007557840086519718,
  "provenance": {
    "md5sum": "e74e785a0e8e37124ca5326bf17de160",
    "settings": {
      "fd_thres": 0.2,
      "testing": false
    },
    "software": "mriqc",
    "version": "22.0.6",
    "webapi_port": null,
    "webapi_url": "https://mriqc.nimh.nih.gov/api/v1"
  },
  "size_t": 354,
  "size_x": 80,
  "size_y": 80,
  "size_z": 36,
  "snr": 6.453630542224572,
  "spacing_tr": 2.0,
  "spacing_x": 3.0,
  "spacing_y": 3.0,
  "spacing_z": 3.0,
  "summary_bg_k": 38.24614348319756,
  "summary_bg_mad": 4.694587597251842,
  "summary_bg_mean": 19.614303588867188,
  "summary_bg_median": 8.135441780090332,
  "summary_bg_n": 150746.0,
  "summary_bg_p05": 3.437531054019928,
  "summary_bg_p95": 71.24180603027344,
  "summary_bg_stdv": 40.488433837890625,
  "summary_fg_k": 1.1860519469079058,
  "summary_fg_mad": 93.85245770384262,
  "summary_fg_mean": 621.63134765625,
  "summary_fg_median": 613.3047485351562,
  "summary_fg_n": 39182.0,
  "summary_fg_p05": 486.3788208007812,
  "summary_fg_p95": 782.1022369384765,
  "summary_fg_stdv": 95.03130340576172,
  "tsnr": 63.137550354003906
}