{
  "aor": 0.00037929971988795517,
  "aqi": 0.006733333837535015,
  "bids_meta": {
    "CogAtlasID": " ",
    "CogPOID": " ",
    "CoilCombinationMethod": " ",
    "DelayTime": " ",
    "DeviceSerialNumber": "35368 ",
    "EchoTime": 0.03,
    "EffectiveEchoSpacing": 0.00026499894000423993,
    "FlipAngle": 70,
    "GradientSetType": " ",
    "InstitutionAddress": "Perth Drive 100,London,Ontario,CA,N6A 5K8",
    "InstitutionName": "Robarts-CFMM",
    "Instructions": " ",
    "InversionTime": " ",
    "MRTransmitCoilSequence": " ",
    "MagneticFieldStrength": 3,
    "Manufacturer": "SIEMENS ",
    "ManufacturerModelName": "TrioTim ",
    "MatrixCoilMode": " ",
    "MultibandAccelerationFactor": " ",
    "NumberOfVolumesDiscardedByScanner": " ",
    "NumberOfVolumesDiscardedByUser": 10,
    "NumberShots": " ",
    "ParallelAcquisitionTechnique": " ",
    "ParallelReductionFactorInPlane": " ",
    "PartialFourier": " ",
    "PartialFourierDirection": " ",
    "PulseSequenceDetails": " ",
    "PulseSequenceType": " ",
    "ReceiveCoilName": " ",
    "RepetitionTime": 2,
    "SliceTiming": [
      1.005,
      0,
      1.06,
      0.0575,
      1.1174999999900002,
      0.11249999999,
      1.17249999999,
      0.16750000001,
      1.2275000000099998,
      0.22500000001,
      1.285,
      0.28,
      1.34,
      0.33499999999,
      1.39499999999,
      0.39249999999,
      1.45000000001,
      0.44750000001,
      1.5075000000099998,
      0.5025,
      1.5625,
      0.56,
      1.6174999999900002,
      0.61499999999,
      1.67499999999,
      0.67000000001,
      1.73000000001,
      0.72500000001,
      1.785,
      0.7825,
      1.8425,
      0.83749999999,
      1.8974999999900002,
      0.89249999999,
      1.95249999998,
      0.95000000001
    ],
    "SoftwareVersions": "syngo MR B17",
    "TaskDescription": " ",
    "TaskName": "ep2d_bold_WorkingMemory_order3",
    "TotalReadoutTime": 0.020934916260334956,
    "dataset": "ds001634",
    "modality": "bold",
    "run_id": 3,
    "subject_id": "09",
    "task_id": "WM"
  },
  "dummy_trs": 0,
  "dvars_nstd": 23.21938652398876,
  "dvars_std": 1.1606863994382015,
  "dvars_vstd": 0.997597924382023,
  "efc": 0.4707372642842349,
  "fber": 5516.10546875,
  "fd_mean": 0.07340151284454992,
  "fd_num": 7,
  "fd_perc": 1.9607843137254901,
  "fwhm_avg": 1.5877288888888887,
  "fwhm_x": 1.5017966666666667,
  "fwhm_y": 1.61517,
  "fwhm_z": 1.6462199999999998,
  "gcor": 0.0506736,
  "gsr_x": -0.007624092511832714,
  "gsr_y": 0.006996122654527426,
  "provenance": {
    "md5sum": "11d565c47f1a9a08f62f32d5aadabbbc",
    "settings": {
      "fd_thres": 0.2,
      "testing": false
    },
    "software": "mriqc",
    "version": "22.0.6",
    "webapi_port": null,
    "webapi_url": "https://mriqc.nimh.nih.gov/api/v1"
  },
  "size_t": 357,
  "size_x": 80,
  "size_y": 80,
  "size_z": 36,
  "snr": 6.4624646345692724,
  "spacing_tr": 2.0,
  "spacing_x": 3.0,
  "spacing_y": 3.0,
  "spacing_z": 3.0,
  "summary_bg_k": 37.56848031851634,
  "summary_bg_mad": 4.717978423621407,
  "summary_bg_mean": 19.859756469726562,
  "summary_bg_median": 8.183216094970703,
  "summary_bg_n": 150625.0,
  "summary_bg_p05": 3.4624725341796876,
  "summary_bg_p95": 72.88238525390624,
  "summary_bg_stdv": 41.01682662963867,
  "summary_fg_k": 1.2193836583662794,
  "summary_fg_mad": 93.14450247578606,
  "summary_fg_mean": 620.5249633789062,
  "summary_fg_median": 612.17431640625,
  "summary_fg_n": 39249.0,
  "summary_fg_p05": 485.3273071289062,
  "summary_fg_p95": 780.0547241210937,
  "summary_fg_stdv": 94.72647857666016,
  "tsnr": 69.07646179199219
}