{
  "aor": 0.0002508022922636103,
  "aqi": 0.005379711575931232,
  "bids_meta": {
    "CogAtlasID": " ",
    "CogPOID": " ",
    "CoilCombinationMethod": " ",
    "DelayTime": " ",
    "DeviceSerialNumber": "35368 ",
    "EchoTime": 0.03,
    "EffectiveEchoSpacing": 0.00026499894000423993,
    "FlipAngle": 70,
    "GradientSetType": " ",
    "InstitutionAddress": "Perth Drive 100,London,Ontario,CA,N6A 5K8",
    "InstitutionName": "Robarts-CFMM",
    "Instructions": " ",
    "InversionTime": " ",
    "MRTransmitCoilSequence": " ",
    "MagneticFieldStrength": 3,
    "Manufacturer": "SIEMENS ",
    "ManufacturerModelName": "TrioTim ",
    "MatrixCoilMode": " ",
    "MultibandAccelerationFactor": " ",
    "NumberOfVolumesDiscardedByScanner": " ",
    "NumberOfVolumesDiscardedByUser": 10,
    "NumberShots": " ",
    "ParallelAcquisitionTechnique": " ",
    "ParallelReductionFactorInPlane": " ",
    "PartialFourier": " ",
    "PartialFourierDirection": " ",
    "PulseSequenceDetails": " ",
    "PulseSequenceType": " ",
    "ReceiveCoilName": " ",
    "RepetitionTime": 2,
    "SliceTiming": [
      1.005,
      0,
      1.06,
      0.0575,
      1.11750000002,
      0.11250000002,
      1.17250000002,
      0.16750000001,
      1.2275000000099998,
      0.22500000001,
      1.2825,
      0.28,
      1.34,
      0.33500000002,
      1.39500000002,
      0.39250000002,
      1.45000000001,
      0.44750000001,
      1.5075000000099998,
      0.5025,
      1.5625,
      0.5575,
      1.61750000002,
      0.61500000002,
      1.67500000002,
      0.67000000001,
      1.73000000001,
      0.72500000001,
      1.785,
      0.7825,
      1.84,
      0.83749999999,
      1.89750000002,
      0.89250000002,
      1.95250000001,
      0.95000000001
    ],
    "SoftwareVersions": "syngo MR B17",
    "TaskDescription": " ",
    "TaskName": "ep2d_bold_WorkingMemory_order1",
    "TotalReadoutTime": 0.020934916260334956,
    "dataset": "ds001634",
    "modality": "bold",
    "run_id": 1,
    "subject_id": "09",
    "task_id": "WM"
  },
  "dummy_trs": 0,
  "dvars_nstd": 23.191347346839077,
  "dvars_std": 1.173659662413793,
  "dvars_vstd": 0.9937905740804593,
  "efc": 0.4684860988777037,
  "fber": 5668.23291015625,
  "fd_mean": 0.05268093235086256,
  "fd_num": 0,
  "fd_perc": 0.0,
  "fwhm_avg": 1.5913844444444445,
  "fwhm_x": 1.4933533333333333,
  "fwhm_y": 1.62702,
  "fwhm_z": 1.65378,
  "gcor": 0.0530039,
  "gsr_x": -0.0073848506435751915,
  "gsr_y": 0.007305601611733437,
  "provenance": {
    "md5sum": "2e5a64a862aafa174e893313c974bcb3",
    "settings": {
      "fd_thres": 0.2,
      "testing": false
    },
    "software": "mriqc",
    "version": "22.0.6",
    "webapi_port": null,
    "webapi_url": "https://mriqc.nimh.nih.gov/api/v1"
  },
  "size_t": 349,
  "size_x": 80,
  "size_y": 80,
  "size_z": 36,
  "snr": 6.4313579272136625,
  "spacing_tr": 2.0,
  "spacing_x": 3.0,
  "spacing_y": 3.0,
  "spacing_z": 3.0,
  "summary_bg_k": 39.75321985449599,
  "summary_bg_mad": 4.642397348343872,
  "summary_bg_mean": 19.281391143798828,
  "summary_bg_median": 8.108124732971191,
  "summary_bg_n": 150835.0,
  "summary_bg_p05": 3.4636508703231814,
  "summary_bg_p95": 68.7840446472167,
  "summary_bg_stdv": 40.01640319824219,
  "summary_fg_k": 1.1514450498622306,
  "summary_fg_mad": 94.82473672830143,
  "summary_fg_mean": 623.0022583007812,
  "summary_fg_median": 614.3375244140625,
  "summary_fg_n": 39090.0,
  "summary_fg_p05": 487.07692565917966,
  "summary_fg_p95": 783.8226989746094,
  "summary_fg_stdv": 95.52098846435547,
  "tsnr": 72.33291625976562
}