{
  "bids_meta": {
    "AnatomicalLandmarkCoordinates": " ",
    "CoilCombinationMethod": " ",
    "ContrastBolusIngredient": " ",
    "DeviceSerialNumber": "35368 ",
    "DwellTime": " ",
    "EchoTime": 0.00298,
    "EchoTrainLength": 1,
    "FlipAngle": 9,
    "GradientSetType": " ",
    "HardcopyDeviceSoftwareVersion": "",
    "InstitutionAddress": "Perth Drive 100,London,Ontario,CA,N6A 5K8",
    "InstitutionName": "Robarts-CFMM",
    "InstitutionalDepartmentName": "CFMM",
    "InversionTime": 900,
    "MagneticFieldStrength": 3,
    "Manufacturer": "SIEMENS ",
    "ManufacturersModelName": " ",
    "MatrixCoilMode": " ",
    "MultibandAccelerationFactor": " ",
    "NonlinearGradientCorrection": " ",
    "NumberShots": " ",
    "ParallelAcquisitionTechnique": " ",
    "ParallelReductionFactorInPlane": " ",
    "PartialFourier": " ",
    "PartialFourierDirection": " ",
    "PulseSequenceDetails": " ",
    "PulseSequenceType": "MPRAGE ADNI iPAT2 ",
    "ReceiveCoilActiveElements": " ",
    "ReceiveCoilName": " ",
    "ScanOptions": "IR",
    "ScanningSequence": "GR\\IR ",
    "SequenceName": "*tfl3d1_ns",
    "SequenceVariant": "SP\\MP ",
    "SliceEncodingDirection": " ",
    "SoftwareVersions": "syngo MR B17",
    "StationName": "MRC35368",
    "WaterFatShift": " ",
    "dataset": "ds001634",
    "modality": "T1w",
    "subject_id": "12"
  },
  "cjv": 0.3211044929017896,
  "cnr": 3.9561431739363604,
  "efc": 0.5228726795885167,
  "fber": 1362.6684178951273,
  "fwhm_avg": 3.8089533333333336,
  "fwhm_x": 3.85689,
  "fwhm_y": 3.94499,
  "fwhm_z": 3.62498,
  "icvs_csf": 0.2021573214327388,
  "icvs_gm": 0.46029118927888774,
  "icvs_wm": 0.3375514892883735,
  "inu_med": 0.5051116943359375,
  "inu_range": 0.16404579281806947,
  "provenance": {
    "md5sum": "923c87a5ceeeb55bfc9e34d6c4aba31c",
    "settings": {
      "testing": false
    },
    "software": "mriqc",
    "version": "22.0.6",
    "warnings": {
      "large_rot_frame": true,
      "small_air_mask": false
    },
    "webapi_port": null,
    "webapi_url": "https://mriqc.nimh.nih.gov/api/v1"
  },
  "qi_1": 9.72480162080027e-06,
  "qi_2": 0.0053130765022555235,
  "rpve_csf": 28.346233159030966,
  "rpve_gm": 13.310369607862178,
  "rpve_wm": 20.050627995853276,
  "size_x": 192,
  "size_y": 240,
  "size_z": 256,
  "snr_csf": 2.115608797905606,
  "snr_gm": 11.57696020006036,
  "snr_total": 11.598340478470705,
  "snr_wm": 21.102452437446154,
  "snrd_csf": 10.9764911688427,
  "snrd_gm": 30.522132907714255,
  "snrd_total": 28.621116335419583,
  "snrd_wm": 44.364724929701794,
  "spacing_x": 1.0,
  "spacing_y": 1.0,
  "spacing_z": 1.0,
  "summary_bg_k": 4316.182595736647,
  "summary_bg_mad": 14.767057140110404,
  "summary_bg_mean": 12.260313104456348,
  "summary_bg_median": 9.960228681564331,
  "summary_bg_n": 3472638.0,
  "summary_bg_p05": 0.0,
  "summary_bg_p95": 34.4112067297101,
  "summary_bg_stdv": 21.0548845603009,
  "summary_csf_k": 16.068668633174045,
  "summary_csf_mad": 87.78195077732296,
  "summary_csf_mean": 268.93968631125654,
  "summary_csf_median": 247.4148471802473,
  "summary_csf_n": 27625.0,
  "summary_csf_p05": 113.85786411613226,
  "summary_csf_p95": 484.23311773538586,
  "summary_csf_stdv": 116.94523547447368,
  "summary_gm_k": 0.3114733230727058,
  "summary_gm_mad": 56.555777866464496,
  "summary_gm_mean": 686.2351156696847,
  "summary_gm_median": 687.9820457026362,
  "summary_gm_n": 37020.0,
  "summary_gm_p05": 584.0913270935416,
  "summary_gm_p95": 780.1141610071063,
  "summary_gm_stdv": 59.42602736116745,
  "summary_wm_k": 0.8789236968816896,
  "summary_wm_mad": 43.634602868867894,
  "summary_wm_mean": 997.7977026542121,
  "summary_wm_median": 1000.0000428035855,
  "summary_wm_n": 167619.0,
  "summary_wm_p05": 917.0327212512493,
  "summary_wm_p95": 1070.689999140799,
  "summary_wm_stdv": 47.38771774550375,
  "tpm_overlap_csf": 0.16030422635515754,
  "tpm_overlap_gm": 0.49624577102624007,
  "tpm_overlap_wm": 0.5299690772921816,
  "wm2max": 0.5311644653452615
}