{
  "aor": 0.0004684057971014493,
  "aqi": 0.005161249478260869,
  "bids_meta": {
    "CogAtlasID": " ",
    "CogPOID": " ",
    "CoilCombinationMethod": " ",
    "DelayTime": " ",
    "DeviceSerialNumber": "35368 ",
    "EchoTime": 0.03,
    "EffectiveEchoSpacing": 0.00026499894000423993,
    "FlipAngle": 45,
    "GradientSetType": " ",
    "InstitutionAddress": "Perth Drive 100,London//709CAB//,Ontario,CA,N6A 5K8",
    "InstitutionName": "Robarts-CFMM",
    "Instructions": " ",
    "InversionTime": " ",
    "MRTransmitCoilSequence": " ",
    "MagneticFieldStrength": 3,
    "Manufacturer": "SIEMENS ",
    "ManufacturerModelName": "TrioTim ",
    "MatrixCoilMode": " ",
    "MultibandAccelerationFactor": " ",
    "NumberOfVolumesDiscardedByScanner": " ",
    "NumberOfVolumesDiscardedByUser": 10,
    "NumberShots": " ",
    "ParallelAcquisitionTechnique": " ",
    "ParallelReductionFactorInPlane": " ",
    "PartialFourier": " ",
    "PartialFourierDirection": " ",
    "PulseSequenceDetails": " ",
    "PulseSequenceType": " ",
    "ReceiveCoilName": " ",
    "RepetitionTime": 2,
    "SliceTiming": [
      1.0025,
      0,
      1.06,
      0.05499999999,
      1.1149999999900002,
      0.11249999999,
      1.17000000001,
      0.16750000001,
      1.2275000000099998,
      0.2225,
      1.2825,
      0.28,
      1.3374999999900001,
      0.33499999999,
      1.39499999999,
      0.39000000001,
      1.45000000001,
      0.44500000001,
      1.505,
      0.5025,
      1.5625,
      0.5575,
      1.6174999999900002,
      0.61249999999,
      1.67250000002,
      0.67000000001,
      1.7275000000099998,
      0.72500000001,
      1.785,
      0.78,
      1.84,
      0.83749999999,
      1.89499999999,
      0.89250000002,
      1.95250000001,
      0.94750000001
    ],
    "SoftwareVersions": "syngo MR B17",
    "TaskDescription": " ",
    "TaskName": "ep2d_bold_WorkingMemory_order3",
    "TotalReadoutTime": 0.020934916260334956,
    "dataset": "ds001634",
    "modality": "bold",
    "run_id": 3,
    "subject_id": "13",
    "task_id": "WM"
  },
  "dummy_trs": 0,
  "dvars_nstd": 23.807233838226743,
  "dvars_std": 1.12769877375,
  "dvars_vstd": 0.996877091773256,
  "efc": 0.4782075908863437,
  "fber": 3838.342529296875,
  "fd_mean": 0.050968303497550355,
  "fd_num": 3,
  "fd_perc": 0.8695652173913043,
  "fwhm_avg": 1.7030344444444445,
  "fwhm_x": 1.5415666666666665,
  "fwhm_y": 1.8436899999999998,
  "fwhm_z": 1.7238466666666667,
  "gcor": 0.0187554,
  "gsr_x": -0.008803460747003555,
  "gsr_y": 0.014660993590950966,
  "provenance": {
    "md5sum": "3fce217c87249e078ac1fa8ce3a3e8b4",
    "settings": {
      "fd_thres": 0.2,
      "testing": false
    },
    "software": "mriqc",
    "version": "22.0.6",
    "webapi_port": null,
    "webapi_url": "https://mriqc.nimh.nih.gov/api/v1"
  },
  "size_t": 345,
  "size_x": 80,
  "size_y": 80,
  "size_z": 36,
  "snr": 5.328167191196961,
  "spacing_tr": 2.0,
  "spacing_x": 3.0,
  "spacing_y": 3.0,
  "spacing_z": 3.0,
  "summary_bg_k": 46.25115745068451,
  "summary_bg_mad": 3.7968231991690793,
  "summary_bg_mean": 15.422290802001953,
  "summary_bg_median": 7.412147521972656,
  "summary_bg_n": 149114.0,
  "summary_bg_p05": 2.934857988357544,
  "summary_bg_p95": 59.77543125152589,
  "summary_bg_stdv": 31.19757843017578,
  "summary_fg_k": 5.853305948228124,
  "summary_fg_mad": 78.70840539812387,
  "summary_fg_mean": 474.3755187988281,
  "summary_fg_median": 463.94122314453125,
  "summary_fg_n": 40300.0,
  "summary_fg_p05": 363.84791870117186,
  "summary_fg_p95": 613.6640258789062,
  "summary_fg_stdv": 87.0722427368164,
  "tsnr": 66.04146575927734
}