{
  "aor": 0.00020438395415472781,
  "aqi": 0.005253652951289399,
  "bids_meta": {
    "CogAtlasID": " ",
    "CogPOID": " ",
    "CoilCombinationMethod": " ",
    "DelayTime": " ",
    "DeviceSerialNumber": "35368 ",
    "EchoTime": 0.03,
    "EffectiveEchoSpacing": 0.00026499894000423993,
    "FlipAngle": 45,
    "GradientSetType": " ",
    "InstitutionAddress": "Perth Drive 100,London//709CAB//,Ontario,CA,N6A 5K8",
    "InstitutionName": "Robarts-CFMM",
    "Instructions": " ",
    "InversionTime": " ",
    "MRTransmitCoilSequence": " ",
    "MagneticFieldStrength": 3,
    "Manufacturer": "SIEMENS ",
    "ManufacturerModelName": "TrioTim ",
    "MatrixCoilMode": " ",
    "MultibandAccelerationFactor": " ",
    "NumberOfVolumesDiscardedByScanner": " ",
    "NumberOfVolumesDiscardedByUser": 10,
    "NumberShots": " ",
    "ParallelAcquisitionTechnique": " ",
    "ParallelReductionFactorInPlane": " ",
    "PartialFourier": " ",
    "PartialFourierDirection": " ",
    "PulseSequenceDetails": " ",
    "PulseSequenceType": " ",
    "ReceiveCoilName": " ",
    "RepetitionTime": 2,
    "SliceTiming": [
      1.0025,
      0,
      1.06,
      0.05499999999,
      1.1149999999900002,
      0.11249999999,
      1.16999999998,
      0.16749999998,
      1.22749999998,
      0.2225,
      1.2825,
      0.28,
      1.3374999999900001,
      0.33499999999,
      1.39499999999,
      0.38999999998,
      1.44999999998,
      0.44500000001,
      1.505,
      0.5025,
      1.5625,
      0.5575,
      1.6174999999900002,
      0.61249999999,
      1.67249999999,
      0.66999999998,
      1.72749999998,
      0.72500000001,
      1.785,
      0.78,
      1.84,
      0.83749999999,
      1.89499999999,
      0.89249999999,
      1.95249999998,
      0.94749999998
    ],
    "SoftwareVersions": "syngo MR B17",
    "TaskDescription": " ",
    "TaskName": "ep2d_bold_WorkingMemory_order2",
    "TotalReadoutTime": 0.020934916260334956,
    "dataset": "ds001634",
    "modality": "bold",
    "run_id": 2,
    "subject_id": "13",
    "task_id": "WM"
  },
  "dummy_trs": 0,
  "dvars_nstd": 23.585726080258613,
  "dvars_std": 1.1142598972413797,
  "dvars_vstd": 0.9863147789655173,
  "efc": 0.47646255666645565,
  "fber": 3885.309814453125,
  "fd_mean": 0.05056285414058649,
  "fd_num": 0,
  "fd_perc": 0.0,
  "fwhm_avg": 1.7036222222222224,
  "fwhm_x": 1.5449266666666668,
  "fwhm_y": 1.83988,
  "fwhm_z": 1.7260600000000001,
  "gcor": 0.0144145,
  "gsr_x": -0.00818466953933239,
  "gsr_y": 0.014608955010771751,
  "provenance": {
    "md5sum": "5ab3dcfb0027ae256f4f1dd8f574c890",
    "settings": {
      "fd_thres": 0.2,
      "testing": false
    },
    "software": "mriqc",
    "version": "22.0.6",
    "webapi_port": null,
    "webapi_url": "https://mriqc.nimh.nih.gov/api/v1"
  },
  "size_t": 349,
  "size_x": 80,
  "size_y": 80,
  "size_z": 36,
  "snr": 5.31176362245587,
  "spacing_tr": 2.0,
  "spacing_x": 3.0,
  "spacing_y": 3.0,
  "spacing_z": 3.0,
  "summary_bg_k": 47.34862866549445,
  "summary_bg_mad": 3.7589464124312206,
  "summary_bg_mean": 15.069762229919434,
  "summary_bg_median": 7.353268623352051,
  "summary_bg_n": 149236.0,
  "summary_bg_p05": 2.9042630195617676,
  "summary_bg_p95": 57.650023460388184,
  "summary_bg_stdv": 30.394155502319336,
  "summary_fg_k": 5.8860382193927325,
  "summary_fg_mad": 78.94092165791697,
  "summary_fg_mean": 474.0370788574219,
  "summary_fg_median": 463.5016784667969,
  "summary_fg_n": 40201.0,
  "summary_fg_p05": 363.32391357421875,
  "summary_fg_p95": 613.6162109375,
  "summary_fg_stdv": 87.25838470458984,
  "tsnr": 66.281982421875
}