{
  "aor": 0.0014339769452449567,
  "aqi": 0.00969817311239193,
  "bids_meta": {
    "CogAtlasID": " ",
    "CogPOID": " ",
    "CoilCombinationMethod": " ",
    "DelayTime": " ",
    "DeviceSerialNumber": "35368 ",
    "EchoTime": 0.03,
    "EffectiveEchoSpacing": 0.00026499894000423993,
    "FlipAngle": 45,
    "GradientSetType": " ",
    "InstitutionAddress": "Perth Drive 100,London,Ontario,CA,N6A 5K8",
    "InstitutionName": "Robarts-CFMM",
    "Instructions": " ",
    "InversionTime": " ",
    "MRTransmitCoilSequence": " ",
    "MagneticFieldStrength": 3,
    "Manufacturer": "SIEMENS ",
    "ManufacturerModelName": "TrioTim ",
    "MatrixCoilMode": " ",
    "MultibandAccelerationFactor": " ",
    "NumberOfVolumesDiscardedByScanner": " ",
    "NumberOfVolumesDiscardedByUser": 10,
    "NumberShots": " ",
    "ParallelAcquisitionTechnique": " ",
    "ParallelReductionFactorInPlane": " ",
    "PartialFourier": " ",
    "PartialFourierDirection": " ",
    "PulseSequenceDetails": " ",
    "PulseSequenceType": " ",
    "ReceiveCoilName": " ",
    "RepetitionTime": 2,
    "SliceTiming": [
      1.0025,
      0,
      1.0600000000099998,
      0.05500000001,
      1.11500000001,
      0.11,
      1.17000000001,
      0.16750000001,
      1.2275000000099998,
      0.2225,
      1.2825,
      0.27750000001,
      1.33750000001,
      0.33500000001,
      1.3925,
      0.39,
      1.45000000001,
      0.44500000001,
      1.505,
      0.5025,
      1.5600000000099998,
      0.55750000001,
      1.61750000001,
      0.6125,
      1.6725,
      0.67000000001,
      1.7275000000099998,
      0.72500000001,
      1.785,
      0.78000000001,
      1.8400000000099999,
      0.83500000001,
      1.895,
      0.8925,
      1.9525,
      0.94750000001
    ],
    "SoftwareVersions": "syngo MR B17",
    "TaskDescription": " ",
    "TaskName": "ep2d_bold_WorkingMemory_Order3",
    "TotalReadoutTime": 0.020934916260334956,
    "dataset": "ds001634",
    "modality": "bold",
    "run_id": 3,
    "subject_id": "17",
    "task_id": "WM"
  },
  "dummy_trs": 0,
  "dvars_nstd": 25.87861308635839,
  "dvars_std": 0.9980212447687856,
  "dvars_vstd": 0.9534214619942192,
  "efc": 0.4703465954330813,
  "fber": 3618.89404296875,
  "fd_mean": 0.13372441711432181,
  "fd_num": 40,
  "fd_perc": 11.527377521613833,
  "fwhm_avg": 1.6971122222222224,
  "fwhm_x": 1.5992,
  "fwhm_y": 1.7893333333333334,
  "fwhm_z": 1.7028033333333334,
  "gcor": 0.039223,
  "gsr_x": -0.0015092859975993633,
  "gsr_y": 0.014095179736614227,
  "provenance": {
    "md5sum": "57c3a9307ef10eccda1f4fd1097d456f",
    "settings": {
      "fd_thres": 0.2,
      "testing": false
    },
    "software": "mriqc",
    "version": "22.0.6",
    "webapi_port": null,
    "webapi_url": "https://mriqc.nimh.nih.gov/api/v1"
  },
  "size_t": 347,
  "size_x": 80,
  "size_y": 80,
  "size_z": 36,
  "snr": 4.448926780608083,
  "spacing_tr": 2.0,
  "spacing_x": 3.0,
  "spacing_y": 3.0,
  "spacing_z": 3.0,
  "summary_bg_k": 30.266746684724666,
  "summary_bg_mad": 3.9463628769174726,
  "summary_bg_mean": 15.709715843200684,
  "summary_bg_median": 6.7646589279174805,
  "summary_bg_n": 151692.0,
  "summary_bg_p05": 2.6381503343582153,
  "summary_bg_p95": 62.98415355682373,
  "summary_bg_stdv": 28.730525970458984,
  "summary_fg_k": 3.8782373717183924,
  "summary_fg_mad": 79.62623154874325,
  "summary_fg_mean": 427.1215515136719,
  "summary_fg_median": 413.6639709472656,
  "summary_fg_n": 37886.0,
  "summary_fg_p05": 307.4742736816406,
  "summary_fg_p95": 586.4644775390625,
  "summary_fg_stdv": 92.9793930053711,
  "tsnr": 45.18293380737305
}