{
  "aor": 0.0009312499999999999,
  "aqi": 0.00813179994047619,
  "bids_meta": {
    "CogAtlasID": " ",
    "CogPOID": " ",
    "CoilCombinationMethod": " ",
    "DelayTime": " ",
    "DeviceSerialNumber": "35368 ",
    "EchoTime": 0.03,
    "EffectiveEchoSpacing": 0.00026499894000423993,
    "FlipAngle": 45,
    "GradientSetType": " ",
    "InstitutionAddress": "Perth Drive 100,London,Ontario,CA,N6A 5K8",
    "InstitutionName": "Robarts-CFMM",
    "Instructions": " ",
    "InversionTime": " ",
    "MRTransmitCoilSequence": " ",
    "MagneticFieldStrength": 3,
    "Manufacturer": "SIEMENS ",
    "ManufacturerModelName": "TrioTim ",
    "MatrixCoilMode": " ",
    "MultibandAccelerationFactor": " ",
    "NumberOfVolumesDiscardedByScanner": " ",
    "NumberOfVolumesDiscardedByUser": 10,
    "NumberShots": " ",
    "ParallelAcquisitionTechnique": " ",
    "ParallelReductionFactorInPlane": " ",
    "PartialFourier": " ",
    "PartialFourierDirection": " ",
    "PulseSequenceDetails": " ",
    "PulseSequenceType": " ",
    "ReceiveCoilName": " ",
    "RepetitionTime": 2,
    "SliceTiming": [
      1.005,
      0,
      1.06,
      0.05500000001,
      1.11500000001,
      0.1125,
      1.1725,
      0.1675,
      1.2275000000099998,
      0.2225,
      1.2825,
      0.28,
      1.34,
      0.33500000001,
      1.395,
      0.39,
      1.45,
      0.44749999999,
      1.505,
      0.5025,
      1.5625,
      0.5575,
      1.61750000001,
      0.61500000001,
      1.6725,
      0.67,
      1.73,
      0.72500000001,
      1.785,
      0.78,
      1.84,
      0.83750000001,
      1.89750000001,
      0.8925,
      1.9525,
      0.94749999999
    ],
    "SoftwareVersions": "syngo MR B17",
    "TaskDescription": " ",
    "TaskName": "ep2d_bold_WorkingMemory_Order1",
    "TotalReadoutTime": 0.020934916260334956,
    "dataset": "ds001634",
    "modality": "bold",
    "run_id": 1,
    "subject_id": "06",
    "task_id": "WM"
  },
  "dummy_trs": 0,
  "dvars_nstd": 24.856138679223875,
  "dvars_std": 1.0600803248358206,
  "dvars_vstd": 0.9765017847164176,
  "efc": 0.49315701807467094,
  "fber": 3881.081298828125,
  "fd_mean": 0.06591303865802735,
  "fd_num": 3,
  "fd_perc": 0.8928571428571429,
  "fwhm_avg": 1.6802977777777777,
  "fwhm_x": 1.55974,
  "fwhm_y": 1.80048,
  "fwhm_z": 1.6806733333333332,
  "gcor": 0.00844966,
  "gsr_x": 0.0008395095355808735,
  "gsr_y": 0.01120296586304903,
  "provenance": {
    "md5sum": "be440ba0cab76042ebbe2bd86e2b6d04",
    "settings": {
      "fd_thres": 0.2,
      "testing": false
    },
    "software": "mriqc",
    "version": "22.0.6",
    "webapi_port": null,
    "webapi_url": "https://mriqc.nimh.nih.gov/api/v1"
  },
  "size_t": 336,
  "size_x": 80,
  "size_y": 80,
  "size_z": 36,
  "snr": 4.63075332801988,
  "spacing_tr": 2.0,
  "spacing_x": 3.0,
  "spacing_y": 3.0,
  "spacing_z": 3.0,
  "summary_bg_k": 25.999902319930566,
  "summary_bg_mad": 3.909330200214983,
  "summary_bg_mean": 17.688032150268555,
  "summary_bg_median": 7.091230392456055,
  "summary_bg_n": 146341.0,
  "summary_bg_p05": 3.1988461017608643,
  "summary_bg_p95": 71.96866607666016,
  "summary_bg_stdv": 32.63848114013672,
  "summary_fg_k": 5.387248524806756,
  "summary_fg_mad": 84.75801335492989,
  "summary_fg_mean": 456.5314025878906,
  "summary_fg_median": 443.2327880859375,
  "summary_fg_n": 42940.0,
  "summary_fg_p05": 336.789208984375,
  "summary_fg_p95": 607.2539031982421,
  "summary_fg_stdv": 95.71393585205078,
  "tsnr": 55.533721923828125
}