{
  "aor": 0.00045566951566951557,
  "aqi": 0.004943425726495727,
  "bids_meta": {
    "CogAtlasID": " ",
    "CogPOID": " ",
    "CoilCombinationMethod": " ",
    "DelayTime": " ",
    "DeviceSerialNumber": "35368 ",
    "EchoTime": 0.03,
    "EffectiveEchoSpacing": 0.00026499894000423993,
    "FlipAngle": 45,
    "GradientSetType": " ",
    "InstitutionAddress": "Perth Drive 100,London,Ontario,CA,N6A 5K8",
    "InstitutionName": "Robarts-CFMM",
    "Instructions": " ",
    "InversionTime": " ",
    "MRTransmitCoilSequence": " ",
    "MagneticFieldStrength": 3,
    "Manufacturer": "SIEMENS ",
    "ManufacturerModelName": "TrioTim ",
    "MatrixCoilMode": " ",
    "MultibandAccelerationFactor": " ",
    "NumberOfVolumesDiscardedByScanner": " ",
    "NumberOfVolumesDiscardedByUser": 10,
    "NumberShots": " ",
    "ParallelAcquisitionTechnique": " ",
    "ParallelReductionFactorInPlane": " ",
    "PartialFourier": " ",
    "PartialFourierDirection": " ",
    "PulseSequenceDetails": " ",
    "PulseSequenceType": " ",
    "ReceiveCoilName": " ",
    "RepetitionTime": 2,
    "SliceTiming": [
      1.00249999999,
      0,
      1.06,
      0.05499999999,
      1.1149999999900002,
      0.11249999999,
      1.17,
      0.1675,
      1.22749999999,
      0.22249999999,
      1.2825,
      0.2775,
      1.3374999999900001,
      0.33499999999,
      1.39499999999,
      0.39,
      1.45,
      0.44499999999,
      1.5049999999900001,
      0.50249999999,
      1.5625,
      0.5575,
      1.6174999999900002,
      0.61249999999,
      1.6725,
      0.67,
      1.72749999999,
      0.72499999999,
      1.7849999999900001,
      0.78,
      1.84,
      0.83749999999,
      1.89499999999,
      0.8925,
      1.9525,
      0.94749999999
    ],
    "SoftwareVersions": "syngo MR B17",
    "TaskDescription": " ",
    "TaskName": "ep2d_bold_WorkingMemory_Order3",
    "TotalReadoutTime": 0.020934916260334956,
    "dataset": "ds001634",
    "modality": "bold",
    "run_id": 3,
    "subject_id": "06",
    "task_id": "WM"
  },
  "dummy_trs": 0,
  "dvars_nstd": 23.704843815400007,
  "dvars_std": 1.0882926697999995,
  "dvars_vstd": 1.0084952797428572,
  "efc": 0.49726204805798047,
  "fber": 3698.02783203125,
  "fd_mean": 0.054104144960309304,
  "fd_num": 1,
  "fd_perc": 0.2849002849002849,
  "fwhm_avg": 1.6658966666666668,
  "fwhm_x": 1.55482,
  "fwhm_y": 1.77255,
  "fwhm_z": 1.67032,
  "gcor": 0.013506,
  "gsr_x": 0.0005106619792059064,
  "gsr_y": 0.010374798439443111,
  "provenance": {
    "md5sum": "68c6c2dc110319e39a08be31b85dec71",
    "settings": {
      "fd_thres": 0.2,
      "testing": false
    },
    "software": "mriqc",
    "version": "22.0.6",
    "webapi_port": null,
    "webapi_url": "https://mriqc.nimh.nih.gov/api/v1"
  },
  "size_t": 351,
  "size_x": 80,
  "size_y": 80,
  "size_z": 36,
  "snr": 4.670860238538767,
  "spacing_tr": 2.0,
  "spacing_x": 3.0,
  "spacing_y": 3.0,
  "spacing_z": 3.0,
  "summary_bg_k": 25.297083746292124,
  "summary_bg_mad": 3.9354679189986426,
  "summary_bg_mean": 18.235355377197266,
  "summary_bg_median": 7.155324935913086,
  "summary_bg_n": 145767.0,
  "summary_bg_p05": 3.282441234588623,
  "summary_bg_p95": 75.21567306518546,
  "summary_bg_stdv": 33.78989028930664,
  "summary_fg_k": 5.475810249062784,
  "summary_fg_mad": 82.52232359290876,
  "summary_fg_mean": 451.40252685546875,
  "summary_fg_median": 438.6390075683594,
  "summary_fg_n": 43323.0,
  "summary_fg_p05": 333.65537719726564,
  "summary_fg_p95": 597.8654724121094,
  "summary_fg_stdv": 93.90859985351562,
  "tsnr": 61.9393310546875
}