{
  "aor": 0.00032853448275862063,
  "aqi": 0.004750972011494253,
  "bids_meta": {
    "CogAtlasID": " ",
    "CogPOID": " ",
    "CoilCombinationMethod": " ",
    "DelayTime": " ",
    "DeviceSerialNumber": "35368 ",
    "EchoTime": 0.03,
    "EffectiveEchoSpacing": 0.00026499894000423993,
    "FlipAngle": 45,
    "GradientSetType": " ",
    "InstitutionAddress": "Perth Drive 100,London,Ontario,CA,N6A 5K8",
    "InstitutionName": "Robarts-CFMM",
    "Instructions": " ",
    "InversionTime": " ",
    "MRTransmitCoilSequence": " ",
    "MagneticFieldStrength": 3,
    "Manufacturer": "SIEMENS ",
    "ManufacturerModelName": "TrioTim ",
    "MatrixCoilMode": " ",
    "MultibandAccelerationFactor": " ",
    "NumberOfVolumesDiscardedByScanner": " ",
    "NumberOfVolumesDiscardedByUser": 10,
    "NumberShots": " ",
    "ParallelAcquisitionTechnique": " ",
    "ParallelReductionFactorInPlane": " ",
    "PartialFourier": " ",
    "PartialFourierDirection": " ",
    "PulseSequenceDetails": " ",
    "PulseSequenceType": " ",
    "ReceiveCoilName": " ",
    "RepetitionTime": 2,
    "SliceTiming": [
      1.0025,
      0,
      1.06,
      0.05500000001,
      1.11500000001,
      0.1125,
      1.17,
      0.16750000001,
      1.2275000000099998,
      0.2225,
      1.2825,
      0.27750000001,
      1.33750000001,
      0.33500000001,
      1.395,
      0.39,
      1.45000000001,
      0.44500000001,
      1.505,
      0.5025,
      1.56,
      0.55750000001,
      1.61750000001,
      0.6125,
      1.6725,
      0.67,
      1.7275000000099998,
      0.72500000001,
      1.785,
      0.78,
      1.8400000000099999,
      0.83500000001,
      1.895,
      0.8925,
      1.9525,
      0.94750000001
    ],
    "SoftwareVersions": "syngo MR B17",
    "TaskDescription": " ",
    "TaskName": "ep2d_bold_WorkingMemory_Order2",
    "TotalReadoutTime": 0.020934916260334956,
    "dataset": "ds001634",
    "modality": "bold",
    "run_id": 2,
    "subject_id": "06",
    "task_id": "WM"
  },
  "dummy_trs": 0,
  "dvars_nstd": 24.370524574178678,
  "dvars_std": 1.0891891717867421,
  "dvars_vstd": 1.0010051593948133,
  "efc": 0.4955841574723586,
  "fber": 3801.212158203125,
  "fd_mean": 0.05915913770326315,
  "fd_num": 0,
  "fd_perc": 0.0,
  "fwhm_avg": 1.6655477777777776,
  "fwhm_x": 1.5577166666666666,
  "fwhm_y": 1.7816666666666665,
  "fwhm_z": 1.65726,
  "gcor": 0.0124419,
  "gsr_x": 0.0005016413633711636,
  "gsr_y": 0.009948104619979858,
  "provenance": {
    "md5sum": "e73fc6c741da76066c23659d873ee50f",
    "settings": {
      "fd_thres": 0.2,
      "testing": false
    },
    "software": "mriqc",
    "version": "22.0.6",
    "webapi_port": null,
    "webapi_url": "https://mriqc.nimh.nih.gov/api/v1"
  },
  "size_t": 348,
  "size_x": 80,
  "size_y": 80,
  "size_z": 36,
  "snr": 4.6401203686858326,
  "spacing_tr": 2.0,
  "spacing_x": 3.0,
  "spacing_y": 3.0,
  "spacing_z": 3.0,
  "summary_bg_k": 25.590253345606126,
  "summary_bg_mad": 3.907755800676651,
  "summary_bg_mean": 18.02250099182129,
  "summary_bg_median": 7.1076812744140625,
  "summary_bg_n": 145950.0,
  "summary_bg_p05": 3.2592068910598755,
  "summary_bg_p95": 74.2893184661865,
  "summary_bg_stdv": 33.454166412353516,
  "summary_fg_k": 5.5359477087913795,
  "summary_fg_mad": 83.73870170699277,
  "summary_fg_mean": 454.5884704589844,
  "summary_fg_median": 441.8525695800781,
  "summary_fg_n": 43190.0,
  "summary_fg_p05": 335.60169830322263,
  "summary_fg_p95": 603.7636779785156,
  "summary_fg_stdv": 95.22327423095703,
  "tsnr": 62.927833557128906
}