{
  "bids_meta": {
    "AnatomicalLandmarkCoordinates": " ",
    "CoilCombinationMethod": " ",
    "ContrastBolusIngredient": " ",
    "DeviceSerialNumber": "35368 ",
    "DwellTime": " ",
    "EchoTime": 0.00298,
    "EchoTrainLength": 1,
    "FlipAngle": 9,
    "GradientSetType": " ",
    "HardcopyDeviceSoftwareVersion": "",
    "InstitutionAddress": "Perth Drive 100,London,Ontario,CA,N6A 5K8",
    "InstitutionName": "Robarts-CFMM",
    "InstitutionalDepartmentName": "CFMM",
    "InversionTime": 900,
    "MagneticFieldStrength": 3,
    "Manufacturer": "SIEMENS ",
    "ManufacturersModelName": " ",
    "MatrixCoilMode": " ",
    "MultibandAccelerationFactor": " ",
    "NonlinearGradientCorrection": " ",
    "NumberShots": " ",
    "ParallelAcquisitionTechnique": " ",
    "ParallelReductionFactorInPlane": " ",
    "PartialFourier": " ",
    "PartialFourierDirection": " ",
    "PulseSequenceDetails": " ",
    "PulseSequenceType": "MPRAGE ADNI iPAT2 ",
    "ReceiveCoilActiveElements": " ",
    "ReceiveCoilName": " ",
    "ScanOptions": "IR",
    "ScanningSequence": "GR\\IR ",
    "SequenceName": "*tfl3d1_ns",
    "SequenceVariant": "SP\\MP ",
    "SliceEncodingDirection": " ",
    "SoftwareVersions": "syngo MR B17",
    "StationName": "MRC35368",
    "WaterFatShift": " ",
    "dataset": "ds001634",
    "modality": "T1w",
    "subject_id": "15"
  },
  "cjv": 0.3528531375984105,
  "cnr": 3.7574165917651383,
  "efc": 0.5857432557792347,
  "fber": 1050.6306282022722,
  "fwhm_avg": 3.80021,
  "fwhm_x": 3.94277,
  "fwhm_y": 3.90102,
  "fwhm_z": 3.55684,
  "icvs_csf": 0.21332704860745075,
  "icvs_gm": 0.44615165439215576,
  "icvs_wm": 0.3405212970003935,
  "inu_med": 0.5667158961296082,
  "inu_range": 0.2162035092711449,
  "provenance": {
    "md5sum": "f858dbf416b985033d15fde17aec15b7",
    "settings": {
      "testing": false
    },
    "software": "mriqc",
    "version": "22.0.6",
    "warnings": {
      "large_rot_frame": true,
      "small_air_mask": false
    },
    "webapi_port": null,
    "webapi_url": "https://mriqc.nimh.nih.gov/api/v1"
  },
  "qi_1": 7.610564124793398e-06,
  "qi_2": 0.007672845342868629,
  "rpve_csf": 23.121164381533358,
  "rpve_gm": 11.570211614094868,
  "rpve_wm": 17.06065043066774,
  "size_x": 192,
  "size_y": 240,
  "size_z": 256,
  "snr_csf": 2.406087756877804,
  "snr_gm": 10.095005700042718,
  "snr_total": 11.227354836579329,
  "snr_wm": 21.180971052817462,
  "snrd_csf": 11.208439833964633,
  "snrd_gm": 33.13216021425848,
  "snrd_total": 30.881021284562852,
  "snrd_wm": 48.30246380546545,
  "spacing_x": 1.0,
  "spacing_y": 1.0,
  "spacing_z": 1.0,
  "summary_bg_k": 5.475711824846043,
  "summary_bg_mad": 13.563208941772945,
  "summary_bg_mean": 11.71865555448649,
  "summary_bg_median": 9.148245410993695,
  "summary_bg_n": 2791606.0,
  "summary_bg_p05": 0.0,
  "summary_bg_p95": 34.7820661701262,
  "summary_bg_stdv": 11.87439363811871,
  "summary_csf_k": 2.1204894704276276,
  "summary_csf_mad": 78.55551390508084,
  "summary_csf_mean": 244.83111832109094,
  "summary_csf_median": 232.04696209728718,
  "summary_csf_n": 40530.0,
  "summary_csf_p05": 113.00893123829738,
  "summary_csf_p95": 433.8422689771277,
  "summary_csf_stdv": 96.44041401212726,
  "summary_gm_k": 0.05546281773910877,
  "summary_gm_mad": 67.30684573835448,
  "summary_gm_mean": 683.453360596863,
  "summary_gm_median": 685.9310697410256,
  "summary_gm_n": 27961.0,
  "summary_gm_p05": 567.1599928010255,
  "summary_gm_p95": 791.526175474748,
  "summary_gm_stdv": 67.94635131060575,
  "summary_wm_k": 1.0278201023649762,
  "summary_wm_mad": 43.51336657087566,
  "summary_wm_mean": 997.9500758906421,
  "summary_wm_median": 1000.00001373142,
  "summary_wm_n": 191531.0,
  "summary_wm_p05": 918.1653679218143,
  "summary_wm_p95": 1070.610105871223,
  "summary_wm_stdv": 47.212065995033576,
  "tpm_overlap_csf": 0.16551903003569238,
  "tpm_overlap_gm": 0.463882535871206,
  "tpm_overlap_wm": 0.4942064832780243,
  "wm2max": 0.5696499715424018
}