{
  "aor": 0.0003492774566473988,
  "aqi": 0.004132792601156069,
  "bids_meta": {
    "CogAtlasID": " ",
    "CogPOID": " ",
    "CoilCombinationMethod": " ",
    "DelayTime": " ",
    "DeviceSerialNumber": "35368 ",
    "EchoTime": 0.03,
    "EffectiveEchoSpacing": 0.00026499894000423993,
    "FlipAngle": 45,
    "GradientSetType": " ",
    "InstitutionAddress": "Perth Drive 100,London,Ontario,CA,N6A 5K8",
    "InstitutionName": "Robarts-CFMM",
    "Instructions": " ",
    "InversionTime": " ",
    "MRTransmitCoilSequence": " ",
    "MagneticFieldStrength": 3,
    "Manufacturer": "SIEMENS ",
    "ManufacturerModelName": "TrioTim ",
    "MatrixCoilMode": " ",
    "MultibandAccelerationFactor": " ",
    "NumberOfVolumesDiscardedByScanner": " ",
    "NumberOfVolumesDiscardedByUser": 10,
    "NumberShots": " ",
    "ParallelAcquisitionTechnique": " ",
    "ParallelReductionFactorInPlane": " ",
    "PartialFourier": " ",
    "PartialFourierDirection": " ",
    "PulseSequenceDetails": " ",
    "PulseSequenceType": " ",
    "ReceiveCoilName": " ",
    "RepetitionTime": 2,
    "SliceTiming": [
      1.0025,
      0,
      1.06,
      0.05499999999,
      1.1149999999900002,
      0.10999999999,
      1.16999999998,
      0.16749999998,
      1.22749999998,
      0.2225,
      1.2825,
      0.2775,
      1.3374999999900001,
      0.33499999999,
      1.39249999999,
      0.38999999998,
      1.44999999998,
      0.44499999998,
      1.505,
      0.5025,
      1.56,
      0.5575,
      1.6174999999900002,
      0.61249999999,
      1.67249999999,
      0.66999999998,
      1.72749999998,
      0.72500000001,
      1.785,
      0.78,
      1.84,
      0.83499999999,
      1.89499999999,
      0.89249999999,
      1.95249999998,
      0.94749999998
    ],
    "SoftwareVersions": "syngo MR B17",
    "TaskDescription": " ",
    "TaskName": "ep2d_bold_WorkingMemory_order2",
    "TotalReadoutTime": 0.020934916260334956,
    "dataset": "ds001634",
    "modality": "bold",
    "run_id": 2,
    "subject_id": "04",
    "task_id": "WM"
  },
  "dummy_trs": 0,
  "dvars_nstd": 24.458362612289836,
  "dvars_std": 1.126727805391304,
  "dvars_vstd": 1.0039970573043482,
  "efc": 0.45047595177718086,
  "fber": 3263.624755859375,
  "fd_mean": 0.05630094993536636,
  "fd_num": 1,
  "fd_perc": 0.28901734104046245,
  "fwhm_avg": 1.7543388888888891,
  "fwhm_x": 1.6188,
  "fwhm_y": 1.8591033333333333,
  "fwhm_z": 1.7851133333333333,
  "gcor": 0.018828,
  "gsr_x": -0.017691198736429214,
  "gsr_y": 0.021586347371339798,
  "provenance": {
    "md5sum": "2bf7c077e5a2a1e02aab3c94086852a8",
    "settings": {
      "fd_thres": 0.2,
      "testing": false
    },
    "software": "mriqc",
    "version": "22.0.6",
    "webapi_port": null,
    "webapi_url": "https://mriqc.nimh.nih.gov/api/v1"
  },
  "size_t": 346,
  "size_x": 80,
  "size_y": 80,
  "size_z": 36,
  "snr": 3.7898998639989823,
  "spacing_tr": 2.0,
  "spacing_x": 3.0,
  "spacing_y": 3.0,
  "spacing_z": 3.0,
  "summary_bg_k": 82.47402530931681,
  "summary_bg_mad": 6.566425283838465,
  "summary_bg_mean": 17.952178955078125,
  "summary_bg_median": 9.190796852111816,
  "summary_bg_n": 154047.0,
  "summary_bg_p05": 2.5304276943206787,
  "summary_bg_p95": 58.167362594604484,
  "summary_bg_stdv": 36.50387191772461,
  "summary_fg_k": 3.2423562602379157,
  "summary_fg_mad": 106.47208654217543,
  "summary_fg_mean": 561.0120849609375,
  "summary_fg_median": 528.789794921875,
  "summary_fg_n": 36915.0,
  "summary_fg_p05": 404.2608673095703,
  "summary_fg_p95": 838.2530456542963,
  "summary_fg_stdv": 139.524169921875,
  "tsnr": 65.07975769042969
}