{
  "aor": 0.0033378813559322034,
  "aqi": 0.0055311909604519776,
  "bids_meta": {
    "CogAtlasID": " ",
    "CogPOID": " ",
    "CoilCombinationMethod": " ",
    "DelayTime": " ",
    "DeviceSerialNumber": "35368 ",
    "EchoTime": 0.03,
    "EffectiveEchoSpacing": 0.00026499894000423993,
    "FlipAngle": 45,
    "GradientSetType": " ",
    "InstitutionAddress": "Perth Drive 100,London,Ontario,CA,N6A 5K8",
    "InstitutionName": "Robarts-CFMM",
    "Instructions": " ",
    "InversionTime": " ",
    "MRTransmitCoilSequence": " ",
    "MagneticFieldStrength": 3,
    "Manufacturer": "SIEMENS ",
    "ManufacturerModelName": "TrioTim ",
    "MatrixCoilMode": " ",
    "MultibandAccelerationFactor": " ",
    "NumberOfVolumesDiscardedByScanner": " ",
    "NumberOfVolumesDiscardedByUser": 10,
    "NumberShots": " ",
    "ParallelAcquisitionTechnique": " ",
    "ParallelReductionFactorInPlane": " ",
    "PartialFourier": " ",
    "PartialFourierDirection": " ",
    "PulseSequenceDetails": " ",
    "PulseSequenceType": " ",
    "ReceiveCoilName": " ",
    "RepetitionTime": 2,
    "SliceTiming": [
      1.00499999998,
      0,
      1.06,
      0.05499999999,
      1.1149999999900002,
      0.11249999999,
      1.16999999998,
      0.16749999998,
      1.22749999998,
      0.2225,
      1.2825,
      0.28,
      1.3374999999900001,
      0.33499999999,
      1.39499999999,
      0.38999999998,
      1.44999999998,
      0.44749999998,
      1.50499999998,
      0.5025,
      1.5625,
      0.5575,
      1.6174999999900002,
      0.61249999999,
      1.67249999999,
      0.66999999998,
      1.72999999998,
      0.72499999998,
      1.785,
      0.78,
      1.84,
      0.83749999999,
      1.89499999999,
      0.89249999999,
      1.95249999998,
      0.94749999998
    ],
    "SoftwareVersions": "syngo MR B17",
    "TaskDescription": " ",
    "TaskName": "ep2d_bold_WorkingMemory_order1",
    "TotalReadoutTime": 0.020934916260334956,
    "dataset": "ds001634",
    "modality": "bold",
    "run_id": 1,
    "subject_id": "04",
    "task_id": "WM"
  },
  "dummy_trs": 0,
  "dvars_nstd": 24.040619485439073,
  "dvars_std": 1.1327188955524086,
  "dvars_vstd": 1.0391840354957511,
  "efc": 0.4501982737166973,
  "fber": 3372.253662109375,
  "fd_mean": 0.07745363085377902,
  "fd_num": 11,
  "fd_perc": 3.1073446327683616,
  "fwhm_avg": 1.7553655555555556,
  "fwhm_x": 1.6188933333333333,
  "fwhm_y": 1.8702266666666667,
  "fwhm_z": 1.7769766666666669,
  "gcor": 0.0205815,
  "gsr_x": -0.01787138544023037,
  "gsr_y": 0.022890783846378326,
  "provenance": {
    "md5sum": "ea6e63e9894584b0c3a662b2795bf51e",
    "settings": {
      "fd_thres": 0.2,
      "testing": false
    },
    "software": "mriqc",
    "version": "22.0.6",
    "webapi_port": null,
    "webapi_url": "https://mriqc.nimh.nih.gov/api/v1"
  },
  "size_t": 354,
  "size_x": 80,
  "size_y": 80,
  "size_z": 36,
  "snr": 3.79190365336884,
  "spacing_tr": 2.0,
  "spacing_x": 3.0,
  "spacing_y": 3.0,
  "spacing_z": 3.0,
  "summary_bg_k": 85.3779183727799,
  "summary_bg_mad": 6.845236808008606,
  "summary_bg_mean": 18.076765060424805,
  "summary_bg_median": 9.163618087768555,
  "summary_bg_n": 154120.0,
  "summary_bg_p05": 2.3562435746192936,
  "summary_bg_p95": 59.29657669067381,
  "summary_bg_stdv": 36.80581283569336,
  "summary_fg_k": 3.1437219643892256,
  "summary_fg_mad": 107.51250518275576,
  "summary_fg_mean": 565.5609741210938,
  "summary_fg_median": 532.5987548828125,
  "summary_fg_n": 36937.0,
  "summary_fg_p05": 407.0472106933594,
  "summary_fg_p95": 844.9141113281249,
  "summary_fg_stdv": 140.45492553710938,
  "tsnr": 58.56044006347656
}