{
  "aor": 0.00023037142857142858,
  "aqi": 0.005984799828571428,
  "bids_meta": {
    "CogAtlasID": " ",
    "CogPOID": " ",
    "CoilCombinationMethod": " ",
    "DelayTime": " ",
    "DeviceSerialNumber": "35368 ",
    "EchoTime": 0.03,
    "EffectiveEchoSpacing": 0.00026499894000423993,
    "FlipAngle": 45,
    "GradientSetType": " ",
    "InstitutionAddress": "Perth Drive 100,London//709CAB//,Ontario,CA,N6A 5K8",
    "InstitutionName": "Robarts-CFMM",
    "Instructions": " ",
    "InversionTime": " ",
    "MRTransmitCoilSequence": " ",
    "MagneticFieldStrength": 3,
    "Manufacturer": "SIEMENS ",
    "ManufacturerModelName": "TrioTim ",
    "MatrixCoilMode": " ",
    "MultibandAccelerationFactor": " ",
    "NumberOfVolumesDiscardedByScanner": " ",
    "NumberOfVolumesDiscardedByUser": 10,
    "NumberShots": " ",
    "ParallelAcquisitionTechnique": " ",
    "ParallelReductionFactorInPlane": " ",
    "PartialFourier": " ",
    "PartialFourierDirection": " ",
    "PulseSequenceDetails": " ",
    "PulseSequenceType": " ",
    "ReceiveCoilName": " ",
    "RepetitionTime": 2,
    "SliceTiming": [
      1.005,
      0,
      1.06,
      0.05500000002,
      1.11500000002,
      0.11250000002,
      1.17000000001,
      0.16750000001,
      1.2275000000099998,
      0.2225,
      1.2825,
      0.28,
      1.33750000002,
      0.33500000002,
      1.39500000002,
      0.39000000001,
      1.45000000001,
      0.44750000001,
      1.505,
      0.5025,
      1.5625,
      0.55750000002,
      1.61750000002,
      0.61250000002,
      1.67250000002,
      0.67000000001,
      1.73000000001,
      0.72500000001,
      1.785,
      0.78,
      1.8400000000299999,
      0.83750000002,
      1.89500000002,
      0.89250000002,
      1.95250000001,
      0.94750000001
    ],
    "SoftwareVersions": "syngo MR B17",
    "TaskDescription": " ",
    "TaskName": "ep2d_bold_WorkingMemory_order1",
    "TotalReadoutTime": 0.020934916260334956,
    "dataset": "ds001634",
    "modality": "bold",
    "run_id": 1,
    "subject_id": "13",
    "task_id": "WM"
  },
  "dummy_trs": 0,
  "dvars_nstd": 23.705621888767904,
  "dvars_std": 1.1127228179942688,
  "dvars_vstd": 0.989539717048711,
  "efc": 0.4745992590269491,
  "fber": 3987.3095703125,
  "fd_mean": 0.06749407865637067,
  "fd_num": 2,
  "fd_perc": 0.5714285714285714,
  "fwhm_avg": 1.7016355555555556,
  "fwhm_x": 1.53508,
  "fwhm_y": 1.8439733333333335,
  "fwhm_z": 1.7258533333333332,
  "gcor": 0.0241173,
  "gsr_x": -0.007754800375550985,
  "gsr_y": 0.013967466540634632,
  "provenance": {
    "md5sum": "eaa86d940edb5282e10c3368a78f5c3b",
    "settings": {
      "fd_thres": 0.2,
      "testing": false
    },
    "software": "mriqc",
    "version": "22.0.6",
    "webapi_port": null,
    "webapi_url": "https://mriqc.nimh.nih.gov/api/v1"
  },
  "size_t": 350,
  "size_x": 80,
  "size_y": 80,
  "size_z": 36,
  "snr": 5.288561410381321,
  "spacing_tr": 2.0,
  "spacing_x": 3.0,
  "spacing_y": 3.0,
  "spacing_z": 3.0,
  "summary_bg_k": 50.13971291972035,
  "summary_bg_mad": 3.8136156159782395,
  "summary_bg_mean": 14.892096519470215,
  "summary_bg_median": 7.312555313110352,
  "summary_bg_n": 149476.0,
  "summary_bg_p05": 2.840232253074646,
  "summary_bg_p95": 55.933064460754395,
  "summary_bg_stdv": 30.270954132080078,
  "summary_fg_k": 5.769356915814916,
  "summary_fg_mad": 79.6336291763899,
  "summary_fg_mean": 477.1810302734375,
  "summary_fg_median": 466.4042663574219,
  "summary_fg_n": 40063.0,
  "summary_fg_p05": 365.12022399902344,
  "summary_fg_p95": 620.1270629882813,
  "summary_fg_stdv": 88.1900405883789,
  "tsnr": 62.998321533203125
}