{
  "aor": 0.0009166172106824926,
  "aqi": 0.006110163026706232,
  "bids_meta": {
    "CogAtlasID": " ",
    "CogPOID": " ",
    "CoilCombinationMethod": " ",
    "DelayTime": " ",
    "DeviceSerialNumber": "35368 ",
    "EchoTime": 0.03,
    "EffectiveEchoSpacing": 0.00026499894000423993,
    "FlipAngle": 45,
    "GradientSetType": " ",
    "InstitutionAddress": "Perth Drive 100,London//709CAB//,Ontario,CA,N6A 5K8",
    "InstitutionName": "Robarts-CFMM",
    "Instructions": " ",
    "InversionTime": " ",
    "MRTransmitCoilSequence": " ",
    "MagneticFieldStrength": 3,
    "Manufacturer": "SIEMENS ",
    "ManufacturerModelName": "TrioTim ",
    "MatrixCoilMode": " ",
    "MultibandAccelerationFactor": " ",
    "NumberOfVolumesDiscardedByScanner": " ",
    "NumberOfVolumesDiscardedByUser": 10,
    "NumberShots": " ",
    "ParallelAcquisitionTechnique": " ",
    "ParallelReductionFactorInPlane": " ",
    "PartialFourier": " ",
    "PartialFourierDirection": " ",
    "PulseSequenceDetails": " ",
    "PulseSequenceType": " ",
    "ReceiveCoilName": " ",
    "RepetitionTime": 2,
    "SliceTiming": [
      1.0025,
      0,
      1.06,
      0.05499999999,
      1.1149999999900002,
      0.10999999999,
      1.16999999998,
      0.16749999998,
      1.2275000000099998,
      0.2225,
      1.2825,
      0.2775,
      1.3374999999900001,
      0.33499999999,
      1.39249999999,
      0.38999999998,
      1.44999999998,
      0.44500000001,
      1.505,
      0.5025,
      1.56,
      0.5575,
      1.6174999999900002,
      0.61249999999,
      1.67249999999,
      0.66749999998,
      1.7275000000099998,
      0.72500000001,
      1.785,
      0.78,
      1.84,
      0.83499999999,
      1.89499999999,
      0.89249999999,
      1.95249999998,
      0.94749999998
    ],
    "SoftwareVersions": "syngo MR B17",
    "TaskDescription": " ",
    "TaskName": "ep2d_bold_WorkingMemory_order1_run2 ",
    "TotalReadoutTime": 0.020934916260334956,
    "dataset": "ds001634",
    "modality": "bold",
    "run_id": 2,
    "subject_id": "18",
    "task_id": "WM"
  },
  "dummy_trs": 0,
  "dvars_nstd": 26.3348045749405,
  "dvars_std": 1.1378657261011909,
  "dvars_vstd": 1.4413407429761902,
  "efc": 0.47943265326859874,
  "fber": 4116.7783203125,
  "fd_mean": 0.10582332246215839,
  "fd_num": 21,
  "fd_perc": 6.231454005934718,
  "fwhm_avg": 1.8202255555555558,
  "fwhm_x": 1.6920333333333335,
  "fwhm_y": 1.9347,
  "fwhm_z": 1.8339433333333333,
  "gcor": 0.0233608,
  "gsr_x": 0.006739954464137554,
  "gsr_y": 0.015058872289955616,
  "provenance": {
    "md5sum": "8682fa9a7f8434729a6aa7ba58148a9e",
    "settings": {
      "fd_thres": 0.2,
      "testing": false
    },
    "software": "mriqc",
    "version": "22.0.6",
    "webapi_port": null,
    "webapi_url": "https://mriqc.nimh.nih.gov/api/v1"
  },
  "size_t": 337,
  "size_x": 80,
  "size_y": 80,
  "size_z": 36,
  "snr": 3.9726774317759306,
  "spacing_tr": 2.0,
  "spacing_x": 3.0,
  "spacing_y": 3.0,
  "spacing_z": 3.0,
  "summary_bg_k": 40.82197498095259,
  "summary_bg_mad": 4.032616217767823,
  "summary_bg_mean": 19.031417846679688,
  "summary_bg_median": 7.72767972946167,
  "summary_bg_n": 148423.0,
  "summary_bg_p05": 3.532880926132202,
  "summary_bg_p95": 80.35348587036113,
  "summary_bg_stdv": 37.531707763671875,
  "summary_fg_k": 6.199569713086262,
  "summary_fg_mad": 98.93600788268162,
  "summary_fg_mean": 517.3088989257812,
  "summary_fg_median": 495.27984619140625,
  "summary_fg_n": 41438.0,
  "summary_fg_p05": 377.04882049560547,
  "summary_fg_p95": 719.3954650878907,
  "summary_fg_stdv": 124.6700439453125,
  "tsnr": 58.478721618652344
}