{
  "aor": 0.00034466275659824047,
  "aqi": 0.007393139442815248,
  "bids_meta": {
    "CogAtlasID": " ",
    "CogPOID": " ",
    "CoilCombinationMethod": " ",
    "DelayTime": " ",
    "DeviceSerialNumber": "35368 ",
    "EchoTime": 0.03,
    "EffectiveEchoSpacing": 0.00026499894000423993,
    "FlipAngle": 45,
    "GradientSetType": " ",
    "InstitutionAddress": "Perth Drive 100,London//709CAB//,Ontario,CA,N6A 5K8",
    "InstitutionName": "Robarts-CFMM",
    "Instructions": " ",
    "InversionTime": " ",
    "MRTransmitCoilSequence": " ",
    "MagneticFieldStrength": 3,
    "Manufacturer": "SIEMENS ",
    "ManufacturerModelName": "TrioTim ",
    "MatrixCoilMode": " ",
    "MultibandAccelerationFactor": " ",
    "NumberOfVolumesDiscardedByScanner": " ",
    "NumberOfVolumesDiscardedByUser": 10,
    "NumberShots": " ",
    "ParallelAcquisitionTechnique": " ",
    "ParallelReductionFactorInPlane": " ",
    "PartialFourier": " ",
    "PartialFourierDirection": " ",
    "PulseSequenceDetails": " ",
    "PulseSequenceType": " ",
    "ReceiveCoilName": " ",
    "RepetitionTime": 2,
    "SliceTiming": [
      1.0025,
      0,
      1.06,
      0.05499999999,
      1.1149999999900002,
      0.11250000002,
      1.17000000001,
      0.16750000001,
      1.2275000000099998,
      0.2225,
      1.2825,
      0.2775,
      1.3374999999900001,
      0.33499999999,
      1.39500000002,
      0.39000000001,
      1.45000000001,
      0.44500000001,
      1.505,
      0.5025,
      1.5625,
      0.5575,
      1.6174999999900002,
      0.61250000002,
      1.67250000002,
      0.67000000001,
      1.7275000000099998,
      0.72500000001,
      1.785,
      0.78,
      1.84,
      0.83749999999,
      1.89500000002,
      0.89250000002,
      1.95250000001,
      0.94750000001
    ],
    "SoftwareVersions": "syngo MR B17",
    "TaskDescription": " ",
    "TaskName": "ep2d_bold_WorkingMemory_order1_run3 ",
    "TotalReadoutTime": 0.020934916260334956,
    "dataset": "ds001634",
    "modality": "bold",
    "run_id": 3,
    "subject_id": "18",
    "task_id": "WM"
  },
  "dummy_trs": 0,
  "dvars_nstd": 26.610243993647053,
  "dvars_std": 1.1085093584705883,
  "dvars_vstd": 0.9735683747058818,
  "efc": 0.48113756607758174,
  "fber": 4007.042236328125,
  "fd_mean": 0.10438933800764351,
  "fd_num": 20,
  "fd_perc": 5.865102639296188,
  "fwhm_avg": 1.8152233333333332,
  "fwhm_x": 1.6892833333333332,
  "fwhm_y": 1.9312366666666667,
  "fwhm_z": 1.82515,
  "gcor": 0.0280829,
  "gsr_x": 0.006055120378732681,
  "gsr_y": 0.015303204767405987,
  "provenance": {
    "md5sum": "96aa125058aed3fb01ce1043e1780090",
    "settings": {
      "fd_thres": 0.2,
      "testing": false
    },
    "software": "mriqc",
    "version": "22.0.6",
    "webapi_port": null,
    "webapi_url": "https://mriqc.nimh.nih.gov/api/v1"
  },
  "size_t": 341,
  "size_x": 80,
  "size_y": 80,
  "size_z": 36,
  "snr": 3.978861316681007,
  "spacing_tr": 2.0,
  "spacing_x": 3.0,
  "spacing_y": 3.0,
  "spacing_z": 3.0,
  "summary_bg_k": 37.596345146647494,
  "summary_bg_mad": 4.326756751901884,
  "summary_bg_mean": 19.37729263305664,
  "summary_bg_median": 7.79255485534668,
  "summary_bg_n": 148324.0,
  "summary_bg_p05": 3.386811447143555,
  "summary_bg_p95": 82.25978775024414,
  "summary_bg_stdv": 37.928871154785156,
  "summary_fg_k": 6.160656005933104,
  "summary_fg_mad": 98.53151374713963,
  "summary_fg_mean": 515.4119262695312,
  "summary_fg_median": 493.57611083984375,
  "summary_fg_n": 41537.0,
  "summary_fg_p05": 375.1477966308594,
  "summary_fg_p95": 715.912109375,
  "summary_fg_stdv": 124.048095703125,
  "tsnr": 55.194679260253906
}