{
  "aor": 0.0007444281524926687,
  "aqi": 0.006067091260997067,
  "bids_meta": {
    "CogAtlasID": " ",
    "CogPOID": " ",
    "CoilCombinationMethod": " ",
    "DelayTime": " ",
    "DeviceSerialNumber": "35368 ",
    "EchoTime": 0.03,
    "EffectiveEchoSpacing": 0.00026499894000423993,
    "FlipAngle": 45,
    "GradientSetType": " ",
    "InstitutionAddress": "Perth Drive 100,London//709CAB//,Ontario,CA,N6A 5K8",
    "InstitutionName": "Robarts-CFMM",
    "Instructions": " ",
    "InversionTime": " ",
    "MRTransmitCoilSequence": " ",
    "MagneticFieldStrength": 3,
    "Manufacturer": "SIEMENS ",
    "ManufacturerModelName": "TrioTim ",
    "MatrixCoilMode": " ",
    "MultibandAccelerationFactor": " ",
    "NumberOfVolumesDiscardedByScanner": " ",
    "NumberOfVolumesDiscardedByUser": 10,
    "NumberShots": " ",
    "ParallelAcquisitionTechnique": " ",
    "ParallelReductionFactorInPlane": " ",
    "PartialFourier": " ",
    "PartialFourierDirection": " ",
    "PulseSequenceDetails": " ",
    "PulseSequenceType": " ",
    "ReceiveCoilName": " ",
    "RepetitionTime": 2,
    "SliceTiming": [
      1.00499999998,
      0,
      1.06,
      0.0575,
      1.1174999999900002,
      0.11249999999,
      1.17249999999,
      0.16749999998,
      1.22749999998,
      0.22499999998,
      1.2824999999700002,
      0.28,
      1.34,
      0.33499999999,
      1.39499999999,
      0.39249999999,
      1.44999999998,
      0.44749999998,
      1.50749999998,
      0.5024999999699999,
      1.5625,
      0.5575,
      1.6174999999900002,
      0.61499999999,
      1.67499999999,
      0.66999999998,
      1.72999999998,
      0.72499999998,
      1.7849999999700001,
      0.78249999997,
      1.84,
      0.83749999999,
      1.8974999999900002,
      0.89249999999,
      1.95249999998,
      0.94999999998
    ],
    "SoftwareVersions": "syngo MR B17",
    "TaskDescription": " ",
    "TaskName": "ep2d_bold_WorkingMemory_order1_run1 ",
    "TotalReadoutTime": 0.020934916260334956,
    "dataset": "ds001634",
    "modality": "bold",
    "run_id": 1,
    "subject_id": "18",
    "task_id": "WM"
  },
  "dummy_trs": 0,
  "dvars_nstd": 26.36240289341175,
  "dvars_std": 1.1398210319705881,
  "dvars_vstd": 0.9961556193235298,
  "efc": 0.47797600713674593,
  "fber": 4197.5283203125,
  "fd_mean": 0.09973702251348204,
  "fd_num": 12,
  "fd_perc": 3.5190615835777126,
  "fwhm_avg": 1.8200144444444444,
  "fwhm_x": 1.6894766666666667,
  "fwhm_y": 1.9268433333333332,
  "fwhm_z": 1.8437233333333334,
  "gcor": 0.0159458,
  "gsr_x": 0.0064474171958863735,
  "gsr_y": 0.015294530428946018,
  "provenance": {
    "md5sum": "9114830a1df1cea45bca4d78e36fd528",
    "settings": {
      "fd_thres": 0.2,
      "testing": false
    },
    "software": "mriqc",
    "version": "22.0.6",
    "webapi_port": null,
    "webapi_url": "https://mriqc.nimh.nih.gov/api/v1"
  },
  "size_t": 341,
  "size_x": 80,
  "size_y": 80,
  "size_z": 36,
  "snr": 3.969088465071831,
  "spacing_tr": 2.0,
  "spacing_x": 3.0,
  "spacing_y": 3.0,
  "spacing_z": 3.0,
  "summary_bg_k": 44.28680023677114,
  "summary_bg_mad": 4.1026964386188824,
  "summary_bg_mean": 18.889822006225586,
  "summary_bg_median": 7.764525890350342,
  "summary_bg_n": 148521.0,
  "summary_bg_p05": 3.5154428482055664,
  "summary_bg_p95": 77.95647430419922,
  "summary_bg_stdv": 37.711238861083984,
  "summary_fg_k": 6.103779831360253,
  "summary_fg_mad": 100.71505815220189,
  "summary_fg_mean": 524.7965087890625,
  "summary_fg_median": 502.4721374511719,
  "summary_fg_n": 41357.0,
  "summary_fg_p05": 381.5319091796875,
  "summary_fg_p95": 731.0185791015622,
  "summary_fg_stdv": 126.5948257446289,
  "tsnr": 58.994590759277344
}