{
  "aor": 0.002622536023054755,
  "aqi": 0.01990974772334294,
  "bids_meta": {
    "CogAtlasID": " ",
    "CogPOID": " ",
    "CoilCombinationMethod": " ",
    "DelayTime": " ",
    "DeviceSerialNumber": "35368 ",
    "EchoTime": 0.03,
    "EffectiveEchoSpacing": 0.00026499894000423993,
    "FlipAngle": 45,
    "GradientSetType": " ",
    "InstitutionAddress": "Perth Drive 100,London//709CAB//,Ontario,CA,N6A 5K8",
    "InstitutionName": "Robarts-CFMM",
    "Instructions": " ",
    "InversionTime": " ",
    "MRTransmitCoilSequence": " ",
    "MagneticFieldStrength": 3,
    "Manufacturer": "SIEMENS ",
    "ManufacturerModelName": "TrioTim ",
    "MatrixCoilMode": " ",
    "MultibandAccelerationFactor": " ",
    "NumberOfVolumesDiscardedByScanner": " ",
    "NumberOfVolumesDiscardedByUser": 10,
    "NumberShots": " ",
    "ParallelAcquisitionTechnique": " ",
    "ParallelReductionFactorInPlane": " ",
    "PartialFourier": " ",
    "PartialFourierDirection": " ",
    "PulseSequenceDetails": " ",
    "PulseSequenceType": " ",
    "ReceiveCoilName": " ",
    "RepetitionTime": 2,
    "SliceTiming": [
      1.005,
      0,
      1.06,
      0.0575,
      1.11500000002,
      0.11250000002,
      1.17250000002,
      0.16750000001,
      1.2275000000099998,
      0.22500000001,
      1.2825,
      0.28,
      1.34,
      0.33500000002,
      1.39500000002,
      0.39000000001,
      1.45000000001,
      0.44750000001,
      1.5075000000099998,
      0.5025,
      1.5625,
      0.5575,
      1.61750000002,
      0.61500000002,
      1.67250000002,
      0.67000000001,
      1.73000000001,
      0.72500000001,
      1.785,
      0.7825,
      1.84,
      0.83750000002,
      1.89750000002,
      0.89250000002,
      1.95250000001,
      0.95000000001
    ],
    "SoftwareVersions": "syngo MR B17",
    "TaskDescription": " ",
    "TaskName": "ep2d_bold_WorkingMemory_order2",
    "TotalReadoutTime": 0.020934916260334956,
    "dataset": "ds001634",
    "modality": "bold",
    "run_id": 2,
    "subject_id": "08",
    "task_id": "WM"
  },
  "dummy_trs": 0,
  "dvars_nstd": 31.709576270635843,
  "dvars_std": 1.0697428284104054,
  "dvars_vstd": 0.9801348568786126,
  "efc": 0.4778068298938434,
  "fber": 3668.622314453125,
  "fd_mean": 0.273603874444454,
  "fd_num": 164,
  "fd_perc": 47.262247838616716,
  "fwhm_avg": 1.735981111111111,
  "fwhm_x": 1.6188500000000001,
  "fwhm_y": 1.8120333333333332,
  "fwhm_z": 1.7770599999999999,
  "gcor": 0.0344158,
  "gsr_x": 0.0005813911557197571,
  "gsr_y": 0.005042311269789934,
  "provenance": {
    "md5sum": "1befdfdf0968aea63f43a31dd184e684",
    "settings": {
      "fd_thres": 0.2,
      "testing": false
    },
    "software": "mriqc",
    "version": "22.0.6",
    "webapi_port": null,
    "webapi_url": "https://mriqc.nimh.nih.gov/api/v1"
  },
  "size_t": 347,
  "size_x": 80,
  "size_y": 80,
  "size_z": 36,
  "snr": 4.751427949225923,
  "spacing_tr": 2.0,
  "spacing_x": 3.0,
  "spacing_y": 3.0,
  "spacing_z": 3.0,
  "summary_bg_k": 65.00062164370888,
  "summary_bg_mad": 3.4782161992862113,
  "summary_bg_mean": 13.745722770690918,
  "summary_bg_median": 6.430741310119629,
  "summary_bg_n": 149101.0,
  "summary_bg_p05": 2.993381977081299,
  "summary_bg_p95": 41.962257385253906,
  "summary_bg_stdv": 27.54904556274414,
  "summary_fg_k": 5.34668652996943,
  "summary_fg_mad": 72.79451110569798,
  "summary_fg_mean": 406.3928527832031,
  "summary_fg_median": 395.13409423828125,
  "summary_fg_n": 40373.0,
  "summary_fg_p05": 300.8311340332031,
  "summary_fg_p95": 541.9736450195313,
  "summary_fg_stdv": 83.16009521484375,
  "tsnr": 37.80543518066406
}