{
  "aor": 0.002171246290801187,
  "aqi": 0.016735590207715135,
  "bids_meta": {
    "CogAtlasID": " ",
    "CogPOID": " ",
    "CoilCombinationMethod": " ",
    "DelayTime": " ",
    "DeviceSerialNumber": "35368 ",
    "EchoTime": 0.03,
    "EffectiveEchoSpacing": 0.00026499894000423993,
    "FlipAngle": 45,
    "GradientSetType": " ",
    "InstitutionAddress": "Perth Drive 100,London,Ontario,CA,N6A 5K8",
    "InstitutionName": "Robarts-CFMM",
    "Instructions": " ",
    "InversionTime": " ",
    "MRTransmitCoilSequence": " ",
    "MagneticFieldStrength": 3,
    "Manufacturer": "SIEMENS ",
    "ManufacturerModelName": "TrioTim ",
    "MatrixCoilMode": " ",
    "MultibandAccelerationFactor": " ",
    "NumberOfVolumesDiscardedByScanner": " ",
    "NumberOfVolumesDiscardedByUser": 10,
    "NumberShots": " ",
    "ParallelAcquisitionTechnique": " ",
    "ParallelReductionFactorInPlane": " ",
    "PartialFourier": " ",
    "PartialFourierDirection": " ",
    "PulseSequenceDetails": " ",
    "PulseSequenceType": " ",
    "ReceiveCoilName": " ",
    "RepetitionTime": 2,
    "SliceTiming": [
      1.00249999997,
      0,
      1.06,
      0.05499999999,
      1.1149999999900002,
      0.11249999999,
      1.16999999998,
      0.16749999998,
      1.22749999998,
      0.22249999997,
      1.2825,
      0.28,
      1.3374999999900001,
      0.33499999999,
      1.39499999999,
      0.38999999998,
      1.44999999998,
      0.44499999998,
      1.50499999998,
      0.5024999999699999,
      1.5625,
      0.5575,
      1.6174999999900002,
      0.61249999999,
      1.67249999999,
      0.66999999998,
      1.72749999998,
      0.72499999998,
      1.7849999999700001,
      0.78,
      1.84,
      0.83749999999,
      1.89499999999,
      0.89249999999,
      1.95249999998,
      0.94749999998
    ],
    "SoftwareVersions": "syngo MR B17",
    "TaskDescription": " ",
    "TaskName": "ep2d_bold_WorkingMemory_order1",
    "TotalReadoutTime": 0.020934916260334956,
    "dataset": "ds001634",
    "modality": "bold",
    "run_id": 1,
    "subject_id": "14",
    "task_id": "WM"
  },
  "dummy_trs": 0,
  "dvars_nstd": 31.60964989693453,
  "dvars_std": 1.0823166422023816,
  "dvars_vstd": 0.9837626750595241,
  "efc": 0.4644633301444736,
  "fber": 3880.30126953125,
  "fd_mean": 0.19866790859833655,
  "fd_num": 91,
  "fd_perc": 27.002967359050444,
  "fwhm_avg": 1.9020633333333334,
  "fwhm_x": 1.7608533333333334,
  "fwhm_y": 2.0494133333333333,
  "fwhm_z": 1.8959233333333334,
  "gcor": 0.0239,
  "gsr_x": -0.013172287493944168,
  "gsr_y": 0.018442627042531967,
  "provenance": {
    "md5sum": "ead83b63130ad40f445dc7f3e9769437",
    "settings": {
      "fd_thres": 0.2,
      "testing": false
    },
    "software": "mriqc",
    "version": "22.0.6",
    "webapi_port": null,
    "webapi_url": "https://mriqc.nimh.nih.gov/api/v1"
  },
  "size_t": 337,
  "size_x": 80,
  "size_y": 80,
  "size_z": 36,
  "snr": 4.43594378029726,
  "spacing_tr": 2.0,
  "spacing_x": 3.0,
  "spacing_y": 3.0,
  "spacing_z": 3.0,
  "summary_bg_k": 30.707806277989867,
  "summary_bg_mad": 3.585850833193281,
  "summary_bg_mean": 14.223716735839844,
  "summary_bg_median": 6.470346450805664,
  "summary_bg_n": 152501.0,
  "summary_bg_p05": 2.7923526763916016,
  "summary_bg_p95": 56.377620697021484,
  "summary_bg_stdv": 25.365053176879883,
  "summary_fg_k": 5.654558233897632,
  "summary_fg_mad": 71.76517759523037,
  "summary_fg_mean": 423.32293701171875,
  "summary_fg_median": 409.27777099609375,
  "summary_fg_n": 37628.0,
  "summary_fg_p05": 314.6971099853516,
  "summary_fg_p95": 573.6546539306642,
  "summary_fg_stdv": 92.26274108886719,
  "tsnr": 40.266883850097656
}