{
  "aor": 0.0031052083333333327,
  "aqi": 0.01349850220238095,
  "bids_meta": {
    "CogAtlasID": " ",
    "CogPOID": " ",
    "CoilCombinationMethod": " ",
    "DelayTime": " ",
    "DeviceSerialNumber": "35368 ",
    "EchoTime": 0.03,
    "EffectiveEchoSpacing": 0.00026499894000423993,
    "FlipAngle": 45,
    "GradientSetType": " ",
    "InstitutionAddress": "Perth Drive 100,London,Ontario,CA,N6A 5K8",
    "InstitutionName": "Robarts-CFMM",
    "Instructions": " ",
    "InversionTime": " ",
    "MRTransmitCoilSequence": " ",
    "MagneticFieldStrength": 3,
    "Manufacturer": "SIEMENS ",
    "ManufacturerModelName": "TrioTim ",
    "MatrixCoilMode": " ",
    "MultibandAccelerationFactor": " ",
    "NumberOfVolumesDiscardedByScanner": " ",
    "NumberOfVolumesDiscardedByUser": 10,
    "NumberShots": " ",
    "ParallelAcquisitionTechnique": " ",
    "ParallelReductionFactorInPlane": " ",
    "PartialFourier": " ",
    "PartialFourierDirection": " ",
    "PulseSequenceDetails": " ",
    "PulseSequenceType": " ",
    "ReceiveCoilName": " ",
    "RepetitionTime": 2,
    "SliceTiming": [
      1.005,
      0,
      1.06,
      0.05499999999,
      1.11500000002,
      0.11250000002,
      1.17250000002,
      0.16750000001,
      1.2275000000099998,
      0.2225,
      1.2825,
      0.28,
      1.3374999999900001,
      0.33499999999,
      1.39500000002,
      0.39000000001,
      1.45000000001,
      0.44750000001,
      1.505,
      0.5025,
      1.5625,
      0.5575,
      1.6174999999900002,
      0.61500000002,
      1.67250000002,
      0.67000000001,
      1.73000000001,
      0.72500000001,
      1.785,
      0.78,
      1.84,
      0.83749999999,
      1.8974999999900002,
      0.89250000002,
      1.95250000001,
      0.94750000001
    ],
    "SoftwareVersions": "syngo MR B17",
    "TaskDescription": " ",
    "TaskName": "ep2d_bold_WorkingMemory_order3",
    "TotalReadoutTime": 0.020934916260334956,
    "dataset": "ds001634",
    "modality": "bold",
    "run_id": 3,
    "subject_id": "14",
    "task_id": "WM"
  },
  "dummy_trs": 0,
  "dvars_nstd": 33.60627221629853,
  "dvars_std": 1.0868591000298504,
  "dvars_vstd": 0.9870785375820893,
  "efc": 0.46726391996440486,
  "fber": 3758.652587890625,
  "fd_mean": 0.2518048947098801,
  "fd_num": 145,
  "fd_perc": 43.154761904761905,
  "fwhm_avg": 1.8881322222222219,
  "fwhm_x": 1.7493366666666665,
  "fwhm_y": 2.0350433333333333,
  "fwhm_z": 1.8800166666666664,
  "gcor": 0.0293742,
  "gsr_x": -0.014480958692729473,
  "gsr_y": 0.01893419586122036,
  "provenance": {
    "md5sum": "50e819cac5e38b53b7a39f23812de1c7",
    "settings": {
      "fd_thres": 0.2,
      "testing": false
    },
    "software": "mriqc",
    "version": "22.0.6",
    "webapi_port": null,
    "webapi_url": "https://mriqc.nimh.nih.gov/api/v1"
  },
  "size_t": 336,
  "size_x": 80,
  "size_y": 80,
  "size_z": 36,
  "snr": 4.442716253889891,
  "spacing_tr": 2.0,
  "spacing_x": 3.0,
  "spacing_y": 3.0,
  "spacing_z": 3.0,
  "summary_bg_k": 28.934504574101684,
  "summary_bg_mad": 3.661379593443498,
  "summary_bg_mean": 14.529966354370117,
  "summary_bg_median": 6.509014129638672,
  "summary_bg_n": 152188.0,
  "summary_bg_p05": 2.76232271194458,
  "summary_bg_p95": 58.50900382995599,
  "summary_bg_stdv": 25.511781692504883,
  "summary_fg_k": 5.668393135637528,
  "summary_fg_mad": 70.72892153412094,
  "summary_fg_mean": 419.02362060546875,
  "summary_fg_median": 405.1820068359375,
  "summary_fg_n": 37875.0,
  "summary_fg_p05": 311.2809539794922,
  "summary_fg_p95": 567.3751647949216,
  "summary_fg_stdv": 91.20021057128906,
  "tsnr": 42.89093017578125
}