{
  "aor": 0.002843125,
  "aqi": 0.018171454136904762,
  "bids_meta": {
    "CogAtlasID": " ",
    "CogPOID": " ",
    "CoilCombinationMethod": " ",
    "DelayTime": " ",
    "DeviceSerialNumber": "35368 ",
    "EchoTime": 0.03,
    "EffectiveEchoSpacing": 0.00026499894000423993,
    "FlipAngle": 45,
    "GradientSetType": " ",
    "InstitutionAddress": "Perth Drive 100,London,Ontario,CA,N6A 5K8",
    "InstitutionName": "Robarts-CFMM",
    "Instructions": " ",
    "InversionTime": " ",
    "MRTransmitCoilSequence": " ",
    "MagneticFieldStrength": 3,
    "Manufacturer": "SIEMENS ",
    "ManufacturerModelName": "TrioTim ",
    "MatrixCoilMode": " ",
    "MultibandAccelerationFactor": " ",
    "NumberOfVolumesDiscardedByScanner": " ",
    "NumberOfVolumesDiscardedByUser": 10,
    "NumberShots": " ",
    "ParallelAcquisitionTechnique": " ",
    "ParallelReductionFactorInPlane": " ",
    "PartialFourier": " ",
    "PartialFourierDirection": " ",
    "PulseSequenceDetails": " ",
    "PulseSequenceType": " ",
    "ReceiveCoilName": " ",
    "RepetitionTime": 2,
    "SliceTiming": [
      1.005,
      0,
      1.06,
      0.057500000020000004,
      1.11500000002,
      0.11250000002,
      1.17250000002,
      0.16750000001,
      1.2275000000099998,
      0.2225,
      1.2825,
      0.28,
      1.3400000000299999,
      0.33500000002,
      1.39500000002,
      0.39000000001,
      1.45000000001,
      0.44750000001,
      1.505,
      0.5025,
      1.5625,
      0.55750000002,
      1.61750000002,
      0.61500000002,
      1.67250000002,
      0.67000000001,
      1.73000000001,
      0.72500000001,
      1.785,
      0.7825,
      1.8400000000299999,
      0.83750000002,
      1.89750000002,
      0.89250000002,
      1.95250000001,
      0.94750000001
    ],
    "SoftwareVersions": "syngo MR B17",
    "TaskDescription": " ",
    "TaskName": "ep2d_bold_WorkingMemory_order1",
    "TotalReadoutTime": 0.020934916260334956,
    "dataset": "ds001634",
    "modality": "bold",
    "run_id": 2,
    "subject_id": "14",
    "task_id": "WM"
  },
  "dummy_trs": 0,
  "dvars_nstd": 34.1210610117612,
  "dvars_std": 1.0701848129850748,
  "dvars_vstd": 0.9773264315522386,
  "efc": 0.46777775413240247,
  "fber": 3669.926025390625,
  "fd_mean": 0.2538737738676503,
  "fd_num": 128,
  "fd_perc": 38.095238095238095,
  "fwhm_avg": 1.8982188888888887,
  "fwhm_x": 1.75363,
  "fwhm_y": 2.0405166666666665,
  "fwhm_z": 1.90051,
  "gcor": 0.02696,
  "gsr_x": -0.014548184350132942,
  "gsr_y": 0.019887978211045265,
  "provenance": {
    "md5sum": "f0d753acc6b41c33c2bb60285bbe2f13",
    "settings": {
      "fd_thres": 0.2,
      "testing": false
    },
    "software": "mriqc",
    "version": "22.0.6",
    "webapi_port": null,
    "webapi_url": "https://mriqc.nimh.nih.gov/api/v1"
  },
  "size_t": 336,
  "size_x": 80,
  "size_y": 80,
  "size_z": 36,
  "snr": 4.439586912506671,
  "spacing_tr": 2.0,
  "spacing_x": 3.0,
  "spacing_y": 3.0,
  "spacing_z": 3.0,
  "summary_bg_k": 32.039956231045146,
  "summary_bg_mad": 3.6768938268825173,
  "summary_bg_mean": 14.580473899841309,
  "summary_bg_median": 6.560503959655762,
  "summary_bg_n": 152162.0,
  "summary_bg_p05": 2.822383153438568,
  "summary_bg_p95": 58.044288063049294,
  "summary_bg_stdv": 25.79345703125,
  "summary_fg_k": 5.689671774539869,
  "summary_fg_mad": 70.16122713606217,
  "summary_fg_mean": 418.070068359375,
  "summary_fg_median": 404.3478088378906,
  "summary_fg_n": 37922.0,
  "summary_fg_p05": 310.27111663818357,
  "summary_fg_p95": 567.7903625488278,
  "summary_fg_stdv": 91.07659912109375,
  "tsnr": 39.87729263305664
}