{
  "aor": 0.0006564285714285715,
  "aqi": 0.008844729613095237,
  "bids_meta": {
    "CogAtlasID": " ",
    "CogPOID": " ",
    "CoilCombinationMethod": " ",
    "DelayTime": " ",
    "DeviceSerialNumber": "35368 ",
    "EchoTime": 0.03,
    "EffectiveEchoSpacing": 0.00026499894000423993,
    "FlipAngle": 45,
    "GradientSetType": " ",
    "InstitutionAddress": "Perth Drive 100,London,Ontario,CA,N6A 5K8",
    "InstitutionName": "Robarts-CFMM",
    "Instructions": " ",
    "InversionTime": " ",
    "MRTransmitCoilSequence": " ",
    "MagneticFieldStrength": 3,
    "Manufacturer": "SIEMENS ",
    "ManufacturerModelName": "TrioTim ",
    "MatrixCoilMode": " ",
    "MultibandAccelerationFactor": " ",
    "NumberOfVolumesDiscardedByScanner": " ",
    "NumberOfVolumesDiscardedByUser": 10,
    "NumberShots": " ",
    "ParallelAcquisitionTechnique": " ",
    "ParallelReductionFactorInPlane": " ",
    "PartialFourier": " ",
    "PartialFourierDirection": " ",
    "PulseSequenceDetails": " ",
    "PulseSequenceType": " ",
    "ReceiveCoilName": " ",
    "RepetitionTime": 2,
    "SliceTiming": [
      1.005,
      0,
      1.06,
      0.05499999999,
      1.11500000001,
      0.1125,
      1.1725,
      0.1675,
      1.22749999999,
      0.2225,
      1.2825,
      0.28,
      1.3374999999900001,
      0.33499999999,
      1.395,
      0.39,
      1.45,
      0.44749999999,
      1.505,
      0.5025,
      1.5625,
      0.5575,
      1.6174999999900002,
      0.6125,
      1.6725,
      0.67,
      1.73,
      0.72500000001,
      1.785,
      0.78,
      1.84,
      0.83749999999,
      1.895,
      0.8925,
      1.9525,
      0.94749999999
    ],
    "SoftwareVersions": "syngo MR B17",
    "TaskDescription": " ",
    "TaskName": "ep2d_bold_WorkingMemory_Run2",
    "TotalReadoutTime": 0.020934916260334956,
    "dataset": "ds001634",
    "modality": "bold",
    "run_id": 2,
    "subject_id": "01",
    "task_id": "WM"
  },
  "dummy_trs": 0,
  "dvars_nstd": 23.277957039462695,
  "dvars_std": 1.032623452626866,
  "dvars_vstd": 0.9670095708059694,
  "efc": 0.48816099618389075,
  "fber": 3514.736083984375,
  "fd_mean": 0.0853008110153497,
  "fd_num": 2,
  "fd_perc": 0.5952380952380952,
  "fwhm_avg": 1.6799477777777778,
  "fwhm_x": 1.5557066666666666,
  "fwhm_y": 1.7684733333333333,
  "fwhm_z": 1.7156633333333333,
  "gcor": 0.0141033,
  "gsr_x": -0.011575466021895409,
  "gsr_y": 0.014402142725884914,
  "provenance": {
    "md5sum": "fd90374a8952dc31af3fc538e3caf6c1",
    "settings": {
      "fd_thres": 0.2,
      "testing": false
    },
    "software": "mriqc",
    "version": "22.0.6",
    "webapi_port": null,
    "webapi_url": "https://mriqc.nimh.nih.gov/api/v1"
  },
  "size_t": 336,
  "size_x": 80,
  "size_y": 80,
  "size_z": 36,
  "snr": 4.4535405432311,
  "spacing_tr": 2.0,
  "spacing_x": 3.0,
  "spacing_y": 3.0,
  "spacing_z": 3.0,
  "summary_bg_k": 39.695077874125474,
  "summary_bg_mad": 4.046030780515847,
  "summary_bg_mean": 15.971623420715332,
  "summary_bg_median": 7.358026027679443,
  "summary_bg_n": 146001.0,
  "summary_bg_p05": 3.2273356914520264,
  "summary_bg_p95": 59.48499298095703,
  "summary_bg_stdv": 28.815093994140625,
  "summary_fg_k": 5.09913594153366,
  "summary_fg_mad": 88.10474987224957,
  "summary_fg_mean": 454.8860168457031,
  "summary_fg_median": 440.7310791015625,
  "summary_fg_n": 42845.0,
  "summary_fg_p05": 332.80035400390625,
  "summary_fg_p95": 614.453088378906,
  "summary_fg_stdv": 98.96080017089844,
  "tsnr": 50.97955322265625
}