{
  "aor": 0.0011741642228739002,
  "aqi": 0.008235434780058653,
  "bids_meta": {
    "CogAtlasID": " ",
    "CogPOID": " ",
    "CoilCombinationMethod": " ",
    "DelayTime": " ",
    "DeviceSerialNumber": "35368 ",
    "EchoTime": 0.03,
    "EffectiveEchoSpacing": 0.00026499894000423993,
    "FlipAngle": 45,
    "GradientSetType": " ",
    "InstitutionAddress": "Perth Drive 100,London,Ontario,CA,N6A 5K8",
    "InstitutionName": "Robarts-CFMM",
    "Instructions": " ",
    "InversionTime": " ",
    "MRTransmitCoilSequence": " ",
    "MagneticFieldStrength": 3,
    "Manufacturer": "SIEMENS ",
    "ManufacturerModelName": "TrioTim ",
    "MatrixCoilMode": " ",
    "MultibandAccelerationFactor": " ",
    "NumberOfVolumesDiscardedByScanner": " ",
    "NumberOfVolumesDiscardedByUser": 10,
    "NumberShots": " ",
    "ParallelAcquisitionTechnique": " ",
    "ParallelReductionFactorInPlane": " ",
    "PartialFourier": " ",
    "PartialFourierDirection": " ",
    "PulseSequenceDetails": " ",
    "PulseSequenceType": " ",
    "ReceiveCoilName": " ",
    "RepetitionTime": 2,
    "SliceTiming": [
      1.0025,
      0,
      1.0600000000099998,
      0.05500000001,
      1.11500000001,
      0.11,
      1.17000000001,
      0.16750000001,
      1.2250000000099999,
      0.2225,
      1.2825,
      0.27750000001,
      1.33750000001,
      0.33500000001,
      1.3925,
      0.39,
      1.45000000001,
      0.44500000001,
      1.505,
      0.5,
      1.5600000000099998,
      0.55750000001,
      1.61750000001,
      0.6125,
      1.6725,
      0.66750000001,
      1.7275000000099998,
      0.72500000001,
      1.785,
      0.78,
      1.8400000000099999,
      0.83500000001,
      1.895,
      0.8925,
      1.95000000001,
      0.94750000001
    ],
    "SoftwareVersions": "syngo MR B17",
    "TaskDescription": " ",
    "TaskName": "ep2d_bold_WorkingMemory_Run3",
    "TotalReadoutTime": 0.020934916260334956,
    "dataset": "ds001634",
    "modality": "bold",
    "run_id": 3,
    "subject_id": "01",
    "task_id": "WM"
  },
  "dummy_trs": 0,
  "dvars_nstd": 23.241063606176464,
  "dvars_std": 1.0606832839705875,
  "dvars_vstd": 1.0004056850294123,
  "efc": 0.48808928019170833,
  "fber": 3563.457275390625,
  "fd_mean": 0.0976178804622771,
  "fd_num": 5,
  "fd_perc": 1.466275659824047,
  "fwhm_avg": 1.6757344444444444,
  "fwhm_x": 1.5638666666666667,
  "fwhm_y": 1.7707600000000001,
  "fwhm_z": 1.6925766666666666,
  "gcor": 0.015665,
  "gsr_x": -0.011020349338650703,
  "gsr_y": 0.014435566030442715,
  "provenance": {
    "md5sum": "0aa9331efb602e4f2e1feaaf1eacd7db",
    "settings": {
      "fd_thres": 0.2,
      "testing": false
    },
    "software": "mriqc",
    "version": "22.0.6",
    "webapi_port": null,
    "webapi_url": "https://mriqc.nimh.nih.gov/api/v1"
  },
  "size_t": 341,
  "size_x": 80,
  "size_y": 80,
  "size_z": 36,
  "snr": 4.467193216355813,
  "spacing_tr": 2.0,
  "spacing_x": 3.0,
  "spacing_y": 3.0,
  "spacing_z": 3.0,
  "summary_bg_k": 38.902602175784814,
  "summary_bg_mad": 4.0428660748430385,
  "summary_bg_mean": 16.086206436157227,
  "summary_bg_median": 7.318863868713379,
  "summary_bg_n": 146168.0,
  "summary_bg_p05": 3.2115593552589417,
  "summary_bg_p95": 61.21307334899902,
  "summary_bg_stdv": 29.07441520690918,
  "summary_fg_k": 5.158126362917715,
  "summary_fg_mad": 87.92539699156853,
  "summary_fg_mean": 453.6379089355469,
  "summary_fg_median": 439.7313537597656,
  "summary_fg_n": 42750.0,
  "summary_fg_p05": 331.96921997070314,
  "summary_fg_p95": 610.1279266357418,
  "summary_fg_stdv": 98.43456268310547,
  "tsnr": 52.82868957519531
}