{
  "aor": 0.0011553254437869822,
  "aqi": 0.008182073846153846,
  "bids_meta": {
    "CogAtlasID": " ",
    "CogPOID": " ",
    "CoilCombinationMethod": " ",
    "DelayTime": " ",
    "DeviceSerialNumber": "35368 ",
    "EchoTime": 0.03,
    "EffectiveEchoSpacing": 0.00026499894000423993,
    "FlipAngle": 45,
    "GradientSetType": " ",
    "InstitutionAddress": "Perth Drive 100,London,Ontario,CA,N6A 5K8",
    "InstitutionName": "Robarts-CFMM",
    "Instructions": " ",
    "InversionTime": " ",
    "MRTransmitCoilSequence": " ",
    "MagneticFieldStrength": 3,
    "Manufacturer": "SIEMENS ",
    "ManufacturerModelName": "TrioTim ",
    "MatrixCoilMode": " ",
    "MultibandAccelerationFactor": " ",
    "NumberOfVolumesDiscardedByScanner": " ",
    "NumberOfVolumesDiscardedByUser": 10,
    "NumberShots": " ",
    "ParallelAcquisitionTechnique": " ",
    "ParallelReductionFactorInPlane": " ",
    "PartialFourier": " ",
    "PartialFourierDirection": " ",
    "PulseSequenceDetails": " ",
    "PulseSequenceType": " ",
    "ReceiveCoilName": " ",
    "RepetitionTime": 2,
    "SliceTiming": [
      1.005,
      0,
      1.06,
      0.05499999999,
      1.11500000001,
      0.1125,
      1.17,
      0.1675,
      1.22749999999,
      0.2225,
      1.2825,
      0.28,
      1.3374999999900001,
      0.33500000001,
      1.395,
      0.39,
      1.45,
      0.44499999999,
      1.505,
      0.5025,
      1.5625,
      0.5575,
      1.6174999999900002,
      0.6125,
      1.6725,
      0.67,
      1.72749999999,
      0.72500000001,
      1.785,
      0.78,
      1.84,
      0.83749999999,
      1.895,
      0.8925,
      1.9525,
      0.94749999999
    ],
    "SoftwareVersions": "syngo MR B17",
    "TaskDescription": " ",
    "TaskName": "ep2d_bold_WorkingMemory_Run1",
    "TotalReadoutTime": 0.020934916260334956,
    "dataset": "ds001634",
    "modality": "bold",
    "run_id": 1,
    "subject_id": "01",
    "task_id": "WM"
  },
  "dummy_trs": 0,
  "dvars_nstd": 24.416385701839765,
  "dvars_std": 1.0798239601780413,
  "dvars_vstd": 0.994630055074184,
  "efc": 0.4887294102999882,
  "fber": 3522.52685546875,
  "fd_mean": 0.09123338124468591,
  "fd_num": 12,
  "fd_perc": 3.5502958579881656,
  "fwhm_avg": 1.68347,
  "fwhm_x": 1.5607866666666668,
  "fwhm_y": 1.77252,
  "fwhm_z": 1.7171033333333332,
  "gcor": 0.0133069,
  "gsr_x": -0.01263449527323246,
  "gsr_y": 0.014727005735039711,
  "provenance": {
    "md5sum": "3582085a2a73648475ad838afbb58f7d",
    "settings": {
      "fd_thres": 0.2,
      "testing": false
    },
    "software": "mriqc",
    "version": "22.0.6",
    "webapi_port": null,
    "webapi_url": "https://mriqc.nimh.nih.gov/api/v1"
  },
  "size_t": 338,
  "size_x": 80,
  "size_y": 80,
  "size_z": 36,
  "snr": 4.43295989384009,
  "spacing_tr": 2.0,
  "spacing_x": 3.0,
  "spacing_y": 3.0,
  "spacing_z": 3.0,
  "summary_bg_k": 38.251491284173675,
  "summary_bg_mad": 4.148909695655804,
  "summary_bg_mean": 16.2089786529541,
  "summary_bg_median": 7.40114688873291,
  "summary_bg_n": 146013.0,
  "summary_bg_p05": 3.2279491901397703,
  "summary_bg_p95": 60.358707427978516,
  "summary_bg_stdv": 29.100296020507812,
  "summary_fg_k": 4.982778098494199,
  "summary_fg_mad": 89.32078864561583,
  "summary_fg_mean": 457.815673828125,
  "summary_fg_median": 443.19293212890625,
  "summary_fg_n": 42868.0,
  "summary_fg_p05": 334.693603515625,
  "summary_fg_p95": 619.7841522216797,
  "summary_fg_stdv": 99.9755859375,
  "tsnr": 51.652889251708984
}