{
  "aor": 0.0039724137931034485,
  "aqi": 0.024349094913793102,
  "bids_meta": {
    "CogAtlasID": " ",
    "CogPOID": " ",
    "CoilCombinationMethod": " ",
    "DelayTime": " ",
    "DeviceSerialNumber": "35368 ",
    "EchoTime": 0.03,
    "EffectiveEchoSpacing": 0.00026499894000423993,
    "FlipAngle": 45,
    "GradientSetType": " ",
    "InstitutionAddress": "Perth Drive 100,London//709CAB//,Ontario,CA,N6A 5K8",
    "InstitutionName": "Robarts-CFMM",
    "Instructions": " ",
    "InversionTime": " ",
    "MRTransmitCoilSequence": " ",
    "MagneticFieldStrength": 3,
    "Manufacturer": "SIEMENS ",
    "ManufacturerModelName": "TrioTim ",
    "MatrixCoilMode": " ",
    "MultibandAccelerationFactor": " ",
    "NumberOfVolumesDiscardedByScanner": " ",
    "NumberOfVolumesDiscardedByUser": 10,
    "NumberShots": " ",
    "ParallelAcquisitionTechnique": " ",
    "ParallelReductionFactorInPlane": " ",
    "PartialFourier": " ",
    "PartialFourierDirection": " ",
    "PulseSequenceDetails": " ",
    "PulseSequenceType": " ",
    "ReceiveCoilName": " ",
    "RepetitionTime": 2,
    "SliceTiming": [
      1.00249999997,
      0,
      1.06,
      0.05499999999,
      1.1149999999900002,
      0.10999999999,
      1.16999999998,
      0.16749999998,
      1.22499999998,
      0.22249999997,
      1.2825,
      0.2775,
      1.3374999999900001,
      0.33499999999,
      1.39249999999,
      0.38999999998,
      1.44999999998,
      0.44499999998,
      1.50499999998,
      0.5,
      1.56,
      0.5575,
      1.6174999999900002,
      0.61249999999,
      1.67249999999,
      0.66749999998,
      1.72749999998,
      0.72499999998,
      1.7849999999700001,
      0.78,
      1.84,
      0.83499999999,
      1.89499999999,
      0.89249999999,
      1.94999999998,
      0.94749999998
    ],
    "SoftwareVersions": "syngo MR B17",
    "TaskDescription": " ",
    "TaskName": "ep2d_bold_WorkingMemory_order3",
    "TotalReadoutTime": 0.020934916260334956,
    "dataset": "ds001634",
    "modality": "bold",
    "run_id": 3,
    "subject_id": "08",
    "task_id": "WM"
  },
  "dummy_trs": 0,
  "dvars_nstd": 30.886676326599414,
  "dvars_std": 1.0628858011527387,
  "dvars_vstd": 0.9879645116138328,
  "efc": 0.47873345323913014,
  "fber": 3707.236328125,
  "fd_mean": 0.27630351550635396,
  "fd_num": 158,
  "fd_perc": 45.40229885057471,
  "fwhm_avg": 1.732758888888889,
  "fwhm_x": 1.6206966666666667,
  "fwhm_y": 1.8280766666666668,
  "fwhm_z": 1.7495033333333332,
  "gcor": 0.0257766,
  "gsr_x": 0.00037147116381675005,
  "gsr_y": 0.005419726949185133,
  "provenance": {
    "md5sum": "4f4311ed4c9871a0267307384c466066",
    "settings": {
      "fd_thres": 0.2,
      "testing": false
    },
    "software": "mriqc",
    "version": "22.0.6",
    "webapi_port": null,
    "webapi_url": "https://mriqc.nimh.nih.gov/api/v1"
  },
  "size_t": 348,
  "size_x": 80,
  "size_y": 80,
  "size_z": 36,
  "snr": 4.772783365184776,
  "spacing_tr": 2.0,
  "spacing_x": 3.0,
  "spacing_y": 3.0,
  "spacing_z": 3.0,
  "summary_bg_k": 72.93161358394937,
  "summary_bg_mad": 3.5153655243604227,
  "summary_bg_mean": 13.950958251953125,
  "summary_bg_median": 6.430011749267578,
  "summary_bg_n": 148893.0,
  "summary_bg_p05": 3.002750539779663,
  "summary_bg_p95": 43.27430572509765,
  "summary_bg_stdv": 28.341794967651367,
  "summary_fg_k": 5.4793400547591915,
  "summary_fg_mad": 73.17271764697264,
  "summary_fg_mean": 407.47735595703125,
  "summary_fg_median": 396.2110595703125,
  "summary_fg_n": 40458.0,
  "summary_fg_p05": 301.8833251953125,
  "summary_fg_p95": 541.6356140136719,
  "summary_fg_stdv": 83.0136489868164,
  "tsnr": 36.18755340576172
}