{
  "aor": 0.008712155172413794,
  "aqi": 0.013441208132183908,
  "bids_meta": {
    "CogAtlasID": " ",
    "CogPOID": " ",
    "CoilCombinationMethod": " ",
    "DelayTime": " ",
    "DeviceSerialNumber": "35368 ",
    "EchoTime": 0.03,
    "EffectiveEchoSpacing": 0.00026499894000423993,
    "FlipAngle": 45,
    "GradientSetType": " ",
    "InstitutionAddress": "Perth Drive 100,London//709CAB//,Ontario,CA,N6A 5K8",
    "InstitutionName": "Robarts-CFMM",
    "Instructions": " ",
    "InversionTime": " ",
    "MRTransmitCoilSequence": " ",
    "MagneticFieldStrength": 3,
    "Manufacturer": "SIEMENS ",
    "ManufacturerModelName": "TrioTim ",
    "MatrixCoilMode": " ",
    "MultibandAccelerationFactor": " ",
    "NumberOfVolumesDiscardedByScanner": " ",
    "NumberOfVolumesDiscardedByUser": 10,
    "NumberShots": " ",
    "ParallelAcquisitionTechnique": " ",
    "ParallelReductionFactorInPlane": " ",
    "PartialFourier": " ",
    "PartialFourierDirection": " ",
    "PulseSequenceDetails": " ",
    "PulseSequenceType": " ",
    "ReceiveCoilName": " ",
    "RepetitionTime": 2,
    "SliceTiming": [
      1.005,
      0,
      1.06,
      0.0575,
      1.1149999999900002,
      0.11249999999,
      1.17249999999,
      0.16750000001,
      1.2275000000099998,
      0.22500000001,
      1.2825,
      0.28,
      1.34,
      0.33499999999,
      1.39499999999,
      0.39249999999,
      1.45000000001,
      0.44750000001,
      1.5075000000099998,
      0.5025,
      1.5625,
      0.5575,
      1.6174999999900002,
      0.61499999999,
      1.67499999999,
      0.66999999998,
      1.73000000001,
      0.72500000001,
      1.785,
      0.7825,
      1.84,
      0.83749999999,
      1.8974999999900002,
      0.89249999999,
      1.95249999998,
      0.95000000001
    ],
    "SoftwareVersions": "syngo MR B17",
    "TaskDescription": " ",
    "TaskName": "ep2d_bold_WorkingMemory_order1",
    "TotalReadoutTime": 0.020934916260334956,
    "dataset": "ds001634",
    "modality": "bold",
    "run_id": 1,
    "subject_id": "08",
    "task_id": "WM"
  },
  "dummy_trs": 0,
  "dvars_nstd": 29.110603970144076,
  "dvars_std": 1.1825878454755048,
  "dvars_vstd": 1.0790800521037474,
  "efc": 0.47661414474872527,
  "fber": 3745.1044921875,
  "fd_mean": 0.2037849087103149,
  "fd_num": 107,
  "fd_perc": 30.74712643678161,
  "fwhm_avg": 1.7325155555555556,
  "fwhm_x": 1.6205266666666667,
  "fwhm_y": 1.8073033333333333,
  "fwhm_z": 1.7697166666666666,
  "gcor": 0.0277823,
  "gsr_x": 0.0008984159212559462,
  "gsr_y": 0.004515585955232382,
  "provenance": {
    "md5sum": "bd083dbcc9da9744ec0ff1fd84b09ade",
    "settings": {
      "fd_thres": 0.2,
      "testing": false
    },
    "software": "mriqc",
    "version": "22.0.6",
    "webapi_port": null,
    "webapi_url": "https://mriqc.nimh.nih.gov/api/v1"
  },
  "size_t": 348,
  "size_x": 80,
  "size_y": 80,
  "size_z": 36,
  "snr": 4.731760765654004,
  "spacing_tr": 2.0,
  "spacing_x": 3.0,
  "spacing_y": 3.0,
  "spacing_z": 3.0,
  "summary_bg_k": 65.73532656563609,
  "summary_bg_mad": 3.4435493636501917,
  "summary_bg_mean": 13.555305480957031,
  "summary_bg_median": 6.38838529586792,
  "summary_bg_n": 149110.0,
  "summary_bg_p05": 2.9716382026672363,
  "summary_bg_p95": 40.94067173004147,
  "summary_bg_stdv": 27.24574089050293,
  "summary_fg_k": 5.270473055470008,
  "summary_fg_mad": 73.79034037596773,
  "summary_fg_mean": 408.4251708984375,
  "summary_fg_median": 396.9876708984375,
  "summary_fg_n": 40338.0,
  "summary_fg_p05": 302.0177703857422,
  "summary_fg_p95": 544.3876586914063,
  "summary_fg_stdv": 83.89746856689453,
  "tsnr": 43.836669921875
}