{
  "bids_meta": {
    "AnatomicalLandmarkCoordinates": " ",
    "CoilCombinationMethod": " ",
    "ContrastBolusIngredient": " ",
    "DeviceSerialNumber": "35368 ",
    "DwellTime": " ",
    "EchoTime": 0.00298,
    "EchoTrainLength": 1,
    "FlipAngle": 9,
    "GradientSetType": " ",
    "HardcopyDeviceSoftwareVersion": "",
    "InstitutionAddress": "Perth Drive 100,London,Ontario,CA,N6A 5K8",
    "InstitutionName": "Robarts-CFMM",
    "InstitutionalDepartmentName": "CFMM",
    "InversionTime": 900,
    "MagneticFieldStrength": 3,
    "Manufacturer": "SIEMENS ",
    "ManufacturersModelName": " ",
    "MatrixCoilMode": " ",
    "MultibandAccelerationFactor": " ",
    "NonlinearGradientCorrection": " ",
    "NumberShots": " ",
    "ParallelAcquisitionTechnique": " ",
    "ParallelReductionFactorInPlane": " ",
    "PartialFourier": " ",
    "PartialFourierDirection": " ",
    "PulseSequenceDetails": " ",
    "PulseSequenceType": "MPRAGE ADNI iPAT2 ",
    "ReceiveCoilActiveElements": " ",
    "ReceiveCoilName": " ",
    "ScanOptions": "IR",
    "ScanningSequence": "GR\\IR ",
    "SequenceName": "*tfl3d1_ns",
    "SequenceVariant": "SP\\MP ",
    "SliceEncodingDirection": " ",
    "SoftwareVersions": "syngo MR B17",
    "StationName": "MRC35368",
    "WaterFatShift": " ",
    "dataset": "ds001634",
    "modality": "T1w",
    "subject_id": "06"
  },
  "cjv": 0.3153317663864349,
  "cnr": 4.212608446009725,
  "efc": 0.5925394561995397,
  "fber": 2241.0441150749543,
  "fwhm_avg": 3.926956666666667,
  "fwhm_x": 3.98472,
  "fwhm_y": 4.07129,
  "fwhm_z": 3.72486,
  "icvs_csf": 0.2104582289308965,
  "icvs_gm": 0.4498331335318736,
  "icvs_wm": 0.3397086375372299,
  "inu_med": 0.5297941565513611,
  "inu_range": 0.1941642999649048,
  "provenance": {
    "md5sum": "9dca057ee716061e5e912777131083e0",
    "settings": {
      "testing": false
    },
    "software": "mriqc",
    "version": "22.0.6",
    "warnings": {
      "large_rot_frame": true,
      "small_air_mask": false
    },
    "webapi_port": null,
    "webapi_url": "https://mriqc.nimh.nih.gov/api/v1"
  },
  "qi_1": 0.0,
  "qi_2": 0.006420821803408349,
  "rpve_csf": 22.199496328660718,
  "rpve_gm": 10.995881518681708,
  "rpve_wm": 16.480782734363675,
  "size_x": 192,
  "size_y": 240,
  "size_z": 256,
  "snr_csf": 1.8376836879520015,
  "snr_gm": 10.459181224560039,
  "snr_total": 11.866679469775455,
  "snr_wm": 23.303173496814328,
  "snrd_csf": 17.395539529288385,
  "snrd_gm": 54.23130698586658,
  "snrd_total": 50.7589972767286,
  "snrd_wm": 80.65014531503084,
  "spacing_x": 1.0,
  "spacing_y": 1.0,
  "spacing_z": 1.0,
  "summary_bg_k": 56.575609712362414,
  "summary_bg_mad": 8.123189455181878,
  "summary_bg_mean": 7.852365880451413,
  "summary_bg_median": 5.47900802642107,
  "summary_bg_n": 2652730.0,
  "summary_bg_p05": 0.0,
  "summary_bg_p95": 25.417410016059875,
  "summary_bg_stdv": 8.483139790812034,
  "summary_csf_k": 0.6133220289926324,
  "summary_csf_mad": 104.68820493127888,
  "summary_csf_mean": 234.96948717093866,
  "summary_csf_median": 215.69136331230402,
  "summary_csf_n": 40633.0,
  "summary_csf_p05": 76.38191071152687,
  "summary_csf_p95": 465.67029401361964,
  "summary_csf_stdv": 117.36987740043314,
  "summary_gm_k": 0.14605955477642674,
  "summary_gm_mad": 62.91866862031407,
  "summary_gm_mean": 671.2473482876753,
  "summary_gm_median": 672.4266596212983,
  "summary_gm_n": 56995.0,
  "summary_gm_p05": 562.5547176003456,
  "summary_gm_p95": 774.5274878911673,
  "summary_gm_stdv": 64.28999996859524,
  "summary_wm_k": 0.6154542503860059,
  "summary_wm_mad": 40.37561622693951,
  "summary_wm_mean": 998.7164612780244,
  "summary_wm_median": 1000.0000152364373,
  "summary_wm_n": 223084.0,
  "summary_wm_p05": 926.5683396160603,
  "summary_wm_p95": 1066.5910358652472,
  "summary_wm_stdv": 42.912514643655285,
  "tpm_overlap_csf": 0.14656428748196018,
  "tpm_overlap_gm": 0.46378845029585464,
  "tpm_overlap_wm": 0.49800757335484813,
  "wm2max": 0.5644305372566242
}