{
  "bids_meta": {
    "AnatomicalLandmarkCoordinates": " ",
    "CoilCombinationMethod": " ",
    "ContrastBolusIngredient": " ",
    "DeviceSerialNumber": "35368 ",
    "DwellTime": " ",
    "EchoTime": 0.00298,
    "EchoTrainLength": 1,
    "FlipAngle": 9,
    "GradientSetType": " ",
    "HardcopyDeviceSoftwareVersion": "",
    "InstitutionAddress": "Perth Drive 100,London,Ontario,CA,N6A 5K8",
    "InstitutionName": "Robarts-CFMM",
    "InstitutionalDepartmentName": "CFMM",
    "InversionTime": 900,
    "MagneticFieldStrength": 3,
    "Manufacturer": "SIEMENS ",
    "ManufacturersModelName": " ",
    "MatrixCoilMode": " ",
    "MultibandAccelerationFactor": " ",
    "NonlinearGradientCorrection": " ",
    "NumberShots": " ",
    "ParallelAcquisitionTechnique": " ",
    "ParallelReductionFactorInPlane": " ",
    "PartialFourier": " ",
    "PartialFourierDirection": " ",
    "PulseSequenceDetails": " ",
    "PulseSequenceType": "MPRAGE ADNI iPAT2 ",
    "ReceiveCoilActiveElements": " ",
    "ReceiveCoilName": " ",
    "ScanOptions": "IR",
    "ScanningSequence": "GR\\IR ",
    "SequenceName": "*tfl3d1_ns",
    "SequenceVariant": "SP\\MP ",
    "SliceEncodingDirection": " ",
    "SoftwareVersions": "syngo MR B17",
    "StationName": "MRC35368",
    "WaterFatShift": " ",
    "dataset": "ds001634",
    "modality": "T1w",
    "subject_id": "05"
  },
  "cjv": 0.33324366070758327,
  "cnr": 3.867463234683178,
  "efc": 0.5443247478214185,
  "fber": 1276.7333003210163,
  "fwhm_avg": 3.8759433333333333,
  "fwhm_x": 4.00043,
  "fwhm_y": 3.97407,
  "fwhm_z": 3.65333,
  "icvs_csf": 0.2271294876219408,
  "icvs_gm": 0.44261968631894283,
  "icvs_wm": 0.3302508260591164,
  "inu_med": 0.627638041973114,
  "inu_range": 0.24476523399353023,
  "provenance": {
    "md5sum": "7be8bf93032cf430f3e481039e1fffcb",
    "settings": {
      "testing": false
    },
    "software": "mriqc",
    "version": "22.0.6",
    "warnings": {
      "large_rot_frame": true,
      "small_air_mask": false
    },
    "webapi_port": null,
    "webapi_url": "https://mriqc.nimh.nih.gov/api/v1"
  },
  "qi_1": 0.0,
  "qi_2": 0.007542640514194911,
  "rpve_csf": 25.970211267449663,
  "rpve_gm": 13.576755589581884,
  "rpve_wm": 20.101844038774207,
  "size_x": 192,
  "size_y": 240,
  "size_z": 256,
  "snr_csf": 2.189722333071021,
  "snr_gm": 11.75670303391599,
  "snr_total": 10.929593132807085,
  "snr_wm": 18.842354031434247,
  "snrd_csf": 10.406861537480767,
  "snrd_gm": 29.32083656848894,
  "snrd_total": 27.41760913251369,
  "snrd_wm": 42.52512929157136,
  "spacing_x": 1.0,
  "spacing_y": 1.0,
  "spacing_z": 1.0,
  "summary_bg_k": 3948.7943134034003,
  "summary_bg_mad": 15.405864781977307,
  "summary_bg_mean": 12.326909626417315,
  "summary_bg_median": 10.391097888350487,
  "summary_bg_n": 3203813.0,
  "summary_bg_p05": 0.0,
  "summary_bg_p95": 35.3460967540741,
  "summary_bg_stdv": 13.78494096613451,
  "summary_csf_k": 0.30953723956868595,
  "summary_csf_mad": 103.65599571810716,
  "summary_csf_mean": 262.11792839603777,
  "summary_csf_median": 244.7226282209158,
  "summary_csf_n": 38292.0,
  "summary_csf_p05": 102.665274431929,
  "summary_csf_p95": 472.4676752462983,
  "summary_csf_stdv": 111.75820286629634,
  "summary_gm_k": 0.37337015040196286,
  "summary_gm_mad": 54.95162792311591,
  "summary_gm_mean": 689.2992494696352,
  "summary_gm_median": 689.4943457096815,
  "summary_gm_n": 22699.0,
  "summary_gm_p05": 589.7152600809932,
  "summary_gm_p95": 785.1865389011799,
  "summary_gm_stdv": 58.64562163254354,
  "summary_wm_k": 0.8017145089317381,
  "summary_wm_mad": 48.52240876213325,
  "summary_wm_mean": 997.6020260560429,
  "summary_wm_median": 999.999987334013,
  "summary_wm_n": 160254.0,
  "summary_wm_p05": 906.1119178310037,
  "summary_wm_p95": 1079.7741640359163,
  "summary_wm_stdv": 53.071758741715016,
  "tpm_overlap_csf": 0.14106488449998075,
  "tpm_overlap_gm": 0.4621798224152563,
  "tpm_overlap_wm": 0.4854972241200858,
  "wm2max": 0.44606034363963415
}