{
  "aor": 0.0002688888888888889,
  "aqi": 0.005374773157894737,
  "bids_meta": {
    "CogAtlasID": " ",
    "CogPOID": " ",
    "CoilCombinationMethod": " ",
    "DelayTime": " ",
    "DeviceSerialNumber": "35368 ",
    "EchoTime": 0.03,
    "EffectiveEchoSpacing": 0.00026499894000423993,
    "FlipAngle": 45,
    "GradientSetType": " ",
    "InstitutionAddress": "Perth Drive 100,London,Ontario,CA,N6A 5K8",
    "InstitutionName": "Robarts-CFMM",
    "Instructions": " ",
    "InversionTime": " ",
    "MRTransmitCoilSequence": " ",
    "MagneticFieldStrength": 3,
    "Manufacturer": "SIEMENS ",
    "ManufacturerModelName": "TrioTim ",
    "MatrixCoilMode": " ",
    "MultibandAccelerationFactor": " ",
    "NumberOfVolumesDiscardedByScanner": " ",
    "NumberOfVolumesDiscardedByUser": 10,
    "NumberShots": " ",
    "ParallelAcquisitionTechnique": " ",
    "ParallelReductionFactorInPlane": " ",
    "PartialFourier": " ",
    "PartialFourierDirection": " ",
    "PulseSequenceDetails": " ",
    "PulseSequenceType": " ",
    "ReceiveCoilName": " ",
    "RepetitionTime": 2,
    "SliceTiming": [
      1.0025,
      0,
      1.06,
      0.05499999999,
      1.1149999999900002,
      0.10999999999,
      1.16999999998,
      0.16749999998,
      1.22749999998,
      0.22249999997,
      1.2825,
      0.2775,
      1.3374999999900001,
      0.33499999999,
      1.39249999999,
      0.38999999998,
      1.44999999998,
      0.44499999998,
      1.50499999998,
      0.5025,
      1.56,
      0.5575,
      1.6174999999900002,
      0.61249999999,
      1.67249999999,
      0.66749999998,
      1.72749999998,
      0.72499999998,
      1.7849999999700001,
      0.78,
      1.84,
      0.83499999999,
      1.89499999999,
      0.89249999999,
      1.94999999998,
      0.94749999998
    ],
    "SoftwareVersions": "syngo MR B17",
    "TaskDescription": " ",
    "TaskName": "ep2d_bold_WorkingMemory_order3",
    "TotalReadoutTime": 0.020934916260334956,
    "dataset": "ds001634",
    "modality": "bold",
    "run_id": 3,
    "subject_id": "12",
    "task_id": "WM"
  },
  "dummy_trs": 0,
  "dvars_nstd": 23.772455484076268,
  "dvars_std": 1.1382761841642226,
  "dvars_vstd": 1.0031039118475067,
  "efc": 0.44683536625789033,
  "fber": 4056.999755859375,
  "fd_mean": 0.06560759746750357,
  "fd_num": 0,
  "fd_perc": 0.0,
  "fwhm_avg": 1.6511077335417748,
  "fwhm_x": 1.54556,
  "fwhm_y": 1.73791,
  "fwhm_z": 1.6698532006253242,
  "gcor": 0.0239619,
  "gsr_x": -0.007162162102758884,
  "gsr_y": 0.008189128711819649,
  "provenance": {
    "md5sum": "3c4150ee7c4d57e414adc4539895fb70",
    "settings": {
      "fd_thres": 0.2,
      "testing": false
    },
    "software": "mriqc",
    "version": "22.0.6",
    "webapi_port": null,
    "webapi_url": "https://mriqc.nimh.nih.gov/api/v1"
  },
  "size_t": 342,
  "size_x": 80,
  "size_y": 80,
  "size_z": 36,
  "snr": 5.2906260593350956,
  "spacing_tr": 2.0,
  "spacing_x": 3.0,
  "spacing_y": 3.0,
  "spacing_z": 3.000000238418579,
  "summary_bg_k": 49.96282887880808,
  "summary_bg_mad": 4.335132458471435,
  "summary_bg_mean": 14.763720512390137,
  "summary_bg_median": 7.5489702224731445,
  "summary_bg_n": 156140.0,
  "summary_bg_p05": 2.7467916131019594,
  "summary_bg_p95": 49.93583965301512,
  "summary_bg_stdv": 27.815196990966797,
  "summary_fg_k": 6.727624984913623,
  "summary_fg_mad": 74.34032118856065,
  "summary_fg_mean": 496.1916809082031,
  "summary_fg_median": 484.72076416015625,
  "summary_fg_n": 34869.0,
  "summary_fg_p05": 380.28098144531253,
  "summary_fg_p95": 640.683056640625,
  "summary_fg_stdv": 91.61747741699219,
  "tsnr": 68.35989379882812
}