{
  "aor": 0.0007958381502890173,
  "aqi": 0.010147785433526011,
  "bids_meta": {
    "CogAtlasID": " ",
    "CogPOID": " ",
    "CoilCombinationMethod": " ",
    "DelayTime": " ",
    "DeviceSerialNumber": "35368 ",
    "EchoTime": 0.03,
    "EffectiveEchoSpacing": 0.00026499894000423993,
    "FlipAngle": 45,
    "GradientSetType": " ",
    "InstitutionAddress": "Perth Drive 100,London//709CAB//,Ontario,CA,N6A 5K8",
    "InstitutionName": "Robarts-CFMM",
    "Instructions": " ",
    "InversionTime": " ",
    "MRTransmitCoilSequence": " ",
    "MagneticFieldStrength": 3,
    "Manufacturer": "SIEMENS ",
    "ManufacturerModelName": "TrioTim ",
    "MatrixCoilMode": " ",
    "MultibandAccelerationFactor": " ",
    "NumberOfVolumesDiscardedByScanner": " ",
    "NumberOfVolumesDiscardedByUser": 10,
    "NumberShots": " ",
    "ParallelAcquisitionTechnique": " ",
    "ParallelReductionFactorInPlane": " ",
    "PartialFourier": " ",
    "PartialFourierDirection": " ",
    "PulseSequenceDetails": " ",
    "PulseSequenceType": " ",
    "ReceiveCoilName": " ",
    "RepetitionTime": 2,
    "SliceTiming": [
      1.005,
      0,
      1.06,
      0.0575,
      1.1174999999900002,
      0.11249999999,
      1.17249999999,
      0.16750000001,
      1.2275000000099998,
      0.22500000001,
      1.285,
      0.28,
      1.34,
      0.33499999999,
      1.39499999999,
      0.39249999999,
      1.45000000001,
      0.44750000001,
      1.5075000000099998,
      0.5025,
      1.5625,
      0.56,
      1.6174999999900002,
      0.61499999999,
      1.67499999999,
      0.67000000001,
      1.73000000001,
      0.72500000001,
      1.785,
      0.7825,
      1.8425,
      0.83749999999,
      1.8974999999900002,
      0.89249999999,
      1.95249999998,
      0.95000000001
    ],
    "SoftwareVersions": "syngo MR B17",
    "TaskDescription": " ",
    "TaskName": "ep2d_bold_WorkingMemory_order1_run1 ",
    "TotalReadoutTime": 0.020934916260334956,
    "dataset": "ds001634",
    "modality": "bold",
    "run_id": 1,
    "subject_id": "10",
    "task_id": "WM"
  },
  "dummy_trs": 0,
  "dvars_nstd": 25.35723644736232,
  "dvars_std": 1.1306361559420286,
  "dvars_vstd": 0.9931423287246374,
  "efc": 0.48191445499921354,
  "fber": 4515.220703125,
  "fd_mean": 0.05285749704908192,
  "fd_num": 5,
  "fd_perc": 1.4450867052023122,
  "fwhm_avg": 1.733138888888889,
  "fwhm_x": 1.5643799999999999,
  "fwhm_y": 1.8726,
  "fwhm_z": 1.7624366666666667,
  "gcor": 0.0149581,
  "gsr_x": -0.007400278002023697,
  "gsr_y": 0.021728619933128357,
  "provenance": {
    "md5sum": "50356afd00c7b9b0110ff9f8afe951f8",
    "settings": {
      "fd_thres": 0.2,
      "testing": false
    },
    "software": "mriqc",
    "version": "22.0.6",
    "webapi_port": null,
    "webapi_url": "https://mriqc.nimh.nih.gov/api/v1"
  },
  "size_t": 346,
  "size_x": 80,
  "size_y": 80,
  "size_z": 36,
  "snr": 5.68180874496283,
  "spacing_tr": 2.0,
  "spacing_x": 3.0,
  "spacing_y": 3.0,
  "spacing_z": 3.0,
  "summary_bg_k": 47.91842829504222,
  "summary_bg_mad": 3.0462994454720445,
  "summary_bg_mean": 13.760249137878418,
  "summary_bg_median": 5.996800422668457,
  "summary_bg_n": 148198.0,
  "summary_bg_p05": 3.0821741819381714,
  "summary_bg_p95": 56.77628440856932,
  "summary_bg_stdv": 27.616043090820312,
  "summary_fg_k": 3.9247194574678836,
  "summary_fg_mad": 65.45264845032207,
  "summary_fg_mean": 417.0784606933594,
  "summary_fg_median": 407.55413818359375,
  "summary_fg_n": 41472.0,
  "summary_fg_p05": 323.85337982177737,
  "summary_fg_p95": 536.0060974121094,
  "summary_fg_stdv": 71.7287826538086,
  "tsnr": 55.28093338012695
}