{
  "aor": 0.0017813005780346822,
  "aqi": 0.016260792225433526,
  "bids_meta": {
    "CogAtlasID": " ",
    "CogPOID": " ",
    "CoilCombinationMethod": " ",
    "DelayTime": " ",
    "DeviceSerialNumber": "35368 ",
    "EchoTime": 0.03,
    "EffectiveEchoSpacing": 0.00026499894000423993,
    "FlipAngle": 45,
    "GradientSetType": " ",
    "InstitutionAddress": "Perth Drive 100,London//709CAB//,Ontario,CA,N6A 5K8",
    "InstitutionName": "Robarts-CFMM",
    "Instructions": " ",
    "InversionTime": " ",
    "MRTransmitCoilSequence": " ",
    "MagneticFieldStrength": 3,
    "Manufacturer": "SIEMENS ",
    "ManufacturerModelName": "TrioTim ",
    "MatrixCoilMode": " ",
    "MultibandAccelerationFactor": " ",
    "NumberOfVolumesDiscardedByScanner": " ",
    "NumberOfVolumesDiscardedByUser": 10,
    "NumberShots": " ",
    "ParallelAcquisitionTechnique": " ",
    "ParallelReductionFactorInPlane": " ",
    "PartialFourier": " ",
    "PartialFourierDirection": " ",
    "PulseSequenceDetails": " ",
    "PulseSequenceType": " ",
    "ReceiveCoilName": " ",
    "RepetitionTime": 2,
    "SliceTiming": [
      1.005,
      0,
      1.0600000000299998,
      0.05500000002,
      1.11500000002,
      0.11250000002,
      1.17250000002,
      0.16750000001,
      1.2275000000099998,
      0.2225,
      1.2825,
      0.28,
      1.3400000000299999,
      0.33500000002,
      1.39500000002,
      0.39000000001,
      1.45000000001,
      0.44750000001,
      1.505,
      0.5025,
      1.5625,
      0.55750000002,
      1.61750000002,
      0.61500000002,
      1.67250000002,
      0.67000000001,
      1.73000000001,
      0.72500000001,
      1.785,
      0.78,
      1.8400000000299999,
      0.83750000002,
      1.89750000002,
      0.89250000002,
      1.95250000001,
      0.94750000001
    ],
    "SoftwareVersions": "syngo MR B17",
    "TaskDescription": " ",
    "TaskName": "ep2d_bold_WorkingMemory_order1_run3 ",
    "TotalReadoutTime": 0.020934916260334956,
    "dataset": "ds001634",
    "modality": "bold",
    "run_id": 3,
    "subject_id": "10",
    "task_id": "WM"
  },
  "dummy_trs": 0,
  "dvars_nstd": 25.770843008434795,
  "dvars_std": 1.074605411304348,
  "dvars_vstd": 0.9762972488695651,
  "efc": 0.48672671753265545,
  "fber": 4211.98046875,
  "fd_mean": 0.0789448455946407,
  "fd_num": 20,
  "fd_perc": 5.780346820809249,
  "fwhm_avg": 1.7203077777777775,
  "fwhm_x": 1.5478933333333333,
  "fwhm_y": 1.8712266666666666,
  "fwhm_z": 1.7418033333333334,
  "gcor": 0.0276217,
  "gsr_x": -0.008418573997914791,
  "gsr_y": 0.02001524157822132,
  "provenance": {
    "md5sum": "a90ff3def1bd333d5b3fae1395fea958",
    "settings": {
      "fd_thres": 0.2,
      "testing": false
    },
    "software": "mriqc",
    "version": "22.0.6",
    "webapi_port": null,
    "webapi_url": "https://mriqc.nimh.nih.gov/api/v1"
  },
  "size_t": 346,
  "size_x": 80,
  "size_y": 80,
  "size_z": 36,
  "snr": 5.699671297213386,
  "spacing_tr": 2.0,
  "spacing_x": 3.0,
  "spacing_y": 3.0,
  "spacing_z": 3.0,
  "summary_bg_k": 40.79089164705836,
  "summary_bg_mad": 3.2922892991588575,
  "summary_bg_mean": 14.565646171569824,
  "summary_bg_median": 6.189572811126709,
  "summary_bg_n": 147602.0,
  "summary_bg_p05": 3.091347944736481,
  "summary_bg_p95": 62.170283508300756,
  "summary_bg_stdv": 28.512165069580078,
  "summary_fg_k": 4.172401173786869,
  "summary_fg_mad": 64.94861437091069,
  "summary_fg_mean": 415.21295166015625,
  "summary_fg_median": 406.489013671875,
  "summary_fg_n": 41886.0,
  "summary_fg_p05": 322.8629455566406,
  "summary_fg_p95": 531.7512359619141,
  "summary_fg_stdv": 71.31712341308594,
  "tsnr": 48.05807876586914
}