{
  "aor": 0.0031799710982658956,
  "aqi": 0.009556021445086707,
  "bids_meta": {
    "CogAtlasID": " ",
    "CogPOID": " ",
    "CoilCombinationMethod": " ",
    "DelayTime": " ",
    "DeviceSerialNumber": "35368 ",
    "EchoTime": 0.03,
    "EffectiveEchoSpacing": 0.00026499894000423993,
    "FlipAngle": 45,
    "GradientSetType": " ",
    "InstitutionAddress": "Perth Drive 100,London//709CAB//,Ontario,CA,N6A 5K8",
    "InstitutionName": "Robarts-CFMM",
    "Instructions": " ",
    "InversionTime": " ",
    "MRTransmitCoilSequence": " ",
    "MagneticFieldStrength": 3,
    "Manufacturer": "SIEMENS ",
    "ManufacturerModelName": "TrioTim ",
    "MatrixCoilMode": " ",
    "MultibandAccelerationFactor": " ",
    "NumberOfVolumesDiscardedByScanner": " ",
    "NumberOfVolumesDiscardedByUser": 10,
    "NumberShots": " ",
    "ParallelAcquisitionTechnique": " ",
    "ParallelReductionFactorInPlane": " ",
    "PartialFourier": " ",
    "PartialFourierDirection": " ",
    "PulseSequenceDetails": " ",
    "PulseSequenceType": " ",
    "ReceiveCoilName": " ",
    "RepetitionTime": 2,
    "SliceTiming": [
      1.005,
      0,
      1.06,
      0.057500000020000004,
      1.11500000002,
      0.11250000002,
      1.17250000002,
      0.16750000001,
      1.2275000000099998,
      0.2225,
      1.2825,
      0.28,
      1.3400000000299999,
      0.33500000002,
      1.39500000002,
      0.39000000001,
      1.45000000001,
      0.44750000001,
      1.505,
      0.5025,
      1.5625,
      0.55750000002,
      1.61750000002,
      0.61500000002,
      1.67250000002,
      0.67000000001,
      1.73000000001,
      0.72500000001,
      1.785,
      0.7825,
      1.8400000000299999,
      0.83750000002,
      1.89750000002,
      0.89250000002,
      1.95250000001,
      0.94750000001
    ],
    "SoftwareVersions": "syngo MR B17",
    "TaskDescription": " ",
    "TaskName": "ep2d_bold_WorkingMemory_order1_run2 ",
    "TotalReadoutTime": 0.020934916260334956,
    "dataset": "ds001634",
    "modality": "bold",
    "run_id": 2,
    "subject_id": "10",
    "task_id": "WM"
  },
  "dummy_trs": 0,
  "dvars_nstd": 26.052683528985522,
  "dvars_std": 1.1923183313623187,
  "dvars_vstd": 1.0389504694782603,
  "efc": 0.4841924778594512,
  "fber": 4376.57177734375,
  "fd_mean": 0.060192390491158716,
  "fd_num": 13,
  "fd_perc": 3.7572254335260116,
  "fwhm_avg": 1.7174888888888888,
  "fwhm_x": 1.5516066666666666,
  "fwhm_y": 1.8612466666666665,
  "fwhm_z": 1.7396133333333335,
  "gcor": 0.0276327,
  "gsr_x": -0.007930872030556202,
  "gsr_y": 0.02051856741309166,
  "provenance": {
    "md5sum": "65fe8e929dea730d3eb073fd7ce5b0a7",
    "settings": {
      "fd_thres": 0.2,
      "testing": false
    },
    "software": "mriqc",
    "version": "22.0.6",
    "webapi_port": null,
    "webapi_url": "https://mriqc.nimh.nih.gov/api/v1"
  },
  "size_t": 346,
  "size_x": 80,
  "size_y": 80,
  "size_z": 36,
  "snr": 5.691977869665721,
  "spacing_tr": 2.0,
  "spacing_x": 3.0,
  "spacing_y": 3.0,
  "spacing_z": 3.0,
  "summary_bg_k": 49.03665316661878,
  "summary_bg_mad": 3.070867890176129,
  "summary_bg_mean": 14.119810104370117,
  "summary_bg_median": 6.038140296936035,
  "summary_bg_n": 147896.0,
  "summary_bg_p05": 3.0986697673797607,
  "summary_bg_p95": 59.526461601257324,
  "summary_bg_stdv": 28.479278564453125,
  "summary_fg_k": 4.1406684177426385,
  "summary_fg_mad": 64.81690492699985,
  "summary_fg_mean": 413.5818786621094,
  "summary_fg_median": 404.6287841796875,
  "summary_fg_n": 41642.0,
  "summary_fg_p05": 321.2727996826172,
  "summary_fg_p95": 530.0040527343749,
  "summary_fg_stdv": 71.08670043945312,
  "tsnr": 56.89651107788086
}