{
  "bids_meta": {
    "AnatomicalLandmarkCoordinates": " ",
    "CoilCombinationMethod": " ",
    "ContrastBolusIngredient": " ",
    "DeviceSerialNumber": "35368 ",
    "DwellTime": " ",
    "EchoTime": 0.00298,
    "EchoTrainLength": 1,
    "FlipAngle": 9,
    "GradientSetType": " ",
    "HardcopyDeviceSoftwareVersion": "",
    "InstitutionAddress": "Perth Drive 100,London//709CAB//,Ontario,CA,N6A 5K8",
    "InstitutionName": "Robarts-CFMM",
    "InstitutionalDepartmentName": "CFMM",
    "InversionTime": 900,
    "MagneticFieldStrength": 3,
    "Manufacturer": "SIEMENS ",
    "ManufacturersModelName": " ",
    "MatrixCoilMode": " ",
    "MultibandAccelerationFactor": " ",
    "NonlinearGradientCorrection": " ",
    "NumberShots": " ",
    "ParallelAcquisitionTechnique": " ",
    "ParallelReductionFactorInPlane": " ",
    "PartialFourier": " ",
    "PartialFourierDirection": " ",
    "PulseSequenceDetails": " ",
    "PulseSequenceType": "MPRAGE ADNI iPAT2 ",
    "ReceiveCoilActiveElements": " ",
    "ReceiveCoilName": " ",
    "ScanOptions": "IR",
    "ScanningSequence": "GR\\IR ",
    "SequenceName": "*tfl3d1_ns",
    "SequenceVariant": "SP\\MP\\OSP ",
    "SliceEncodingDirection": " ",
    "SoftwareVersions": "syngo MR B17",
    "StationName": "MRC35368",
    "WaterFatShift": " ",
    "dataset": "ds001634",
    "modality": "T1w",
    "subject_id": "13"
  },
  "cjv": 0.33886254458794424,
  "cnr": 3.866880379041471,
  "efc": 0.5711704847526949,
  "fber": 1158.3683003525075,
  "fwhm_avg": 3.5562866666666664,
  "fwhm_x": 3.60576,
  "fwhm_y": 3.72557,
  "fwhm_z": 3.33753,
  "icvs_csf": 0.18440358568090462,
  "icvs_gm": 0.4556593971121266,
  "icvs_wm": 0.3599370172069688,
  "inu_med": 0.5180819928646088,
  "inu_range": 0.16776761412620544,
  "provenance": {
    "md5sum": "39024c94226120863dc79bf68a9d96f6",
    "settings": {
      "testing": false
    },
    "software": "mriqc",
    "version": "22.0.6",
    "warnings": {
      "large_rot_frame": true,
      "small_air_mask": false
    },
    "webapi_port": null,
    "webapi_url": "https://mriqc.nimh.nih.gov/api/v1"
  },
  "qi_1": 0.0,
  "qi_2": 0.00842468303802837,
  "rpve_csf": 25.62020824353861,
  "rpve_gm": 11.540915163992194,
  "rpve_wm": 16.75405924959665,
  "size_x": 192,
  "size_y": 240,
  "size_z": 256,
  "snr_csf": 2.3110821721259738,
  "snr_gm": 10.730383368540968,
  "snr_total": 12.296619536925691,
  "snr_wm": 23.848393070110134,
  "snrd_csf": 12.304852072836038,
  "snrd_gm": 32.712899413149465,
  "snrd_total": 30.65228787388587,
  "snrd_wm": 46.939112135672126,
  "spacing_x": 1.0,
  "spacing_y": 1.0,
  "spacing_z": 1.0,
  "summary_bg_k": 5435.78914081928,
  "summary_bg_mad": 13.957152963906575,
  "summary_bg_mean": 10.664179938099586,
  "summary_bg_median": 9.413956616073847,
  "summary_bg_n": 2443081.0,
  "summary_bg_p05": 0.0,
  "summary_bg_p95": 29.784087996929884,
  "summary_bg_stdv": 12.909654885428656,
  "summary_csf_k": 1.362762767676764,
  "summary_csf_mad": 92.36491330039198,
  "summary_csf_mean": 282.9207730538434,
  "summary_csf_median": 262.14495573565364,
  "summary_csf_n": 19669.0,
  "summary_csf_p05": 129.76480539590122,
  "summary_csf_p95": 505.2370914258063,
  "summary_csf_stdv": 113.42664267890477,
  "summary_gm_k": 0.1900729503900065,
  "summary_gm_mad": 63.0215473421447,
  "summary_gm_mean": 697.045481604861,
  "summary_gm_median": 696.9219554923475,
  "summary_gm_n": 37632.0,
  "summary_gm_p05": 590.3161259628832,
  "summary_gm_p95": 803.9277978541329,
  "summary_gm_stdv": 64.94760455394537,
  "summary_wm_k": 0.6145594911905361,
  "summary_wm_mad": 39.680233511720736,
  "summary_wm_mean": 1000.3393949796733,
  "summary_wm_median": 999.9999512583017,
  "summary_wm_n": 208653.0,
  "summary_wm_p05": 932.3672595284879,
  "summary_wm_p95": 1069.0784725025296,
  "summary_wm_stdv": 41.93144385001733,
  "tpm_overlap_csf": 0.15375293428196693,
  "tpm_overlap_gm": 0.46048608337579244,
  "tpm_overlap_wm": 0.4917804770920709,
  "wm2max": 0.5470643316736155
}