{
  "aor": 0.00044537142857142863,
  "aqi": 0.005897264857142857,
  "bids_meta": {
    "CogAtlasID": " ",
    "CogPOID": " ",
    "CoilCombinationMethod": " ",
    "DelayTime": " ",
    "DeviceSerialNumber": "35368 ",
    "EchoTime": 0.03,
    "EffectiveEchoSpacing": 0.00026499894000423993,
    "FlipAngle": 45,
    "GradientSetType": " ",
    "InstitutionAddress": "Perth Drive 100,London,Ontario,CA,N6A 5K8",
    "InstitutionName": "Robarts-CFMM",
    "Instructions": " ",
    "InversionTime": " ",
    "MRTransmitCoilSequence": " ",
    "MagneticFieldStrength": 3,
    "Manufacturer": "SIEMENS ",
    "ManufacturerModelName": "TrioTim ",
    "MatrixCoilMode": " ",
    "MultibandAccelerationFactor": " ",
    "NumberOfVolumesDiscardedByScanner": " ",
    "NumberOfVolumesDiscardedByUser": 10,
    "NumberShots": " ",
    "ParallelAcquisitionTechnique": " ",
    "ParallelReductionFactorInPlane": " ",
    "PartialFourier": " ",
    "PartialFourierDirection": " ",
    "PulseSequenceDetails": " ",
    "PulseSequenceType": " ",
    "ReceiveCoilName": " ",
    "RepetitionTime": 2,
    "SliceTiming": [
      1.00499999998,
      0,
      1.06,
      0.05499999999,
      1.1149999999900002,
      0.11249999999,
      1.17249999999,
      0.16749999998,
      1.22749999998,
      0.22249999997,
      1.2824999999700002,
      0.28,
      1.34,
      0.33499999999,
      1.39499999999,
      0.38999999998,
      1.44999999998,
      0.44749999998,
      1.50499999998,
      0.5024999999699999,
      1.5625,
      0.5575,
      1.6174999999900002,
      0.61499999999,
      1.67249999999,
      0.66999999998,
      1.72999999998,
      0.72499999998,
      1.7849999999700001,
      0.78,
      1.84,
      0.83749999999,
      1.8974999999900002,
      0.89249999999,
      1.95249999998,
      0.94749999998
    ],
    "SoftwareVersions": "syngo MR B17",
    "TaskDescription": " ",
    "TaskName": "ep2d_bold_WorkingMemory_order2",
    "TotalReadoutTime": 0.020934916260334956,
    "dataset": "ds001634",
    "modality": "bold",
    "run_id": 2,
    "subject_id": "11",
    "task_id": "WM"
  },
  "dummy_trs": 0,
  "dvars_nstd": 22.47911962595989,
  "dvars_std": 1.0530275445558737,
  "dvars_vstd": 0.9770393648424068,
  "efc": 0.4241216222111613,
  "fber": 4514.3505859375,
  "fd_mean": 0.06473173400403714,
  "fd_num": 3,
  "fd_perc": 0.8571428571428571,
  "fwhm_avg": 1.7867021748049208,
  "fwhm_x": 1.6667366666666668,
  "fwhm_y": 1.9034266666666666,
  "fwhm_z": 1.7899431910814294,
  "gcor": 0.0305334,
  "gsr_x": -0.01125207170844078,
  "gsr_y": 0.011591695249080658,
  "provenance": {
    "md5sum": "0988a97aee9b8dedbb6421c5a5a91a61",
    "settings": {
      "fd_thres": 0.2,
      "testing": false
    },
    "software": "mriqc",
    "version": "22.0.6",
    "webapi_port": null,
    "webapi_url": "https://mriqc.nimh.nih.gov/api/v1"
  },
  "size_t": 350,
  "size_x": 80,
  "size_y": 80,
  "size_z": 36,
  "snr": 4.0148862836507195,
  "spacing_tr": 2.0,
  "spacing_x": 3.0,
  "spacing_y": 3.0,
  "spacing_z": 3.000000238418579,
  "summary_bg_k": 104.60826361863843,
  "summary_bg_mad": 2.6492057654160215,
  "summary_bg_mean": 11.399567604064941,
  "summary_bg_median": 5.967512130737305,
  "summary_bg_n": 159256.0,
  "summary_bg_p05": 2.998436748981476,
  "summary_bg_p95": 33.15878105163574,
  "summary_bg_stdv": 23.757339477539062,
  "summary_fg_k": 5.931598645966542,
  "summary_fg_mad": 77.54695523488417,
  "summary_fg_mean": 420.5230407714844,
  "summary_fg_median": 402.57757568359375,
  "summary_fg_n": 32162.0,
  "summary_fg_p05": 306.6810928344727,
  "summary_fg_p95": 589.7072875976559,
  "summary_fg_stdv": 100.26966857910156,
  "tsnr": 60.690940856933594
}