{
  "bids_meta": {
    "AnatomicalLandmarkCoordinates": " ",
    "CoilCombinationMethod": " ",
    "ContrastBolusIngredient": " ",
    "DeviceSerialNumber": "35368 ",
    "DwellTime": " ",
    "EchoTime": 0.00298,
    "EchoTrainLength": 1,
    "FlipAngle": 9,
    "GradientSetType": " ",
    "HardcopyDeviceSoftwareVersion": "",
    "InstitutionAddress": "Perth Drive 100,London//709CAB//,Ontario,CA,N6A 5K8",
    "InstitutionName": "Robarts-CFMM",
    "InstitutionalDepartmentName": "CFMM",
    "InversionTime": 900,
    "MagneticFieldStrength": 3,
    "Manufacturer": "SIEMENS ",
    "ManufacturersModelName": " ",
    "MatrixCoilMode": " ",
    "MultibandAccelerationFactor": " ",
    "NonlinearGradientCorrection": " ",
    "NumberShots": " ",
    "ParallelAcquisitionTechnique": " ",
    "ParallelReductionFactorInPlane": " ",
    "PartialFourier": " ",
    "PartialFourierDirection": " ",
    "PulseSequenceDetails": " ",
    "PulseSequenceType": "MPRAGE ADNI iPAT2 ",
    "ReceiveCoilActiveElements": " ",
    "ReceiveCoilName": " ",
    "ScanOptions": "IR",
    "ScanningSequence": "GR\\IR ",
    "SequenceName": "*tfl3d1_ns",
    "SequenceVariant": "SP\\MP ",
    "SliceEncodingDirection": " ",
    "SoftwareVersions": "syngo MR B17",
    "StationName": "MRC35368",
    "WaterFatShift": " ",
    "dataset": "ds001634",
    "modality": "T1w",
    "subject_id": "18"
  },
  "cjv": 0.33212752432089965,
  "cnr": 3.986317797359945,
  "efc": 0.5791628300614704,
  "fber": 2475.901054159828,
  "fwhm_avg": 3.7544799999999996,
  "fwhm_x": 3.82481,
  "fwhm_y": 3.8879,
  "fwhm_z": 3.55073,
  "icvs_csf": 0.21912617286746056,
  "icvs_gm": 0.4546102067043416,
  "icvs_wm": 0.32626362042819784,
  "inu_med": 0.5653755068778992,
  "inu_range": 0.20227915048599243,
  "provenance": {
    "md5sum": "ab77fcb1df71ca6fcc168d7a68bfb050",
    "settings": {
      "testing": false
    },
    "software": "mriqc",
    "version": "22.0.6",
    "warnings": {
      "large_rot_frame": true,
      "small_air_mask": false
    },
    "webapi_port": null,
    "webapi_url": "https://mriqc.nimh.nih.gov/api/v1"
  },
  "qi_1": 0.0,
  "qi_2": 0.0066133018973718516,
  "rpve_csf": 22.200930795329334,
  "rpve_gm": 11.364229412822658,
  "rpve_wm": 17.788872473173466,
  "size_x": 192,
  "size_y": 240,
  "size_z": 256,
  "snr_csf": 2.518936948107861,
  "snr_gm": 9.768405018436217,
  "snr_total": 11.644191050769976,
  "snr_wm": 22.645231185765848,
  "snrd_csf": 21.448025012129083,
  "snrd_gm": 66.01506036454826,
  "snrd_total": 61.88958325435516,
  "snrd_wm": 98.20566438638812,
  "spacing_x": 1.0,
  "spacing_y": 1.0,
  "spacing_z": 1.0,
  "summary_bg_k": 27.831692404669962,
  "summary_bg_mad": 6.67106547892895,
  "summary_bg_mean": 6.548387099914341,
  "summary_bg_median": 4.499565288424492,
  "summary_bg_n": 3029802.0,
  "summary_bg_p05": 0.0,
  "summary_bg_p95": 24.12371978163719,
  "summary_bg_stdv": 8.719956761019684,
  "summary_csf_k": 3.061960528830026,
  "summary_csf_mad": 69.79392034677767,
  "summary_csf_mean": 227.5983602891242,
  "summary_csf_median": 218.39906811714172,
  "summary_csf_n": 49143.0,
  "summary_csf_p05": 108.02737839519978,
  "summary_csf_p95": 392.2486587315799,
  "summary_csf_stdv": 86.70198997748129,
  "summary_gm_k": 0.06053293806973725,
  "summary_gm_mad": 67.38336727455965,
  "summary_gm_mean": 672.1491673339092,
  "summary_gm_median": 672.2123672068119,
  "summary_gm_n": 44976.0,
  "summary_gm_p05": 557.7097740583122,
  "summary_gm_p95": 785.3442944586277,
  "summary_gm_stdv": 68.81419155785315,
  "summary_wm_k": 0.7354743674856468,
  "summary_wm_mad": 41.48393659165902,
  "summary_wm_mean": 999.9538522334108,
  "summary_wm_median": 1000.0000267475843,
  "summary_wm_n": 188645.0,
  "summary_wm_p05": 928.1204165518284,
  "summary_wm_p95": 1071.6149566322565,
  "summary_wm_stdv": 44.15929199660848,
  "tpm_overlap_csf": 0.16142258509079827,
  "tpm_overlap_gm": 0.45952653139071975,
  "tpm_overlap_wm": 0.48608594372065483,
  "wm2max": 0.5078636581853097
}