{
  "bids_meta": {
    "AnatomicalLandmarkCoordinates": " ",
    "CoilCombinationMethod": " ",
    "ContrastBolusIngredient": " ",
    "DeviceSerialNumber": "35368 ",
    "DwellTime": " ",
    "EchoTime": 0.00298,
    "EchoTrainLength": 1,
    "FlipAngle": 9,
    "GradientSetType": " ",
    "HardcopyDeviceSoftwareVersion": "",
    "InstitutionAddress": "Perth Drive 100,London,Ontario,CA,N6A 5K8",
    "InstitutionName": "Robarts-CFMM",
    "InstitutionalDepartmentName": "CFMM",
    "InversionTime": 0.9,
    "MagneticFieldStrength": 3,
    "Manufacturer": "SIEMENS ",
    "ManufacturersModelName": " ",
    "MatrixCoilMode": " ",
    "MultibandAccelerationFactor": " ",
    "NonlinearGradientCorrection": " ",
    "NumberShots": " ",
    "ParallelAcquisitionTechnique": " ",
    "ParallelReductionFactorInPlane": " ",
    "PartialFourier": " ",
    "PartialFourierDirection": " ",
    "PulseSequenceDetails": " ",
    "PulseSequenceType": "MPRAGE ADNI iPAT2 ",
    "ReceiveCoilActiveElements": " ",
    "ReceiveCoilName": " ",
    "ScanOptions": "IR",
    "ScanningSequence": "GR\\IR ",
    "SequenceName": "*tfl3d1_ns",
    "SequenceVariant": "SP\\MP ",
    "SliceEncodingDirection": " ",
    "SoftwareVersions": "syngo MR B17",
    "StationName": "MRC35368",
    "WaterFatShift": " ",
    "dataset": "ds001634",
    "modality": "T1w",
    "subject_id": "04"
  },
  "cjv": 0.33727510574856734,
  "cnr": 3.7767070337762454,
  "efc": 0.5543808089491913,
  "fber": 446.54009057080754,
  "fwhm_avg": 3.8947299999999996,
  "fwhm_x": 3.90707,
  "fwhm_y": 4.09538,
  "fwhm_z": 3.68174,
  "icvs_csf": 0.24866023109100058,
  "icvs_gm": 0.42541778867486946,
  "icvs_wm": 0.32592198023413,
  "inu_med": 0.6170982122421265,
  "inu_range": 0.19583836197853088,
  "provenance": {
    "md5sum": "e635d41bf5f8ce0ecd776cfcfbc161fe",
    "settings": {
      "testing": false
    },
    "software": "mriqc",
    "version": "22.0.6",
    "warnings": {
      "large_rot_frame": true,
      "small_air_mask": false
    },
    "webapi_port": null,
    "webapi_url": "https://mriqc.nimh.nih.gov/api/v1"
  },
  "qi_1": 0.0,
  "qi_2": 0.002975417142773655,
  "rpve_csf": 23.41503931219637,
  "rpve_gm": 13.475554301089574,
  "rpve_wm": 19.963627199226227,
  "size_x": 192,
  "size_y": 240,
  "size_z": 256,
  "snr_csf": 2.358331047356057,
  "snr_gm": 9.635383537480802,
  "snr_total": 10.294743517970069,
  "snr_wm": 18.89051596907335,
  "snrd_csf": 6.539457038541682,
  "snrd_gm": 21.03280423912985,
  "snrd_total": 19.783014124710263,
  "snrd_wm": 31.776781096459256,
  "spacing_x": 1.0,
  "spacing_y": 1.0,
  "spacing_z": 1.0,
  "summary_bg_k": 2224.3503263543766,
  "summary_bg_mad": 20.617490327436247,
  "summary_bg_mean": 16.14527550585182,
  "summary_bg_median": 13.906285900622606,
  "summary_bg_n": 2748786.0,
  "summary_bg_p05": 0.0,
  "summary_bg_p95": 44.994703341275454,
  "summary_bg_stdv": 22.22021785166621,
  "summary_csf_k": 2.327358115360269,
  "summary_csf_mad": 68.4710186855735,
  "summary_csf_mean": 219.94111325761466,
  "summary_csf_median": 205.8001848757267,
  "summary_csf_n": 53476.0,
  "summary_csf_p05": 103.86357644945383,
  "summary_csf_p95": 395.6065351590514,
  "summary_csf_stdv": 87.26436471590084,
  "summary_gm_k": 0.14682951463637828,
  "summary_gm_mad": 66.56640064146853,
  "summary_gm_mean": 658.996988500182,
  "summary_gm_median": 661.9135159626603,
  "summary_gm_n": 24281.0,
  "summary_gm_p05": 539.8400916941464,
  "summary_gm_p95": 767.4471313655376,
  "summary_gm_stdv": 68.69471079905612,
  "summary_wm_k": 1.0665188377470995,
  "summary_wm_mad": 47.47260474931626,
  "summary_wm_mean": 997.3568886159361,
  "summary_wm_median": 1000.0321717634797,
  "summary_wm_n": 167753.0,
  "summary_wm_p05": 905.5786224938929,
  "summary_wm_p95": 1078.234957370907,
  "summary_wm_stdv": 52.9381618123994,
  "tpm_overlap_csf": 0.15749824401457022,
  "tpm_overlap_gm": 0.45724745603125994,
  "tpm_overlap_wm": 0.4994955874821367,
  "wm2max": 0.5418508335363519
}