{
  "aor": 0.0003893215339233039,
  "aqi": 0.005804621710914455,
  "bids_meta": {
    "CogAtlasID": " ",
    "CogPOID": " ",
    "CoilCombinationMethod": " ",
    "DelayTime": " ",
    "DeviceSerialNumber": "35368 ",
    "EchoTime": 0.03,
    "EffectiveEchoSpacing": 0.00026499894000423993,
    "FlipAngle": 45,
    "GradientSetType": " ",
    "InstitutionAddress": "Perth Drive 100,London,Ontario,CA,N6A 5K8",
    "InstitutionName": "Robarts-CFMM",
    "Instructions": " ",
    "InversionTime": " ",
    "MRTransmitCoilSequence": " ",
    "MagneticFieldStrength": 3,
    "Manufacturer": "SIEMENS ",
    "ManufacturerModelName": "TrioTim ",
    "MatrixCoilMode": " ",
    "MultibandAccelerationFactor": " ",
    "NumberOfVolumesDiscardedByScanner": " ",
    "NumberOfVolumesDiscardedByUser": 10,
    "NumberShots": " ",
    "ParallelAcquisitionTechnique": " ",
    "ParallelReductionFactorInPlane": " ",
    "PartialFourier": " ",
    "PartialFourierDirection": " ",
    "PulseSequenceDetails": " ",
    "PulseSequenceType": " ",
    "ReceiveCoilName": " ",
    "RepetitionTime": 2,
    "SliceTiming": [
      1.005,
      0,
      1.06,
      0.0575,
      1.11500000002,
      0.11250000002,
      1.17250000002,
      0.16750000001,
      1.2275000000099998,
      0.22500000001,
      1.2825,
      0.28,
      1.34,
      0.33499999999,
      1.39500000002,
      0.39000000001,
      1.45000000001,
      0.44750000001,
      1.5075000000099998,
      0.5025,
      1.5625,
      0.5575,
      1.6174999999900002,
      0.61500000002,
      1.67500000002,
      0.67000000001,
      1.73000000001,
      0.72500000001,
      1.785,
      0.7825,
      1.84,
      0.83749999999,
      1.8974999999900002,
      0.89250000002,
      1.95250000001,
      0.95000000001
    ],
    "SoftwareVersions": "syngo MR B17",
    "TaskDescription": " ",
    "TaskName": "ep2d_bold_WorkingMemory_order1",
    "TotalReadoutTime": 0.020934916260334956,
    "dataset": "ds001634",
    "modality": "bold",
    "run_id": 1,
    "subject_id": "11",
    "task_id": "WM"
  },
  "dummy_trs": 0,
  "dvars_nstd": 23.103604542396443,
  "dvars_std": 1.0662373617159757,
  "dvars_vstd": 0.9816084545266267,
  "efc": 0.42393732735244544,
  "fber": 4492.28955078125,
  "fd_mean": 0.06759855289247507,
  "fd_num": 4,
  "fd_perc": 1.1799410029498525,
  "fwhm_avg": 1.7822866196009883,
  "fwhm_x": 1.6680533333333332,
  "fwhm_y": 1.9021366666666666,
  "fwhm_z": 1.7766698588029655,
  "gcor": 0.0409904,
  "gsr_x": -0.011505200527608395,
  "gsr_y": 0.01111839059740305,
  "provenance": {
    "md5sum": "9e67d7113e70af8d3e665f3e80a6cbfd",
    "settings": {
      "fd_thres": 0.2,
      "testing": false
    },
    "software": "mriqc",
    "version": "22.0.6",
    "webapi_port": null,
    "webapi_url": "https://mriqc.nimh.nih.gov/api/v1"
  },
  "size_t": 339,
  "size_x": 80,
  "size_y": 80,
  "size_z": 36,
  "snr": 4.006903334265712,
  "spacing_tr": 2.0,
  "spacing_x": 3.0,
  "spacing_y": 3.0,
  "spacing_z": 3.000000238418579,
  "summary_bg_k": 100.16818791950324,
  "summary_bg_mad": 2.693795135726607,
  "summary_bg_mean": 11.538223266601562,
  "summary_bg_median": 6.036160945892334,
  "summary_bg_n": 159368.0,
  "summary_bg_p05": 3.047320377826691,
  "summary_bg_p95": 33.46579074859614,
  "summary_bg_stdv": 24.016448974609375,
  "summary_fg_k": 5.933861765209151,
  "summary_fg_mad": 78.66334095080846,
  "summary_fg_mean": 423.8349609375,
  "summary_fg_median": 406.0467834472656,
  "summary_fg_n": 32121.0,
  "summary_fg_p05": 309.4207763671875,
  "summary_fg_p95": 594.4916381835938,
  "summary_fg_stdv": 101.3352279663086,
  "tsnr": 60.334678649902344
}