{
  "aor": 0.0002044444444444445,
  "aqi": 0.005362845263157895,
  "bids_meta": {
    "CogAtlasID": " ",
    "CogPOID": " ",
    "CoilCombinationMethod": " ",
    "DelayTime": " ",
    "DeviceSerialNumber": "35368 ",
    "EchoTime": 0.03,
    "EffectiveEchoSpacing": 0.00026499894000423993,
    "FlipAngle": 45,
    "GradientSetType": " ",
    "InstitutionAddress": "Perth Drive 100,London,Ontario,CA,N6A 5K8",
    "InstitutionName": "Robarts-CFMM",
    "Instructions": " ",
    "InversionTime": " ",
    "MRTransmitCoilSequence": " ",
    "MagneticFieldStrength": 3,
    "Manufacturer": "SIEMENS ",
    "ManufacturerModelName": "TrioTim ",
    "MatrixCoilMode": " ",
    "MultibandAccelerationFactor": " ",
    "NumberOfVolumesDiscardedByScanner": " ",
    "NumberOfVolumesDiscardedByUser": 10,
    "NumberShots": " ",
    "ParallelAcquisitionTechnique": " ",
    "ParallelReductionFactorInPlane": " ",
    "PartialFourier": " ",
    "PartialFourierDirection": " ",
    "PulseSequenceDetails": " ",
    "PulseSequenceType": " ",
    "ReceiveCoilName": " ",
    "RepetitionTime": 2,
    "SliceTiming": [
      1.005,
      0,
      1.06,
      0.05500000002,
      1.11500000002,
      0.11250000002,
      1.17250000002,
      0.16750000001,
      1.2275000000099998,
      0.2225,
      1.2825,
      0.28,
      1.33750000002,
      0.33500000002,
      1.39500000002,
      0.39000000001,
      1.45000000001,
      0.44750000001,
      1.505,
      0.5025,
      1.5625,
      0.5575,
      1.61750000002,
      0.61250000002,
      1.67250000002,
      0.67000000001,
      1.73000000001,
      0.72500000001,
      1.785,
      0.78,
      1.84,
      0.83750000002,
      1.89500000002,
      0.89250000002,
      1.95250000001,
      0.94750000001
    ],
    "SoftwareVersions": "syngo MR B17",
    "TaskDescription": " ",
    "TaskName": "ep2d_bold_WorkingMemory_order3",
    "TotalReadoutTime": 0.020934916260334956,
    "dataset": "ds001634",
    "modality": "bold",
    "run_id": 3,
    "subject_id": "11",
    "task_id": "WM"
  },
  "dummy_trs": 0,
  "dvars_nstd": 22.618288957507335,
  "dvars_std": 1.068795771788856,
  "dvars_vstd": 0.9872601164809384,
  "efc": 0.42502575449858954,
  "fber": 4467.248046875,
  "fd_mean": 0.06771858073862466,
  "fd_num": 1,
  "fd_perc": 0.29239766081871343,
  "fwhm_avg": 1.7820755082901358,
  "fwhm_x": 1.6664266666666665,
  "fwhm_y": 1.89559,
  "fwhm_z": 1.7842098582037405,
  "gcor": 0.0196677,
  "gsr_x": -0.011080744676291943,
  "gsr_y": 0.009745514020323753,
  "provenance": {
    "md5sum": "512144957a1ba8c2394cb382dc4297ef",
    "settings": {
      "fd_thres": 0.2,
      "testing": false
    },
    "software": "mriqc",
    "version": "22.0.6",
    "webapi_port": null,
    "webapi_url": "https://mriqc.nimh.nih.gov/api/v1"
  },
  "size_t": 342,
  "size_x": 80,
  "size_y": 80,
  "size_z": 36,
  "snr": 4.032993117881695,
  "spacing_tr": 2.0,
  "spacing_x": 3.0,
  "spacing_y": 3.0,
  "spacing_z": 3.000000238418579,
  "summary_bg_k": 98.02547138540758,
  "summary_bg_mad": 2.6510233591353978,
  "summary_bg_mean": 11.361311912536621,
  "summary_bg_median": 5.971866607666016,
  "summary_bg_n": 159122.0,
  "summary_bg_p05": 3.0121786236763,
  "summary_bg_p95": 33.58749999999993,
  "summary_bg_stdv": 23.10885238647461,
  "summary_fg_k": 6.057037077597162,
  "summary_fg_mad": 77.35991063126777,
  "summary_fg_mean": 419.34075927734375,
  "summary_fg_median": 401.8402099609375,
  "summary_fg_n": 32280.0,
  "summary_fg_p05": 306.7048034667969,
  "summary_fg_p95": 589.0108093261719,
  "summary_fg_stdv": 99.63666534423828,
  "tsnr": 62.388641357421875
}