{
  "aor": 0.0003633431085043988,
  "aqi": 0.006069528973607038,
  "bids_meta": {
    "CogAtlasID": " ",
    "CogPOID": " ",
    "CoilCombinationMethod": " ",
    "DelayTime": " ",
    "DeviceSerialNumber": "35368 ",
    "EchoTime": 0.03,
    "EffectiveEchoSpacing": 0.00026499894000423993,
    "FlipAngle": 45,
    "GradientSetType": " ",
    "InstitutionAddress": "Perth Drive 100,London,Ontario,CA,N6A 5K8",
    "InstitutionName": "Robarts-CFMM",
    "Instructions": " ",
    "InversionTime": " ",
    "MRTransmitCoilSequence": " ",
    "MagneticFieldStrength": 3,
    "Manufacturer": "SIEMENS ",
    "ManufacturerModelName": "TrioTim ",
    "MatrixCoilMode": " ",
    "MultibandAccelerationFactor": " ",
    "NumberOfVolumesDiscardedByScanner": " ",
    "NumberOfVolumesDiscardedByUser": 10,
    "NumberShots": " ",
    "ParallelAcquisitionTechnique": " ",
    "ParallelReductionFactorInPlane": " ",
    "PartialFourier": " ",
    "PartialFourierDirection": " ",
    "PulseSequenceDetails": " ",
    "PulseSequenceType": " ",
    "ReceiveCoilName": " ",
    "RepetitionTime": 2,
    "SliceTiming": [
      1.0025,
      0,
      1.0575,
      0.05499999999,
      1.1149999999900002,
      0.10999999999,
      1.16999999998,
      0.16499999998,
      1.22499999998,
      0.2225,
      1.2825,
      0.2775,
      1.3374999999900001,
      0.33249999999,
      1.39249999999,
      0.38999999998,
      1.44749999998,
      0.44499999998,
      1.505,
      0.5,
      1.56,
      0.5575,
      1.6149999999900002,
      0.61249999999,
      1.67249999999,
      0.66749999998,
      1.72749999998,
      0.72499999998,
      1.7825,
      0.78,
      1.84,
      0.83499999999,
      1.89499999999,
      0.88999999998,
      1.94999999998,
      0.94749999998
    ],
    "SoftwareVersions": "syngo MR B17",
    "TaskDescription": " ",
    "TaskName": "ep2d_bold_WorkingMemory_order1_run3 ",
    "TotalReadoutTime": 0.020934916260334956,
    "dataset": "ds001634",
    "modality": "bold",
    "run_id": 3,
    "subject_id": "07",
    "task_id": "WM"
  },
  "dummy_trs": 1,
  "dvars_nstd": 25.892019159852957,
  "dvars_std": 1.1061002263823532,
  "dvars_vstd": 0.9758283711470583,
  "efc": 0.5123220356845718,
  "fber": 3397.65625,
  "fd_mean": 0.045352302338184956,
  "fd_num": 3,
  "fd_perc": 0.8797653958944281,
  "fwhm_avg": 1.7040255555555557,
  "fwhm_x": 1.6139866666666667,
  "fwhm_y": 1.7719866666666666,
  "fwhm_z": 1.7261033333333333,
  "gcor": 0.0146197,
  "gsr_x": -0.007317382376641035,
  "gsr_y": 0.019677989184856415,
  "provenance": {
    "md5sum": "6203f3405c0b13ca1910b966451038d4",
    "settings": {
      "fd_thres": 0.2,
      "testing": false
    },
    "software": "mriqc",
    "version": "22.0.6",
    "webapi_port": null,
    "webapi_url": "https://mriqc.nimh.nih.gov/api/v1"
  },
  "size_t": 341,
  "size_x": 80,
  "size_y": 80,
  "size_z": 36,
  "snr": 4.133609639580968,
  "spacing_tr": 2.0,
  "spacing_x": 3.0,
  "spacing_y": 3.0,
  "spacing_z": 3.0,
  "summary_bg_k": 22.34283526747616,
  "summary_bg_mad": 4.510408655300746,
  "summary_bg_mean": 20.345361709594727,
  "summary_bg_median": 7.893880367279053,
  "summary_bg_n": 141051.0,
  "summary_bg_p05": 3.6378636360168457,
  "summary_bg_p95": 84.89867401123047,
  "summary_bg_stdv": 36.26626968383789,
  "summary_fg_k": 4.188966399670327,
  "summary_fg_mad": 93.06491576611957,
  "summary_fg_mean": 481.6942138671875,
  "summary_fg_median": 462.1135559082031,
  "summary_fg_n": 47107.0,
  "summary_fg_p05": 349.9925048828125,
  "summary_fg_p95": 679.5615295410156,
  "summary_fg_stdv": 111.79300689697266,
  "tsnr": 55.09819793701172
}