{
  "aor": 0.0029903921568627447,
  "aqi": 0.004913329859943977,
  "bids_meta": {
    "CogAtlasID": " ",
    "CogPOID": " ",
    "CoilCombinationMethod": " ",
    "DelayTime": " ",
    "DeviceSerialNumber": "35368 ",
    "EchoTime": 0.03,
    "EffectiveEchoSpacing": 0.00026499894000423993,
    "FlipAngle": 45,
    "GradientSetType": " ",
    "InstitutionAddress": "Perth Drive 100,London,Ontario,CA,N6A 5K8",
    "InstitutionName": "Robarts-CFMM",
    "Instructions": " ",
    "InversionTime": " ",
    "MRTransmitCoilSequence": " ",
    "MagneticFieldStrength": 3,
    "Manufacturer": "SIEMENS ",
    "ManufacturerModelName": "TrioTim ",
    "MatrixCoilMode": " ",
    "MultibandAccelerationFactor": " ",
    "NumberOfVolumesDiscardedByScanner": " ",
    "NumberOfVolumesDiscardedByUser": 10,
    "NumberShots": " ",
    "ParallelAcquisitionTechnique": " ",
    "ParallelReductionFactorInPlane": " ",
    "PartialFourier": " ",
    "PartialFourierDirection": " ",
    "PulseSequenceDetails": " ",
    "PulseSequenceType": " ",
    "ReceiveCoilName": " ",
    "RepetitionTime": 2,
    "SliceTiming": [
      1.0025,
      0,
      1.0575,
      0.05499999999,
      1.11500000002,
      0.11000000002,
      1.17000000001,
      0.16750000001,
      1.2250000000099999,
      0.2225,
      1.2825,
      0.2775,
      1.3374999999900001,
      0.33250000002,
      1.39250000002,
      0.39000000001,
      1.45000000001,
      0.44500000001,
      1.505,
      0.5,
      1.56,
      0.5575,
      1.61500000002,
      0.61250000002,
      1.67250000002,
      0.66750000001,
      1.7275000000099998,
      0.72500000001,
      1.7825,
      0.78,
      1.84,
      0.83499999999,
      1.89500000002,
      0.89000000001,
      1.95000000001,
      0.94750000001
    ],
    "SoftwareVersions": "syngo MR B17",
    "TaskDescription": " ",
    "TaskName": "ep2d_bold_WorkingMemory_order1_run1 ",
    "TotalReadoutTime": 0.020934916260334956,
    "dataset": "ds001634",
    "modality": "bold",
    "run_id": 1,
    "subject_id": "07",
    "task_id": "WM"
  },
  "dummy_trs": 0,
  "dvars_nstd": 26.514789254522466,
  "dvars_std": 1.1312901235112354,
  "dvars_vstd": 1.0117301844943827,
  "efc": 0.5049223128794766,
  "fber": 3758.73828125,
  "fd_mean": 0.07896087439535304,
  "fd_num": 16,
  "fd_perc": 4.481792717086835,
  "fwhm_avg": 1.6976033333333334,
  "fwhm_x": 1.5977966666666665,
  "fwhm_y": 1.79387,
  "fwhm_z": 1.7011433333333335,
  "gcor": 0.021181,
  "gsr_x": -0.003503780346363783,
  "gsr_y": 0.019397392868995667,
  "provenance": {
    "md5sum": "958ad30bfed3e352473d214c8db05c79",
    "settings": {
      "fd_thres": 0.2,
      "testing": false
    },
    "software": "mriqc",
    "version": "22.0.6",
    "webapi_port": null,
    "webapi_url": "https://mriqc.nimh.nih.gov/api/v1"
  },
  "size_t": 357,
  "size_x": 80,
  "size_y": 80,
  "size_z": 36,
  "snr": 4.119671488799858,
  "spacing_tr": 2.0,
  "spacing_x": 3.0,
  "spacing_y": 3.0,
  "spacing_z": 3.0,
  "summary_bg_k": 24.462947815853127,
  "summary_bg_mad": 4.367855861538583,
  "summary_bg_mean": 19.3609619140625,
  "summary_bg_median": 7.513497829437256,
  "summary_bg_n": 142387.0,
  "summary_bg_p05": 3.3757413387298585,
  "summary_bg_p95": 79.53787612915039,
  "summary_bg_stdv": 35.49152374267578,
  "summary_fg_k": 3.6842154992164016,
  "summary_fg_mad": 95.05738872438162,
  "summary_fg_mean": 481.9123840332031,
  "summary_fg_median": 462.4710693359375,
  "summary_fg_n": 46197.0,
  "summary_fg_p05": 347.2641174316406,
  "summary_fg_p95": 681.8502319335936,
  "summary_fg_stdv": 112.25799560546875,
  "tsnr": 57.05413055419922
}