{
  "bids_meta": {
    "AnatomicalLandmarkCoordinates": " ",
    "CoilCombinationMethod": " ",
    "ContrastBolusIngredient": " ",
    "DeviceSerialNumber": "35368 ",
    "DwellTime": " ",
    "EchoTime": 0.00298,
    "EchoTrainLength": 1,
    "FlipAngle": 9,
    "GradientSetType": " ",
    "HardcopyDeviceSoftwareVersion": "",
    "InstitutionAddress": "Perth Drive 100,London,Ontario,CA,N6A 5K8",
    "InstitutionName": "Robarts-CFMM",
    "InstitutionalDepartmentName": "CFMM",
    "InversionTime": 0.9,
    "MagneticFieldStrength": 3,
    "Manufacturer": "SIEMENS ",
    "ManufacturersModelName": " ",
    "MatrixCoilMode": " ",
    "MultibandAccelerationFactor": " ",
    "NonlinearGradientCorrection": " ",
    "NumberShots": " ",
    "ParallelAcquisitionTechnique": " ",
    "ParallelReductionFactorInPlane": " ",
    "PartialFourier": " ",
    "PartialFourierDirection": " ",
    "PulseSequenceDetails": " ",
    "PulseSequenceType": "MPRAGE ADNI iPAT2 ",
    "ReceiveCoilActiveElements": " ",
    "ReceiveCoilName": " ",
    "ScanOptions": "IR",
    "ScanningSequence": "GR\\IR ",
    "SequenceName": "*tfl3d1_ns",
    "SequenceVariant": "SP\\MP ",
    "SliceEncodingDirection": " ",
    "SoftwareVersions": "syngo MR B17",
    "StationName": "MRC35368",
    "WaterFatShift": " ",
    "dataset": "ds001634",
    "modality": "T1w",
    "subject_id": "01"
  },
  "cjv": 0.3388250157570859,
  "cnr": 3.847569475300919,
  "efc": 0.5763725000394301,
  "fber": 1338.2537060428147,
  "fwhm_avg": 3.843413333333333,
  "fwhm_x": 3.89185,
  "fwhm_y": 4.0036,
  "fwhm_z": 3.63479,
  "icvs_csf": 0.2051835151507267,
  "icvs_gm": 0.4478042683619178,
  "icvs_wm": 0.3470122164873555,
  "inu_med": 0.5272798836231232,
  "inu_range": 0.1678186133503914,
  "provenance": {
    "md5sum": "15a2105403575764687f799bd0dd7c86",
    "settings": {
      "testing": false
    },
    "software": "mriqc",
    "version": "22.0.6",
    "warnings": {
      "large_rot_frame": true,
      "small_air_mask": false
    },
    "webapi_port": null,
    "webapi_url": "https://mriqc.nimh.nih.gov/api/v1"
  },
  "qi_1": 0.0,
  "qi_2": 0.007354316399995023,
  "rpve_csf": 23.714402310396785,
  "rpve_gm": 11.689813344163285,
  "rpve_wm": 17.191955225610858,
  "size_x": 192,
  "size_y": 240,
  "size_z": 256,
  "snr_csf": 2.091220686659145,
  "snr_gm": 10.079309063642887,
  "snr_total": 11.918762717235957,
  "snr_wm": 23.585758401405837,
  "snrd_csf": 18.402839916592075,
  "snrd_gm": 58.0665544885592,
  "snrd_total": 53.67981572789083,
  "snrd_wm": 84.57005277852123,
  "spacing_x": 1.0,
  "spacing_y": 1.0,
  "spacing_z": 1.0,
  "summary_bg_k": 6619.9587543621265,
  "summary_bg_mad": 7.746671056654218,
  "summary_bg_mean": 8.427120557892138,
  "summary_bg_median": 5.22505022585392,
  "summary_bg_n": 2368051.0,
  "summary_bg_p05": 0.0,
  "summary_bg_p95": 29.558855563402176,
  "summary_bg_stdv": 14.015661802178304,
  "summary_csf_k": 1.572298816480858,
  "summary_csf_mad": 86.62438242280128,
  "summary_csf_mean": 232.6329997522171,
  "summary_csf_median": 217.604681013152,
  "summary_csf_n": 33682.0,
  "summary_csf_p05": 89.98282924667001,
  "summary_csf_p95": 439.874585442245,
  "summary_csf_stdv": 104.05475237304398,
  "summary_gm_k": 0.1257429466508584,
  "summary_gm_mad": 66.62137108722628,
  "summary_gm_mean": 684.9186346910354,
  "summary_gm_median": 686.6089214645326,
  "summary_gm_n": 45271.0,
  "summary_gm_p05": 568.7840388715267,
  "summary_gm_p95": 794.1703125424683,
  "summary_gm_stdv": 68.1198814093038,
  "summary_wm_k": 0.7401535358647267,
  "summary_wm_mad": 39.5633557536269,
  "summary_wm_mean": 999.5868514943938,
  "summary_wm_median": 999.9999696537852,
  "summary_wm_n": 208950.0,
  "summary_wm_p05": 929.9096530526876,
  "summary_wm_p95": 1067.776335440576,
  "summary_wm_stdv": 42.3983642889526,
  "tpm_overlap_csf": 0.16026693807305448,
  "tpm_overlap_gm": 0.4655828904118324,
  "tpm_overlap_wm": 0.5029926185833506,
  "wm2max": 0.5109360996167122
}