{
  "bids_meta": {
    "AnatomicalLandmarkCoordinates": " ",
    "CoilCombinationMethod": " ",
    "ContrastBolusIngredient": " ",
    "DeviceSerialNumber": "35368 ",
    "DwellTime": " ",
    "EchoTime": 0.00298,
    "EchoTrainLength": 1,
    "FlipAngle": 9,
    "GradientSetType": " ",
    "HardcopyDeviceSoftwareVersion": "",
    "InstitutionAddress": "Perth Drive 100,London,Ontario,CA,N6A 5K8",
    "InstitutionName": "Robarts-CFMM",
    "InstitutionalDepartmentName": "CFMM",
    "InversionTime": 900,
    "MagneticFieldStrength": 3,
    "Manufacturer": "SIEMENS ",
    "ManufacturersModelName": " ",
    "MatrixCoilMode": " ",
    "MultibandAccelerationFactor": " ",
    "NonlinearGradientCorrection": " ",
    "NumberShots": " ",
    "ParallelAcquisitionTechnique": " ",
    "ParallelReductionFactorInPlane": " ",
    "PartialFourier": " ",
    "PartialFourierDirection": " ",
    "PulseSequenceDetails": " ",
    "PulseSequenceType": "MPRAGE ADNI iPAT2 ",
    "ReceiveCoilActiveElements": " ",
    "ReceiveCoilName": " ",
    "ScanOptions": "IR",
    "ScanningSequence": "GR\\IR ",
    "SequenceName": "*tfl3d1_ns",
    "SequenceVariant": "SP\\MP ",
    "SliceEncodingDirection": " ",
    "SoftwareVersions": "syngo MR B17",
    "StationName": "MRC35368",
    "WaterFatShift": " ",
    "dataset": "ds001634",
    "modality": "T1w",
    "subject_id": "14"
  },
  "cjv": 0.3437121174233458,
  "cnr": 3.781517198896588,
  "efc": 0.5798947471582238,
  "fber": 896.6243316753835,
  "fwhm_avg": 3.756436666666667,
  "fwhm_x": 3.75328,
  "fwhm_y": 3.98503,
  "fwhm_z": 3.531,
  "icvs_csf": 0.21492898782698028,
  "icvs_gm": 0.4594285399866532,
  "icvs_wm": 0.32564247218636655,
  "inu_med": 0.6859793961048126,
  "inu_range": 0.3175783812999724,
  "provenance": {
    "md5sum": "258ee13aba7e98ac42e9def939a39c5f",
    "settings": {
      "testing": false
    },
    "software": "mriqc",
    "version": "22.0.6",
    "warnings": {
      "large_rot_frame": true,
      "small_air_mask": false
    },
    "webapi_port": null,
    "webapi_url": "https://mriqc.nimh.nih.gov/api/v1"
  },
  "qi_1": 0.0,
  "qi_2": 0.008022142076995606,
  "rpve_csf": 24.667965171981766,
  "rpve_gm": 12.11608873685296,
  "rpve_wm": 18.67989428116616,
  "size_x": 192,
  "size_y": 240,
  "size_z": 256,
  "snr_csf": 2.713580413812494,
  "snr_gm": 10.42965064023038,
  "snr_total": 9.738062805884212,
  "snr_wm": 16.070957363609764,
  "snrd_csf": 10.563189758365224,
  "snrd_gm": 30.50634594520446,
  "snrd_total": 29.109485069638442,
  "snrd_wm": 46.25891950534565,
  "spacing_x": 1.0,
  "spacing_y": 1.0,
  "spacing_z": 1.0,
  "summary_bg_k": 1.2986147025962786,
  "summary_bg_mad": 14.162380635069384,
  "summary_bg_mean": 14.294138317918351,
  "summary_bg_median": 9.552380576729774,
  "summary_bg_n": 3163623.0,
  "summary_bg_p05": 0.0,
  "summary_bg_p95": 45.55143465101719,
  "summary_bg_stdv": 15.475488776396334,
  "summary_csf_k": 2.973327986680097,
  "summary_csf_mad": 68.8221472183537,
  "summary_csf_mean": 237.64597661530433,
  "summary_csf_median": 228.34926296025515,
  "summary_csf_n": 48704.0,
  "summary_csf_p05": 118.49688632786274,
  "summary_csf_p95": 389.9502798244357,
  "summary_csf_stdv": 84.14967823697673,
  "summary_gm_k": 0.14396575069530382,
  "summary_gm_mad": 61.85800136887744,
  "summary_gm_mean": 658.2736244973295,
  "summary_gm_median": 659.469513617456,
  "summary_gm_n": 31289.0,
  "summary_gm_p05": 551.0144686892629,
  "summary_gm_p95": 758.7826934978366,
  "summary_gm_stdv": 63.22924879469807,
  "summary_wm_k": 0.9755093075978105,
  "summary_wm_mad": 55.18646668954723,
  "summary_wm_mean": 997.9524197496638,
  "summary_wm_median": 1000.000039383769,
  "summary_wm_n": 155056.0,
  "summary_wm_p05": 891.0950062796474,
  "summary_wm_p95": 1095.6422630921006,
  "summary_wm_stdv": 62.22384840627875,
  "tpm_overlap_csf": 0.16126228698799613,
  "tpm_overlap_gm": 0.4630038653874074,
  "tpm_overlap_wm": 0.4928904164459939,
  "wm2max": 0.45423607820164547
}