{
  "bids_meta": {
    "AnatomicalLandmarkCoordinates": " ",
    "CoilCombinationMethod": " ",
    "ContrastBolusIngredient": " ",
    "DeviceSerialNumber": "35368 ",
    "DwellTime": " ",
    "EchoTime": 0.00298,
    "EchoTrainLength": 1,
    "FlipAngle": 9,
    "GradientSetType": " ",
    "HardcopyDeviceSoftwareVersion": "",
    "InstitutionAddress": "Perth Drive 100,London//709CAB//,Ontario,CA,N6A 5K8",
    "InstitutionName": "Robarts-CFMM",
    "InstitutionalDepartmentName": "CFMM",
    "InversionTime": 900,
    "MagneticFieldStrength": 3,
    "Manufacturer": "SIEMENS ",
    "ManufacturersModelName": " ",
    "MatrixCoilMode": " ",
    "MultibandAccelerationFactor": " ",
    "NonlinearGradientCorrection": " ",
    "NumberShots": " ",
    "ParallelAcquisitionTechnique": " ",
    "ParallelReductionFactorInPlane": " ",
    "PartialFourier": " ",
    "PartialFourierDirection": " ",
    "PulseSequenceDetails": " ",
    "PulseSequenceType": "MPRAGE ADNI iPAT2 ",
    "ReceiveCoilActiveElements": " ",
    "ReceiveCoilName": " ",
    "ScanOptions": "IR",
    "ScanningSequence": "GR\\IR ",
    "SequenceName": "*tfl3d1_ns",
    "SequenceVariant": "SP\\MP ",
    "SliceEncodingDirection": " ",
    "SoftwareVersions": "syngo MR B17",
    "StationName": "MRC35368",
    "WaterFatShift": " ",
    "dataset": "ds001634",
    "modality": "T1w",
    "subject_id": "08"
  },
  "cjv": 0.36613282131616876,
  "cnr": 3.5878599139699237,
  "efc": 0.5914116036776089,
  "fber": 1446.1346976475143,
  "fwhm_avg": 3.7931833333333334,
  "fwhm_x": 3.86462,
  "fwhm_y": 3.93191,
  "fwhm_z": 3.58302,
  "icvs_csf": 0.2019128065343753,
  "icvs_gm": 0.4528158278348234,
  "icvs_wm": 0.34527136563080135,
  "inu_med": 0.5758306980133057,
  "inu_range": 0.21282858252525322,
  "provenance": {
    "md5sum": "fba90926a09a936e83a3d6f7bfe26cc8",
    "settings": {
      "testing": false
    },
    "software": "mriqc",
    "version": "22.0.6",
    "warnings": {
      "large_rot_frame": true,
      "small_air_mask": false
    },
    "webapi_port": null,
    "webapi_url": "https://mriqc.nimh.nih.gov/api/v1"
  },
  "qi_1": 1.7539719492049722e-05,
  "qi_2": 0.007000499762183975,
  "rpve_csf": 25.177182405347605,
  "rpve_gm": 12.109390467446733,
  "rpve_wm": 17.827959460076393,
  "size_x": 192,
  "size_y": 240,
  "size_z": 256,
  "snr_csf": 2.2711824956207014,
  "snr_gm": 10.52694204776329,
  "snr_total": 11.026226373254174,
  "snr_wm": 20.280554576378524,
  "snrd_csf": 13.551072127931047,
  "snrd_gm": 37.236868868088266,
  "snrd_total": 34.87283259917708,
  "snrd_wm": 53.83055680151194,
  "spacing_x": 1.0,
  "spacing_y": 1.0,
  "spacing_z": 1.0,
  "summary_bg_k": 4348.864513127227,
  "summary_bg_mad": 12.170840692564267,
  "summary_bg_mean": 12.674835643830713,
  "summary_bg_median": 8.209107298403978,
  "summary_bg_n": 2910895.0,
  "summary_bg_p05": 0.0,
  "summary_bg_p95": 38.47253271192312,
  "summary_bg_stdv": 25.151406720806264,
  "summary_csf_k": 0.647074143841877,
  "summary_csf_mad": 104.87510487324035,
  "summary_csf_mean": 263.9784078965189,
  "summary_csf_median": 251.74595715105534,
  "summary_csf_n": 29953.0,
  "summary_csf_p05": 105.2072656750679,
  "summary_csf_p95": 471.0638984069228,
  "summary_csf_stdv": 110.84171142202601,
  "summary_gm_k": 0.005830171193665468,
  "summary_gm_mad": 65.75887060758603,
  "summary_gm_mean": 691.7006089962114,
  "summary_gm_median": 691.7704448774457,
  "summary_gm_n": 30710.0,
  "summary_gm_p05": 582.6607901358977,
  "summary_gm_p95": 800.4492235891521,
  "summary_gm_stdv": 65.71321269711254,
  "summary_wm_k": 0.5051837297265291,
  "summary_wm_mad": 47.10902516823383,
  "summary_wm_mean": 1000.47843762747,
  "summary_wm_median": 1000.0408025309443,
  "summary_wm_n": 187361.0,
  "summary_wm_p05": 920.5635746568441,
  "summary_wm_p95": 1081.4784142374992,
  "summary_wm_stdv": 49.31019662244609,
  "tpm_overlap_csf": 0.1454081684463981,
  "tpm_overlap_gm": 0.4581968672817041,
  "tpm_overlap_wm": 0.4871775622771551,
  "wm2max": 0.4597014925373134
}