{
  "bids_meta": {
    "AnatomicalLandmarkCoordinates": " ",
    "CoilCombinationMethod": " ",
    "ContrastBolusIngredient": " ",
    "DeviceSerialNumber": "35368 ",
    "DwellTime": " ",
    "EchoTime": 0.00298,
    "EchoTrainLength": 1,
    "FlipAngle": 9,
    "GradientSetType": " ",
    "HardcopyDeviceSoftwareVersion": "",
    "InstitutionAddress": "Perth Drive 100,London,Ontario,CA,N6A 5K8",
    "InstitutionName": "Robarts-CFMM",
    "InstitutionalDepartmentName": "CFMM",
    "InversionTime": 900,
    "MagneticFieldStrength": 3,
    "Manufacturer": "SIEMENS ",
    "ManufacturersModelName": " ",
    "MatrixCoilMode": " ",
    "MultibandAccelerationFactor": " ",
    "NonlinearGradientCorrection": " ",
    "NumberShots": " ",
    "ParallelAcquisitionTechnique": " ",
    "ParallelReductionFactorInPlane": " ",
    "PartialFourier": " ",
    "PartialFourierDirection": " ",
    "PulseSequenceDetails": " ",
    "PulseSequenceType": "MPRAGE ADNI iPAT2 ",
    "ReceiveCoilActiveElements": " ",
    "ReceiveCoilName": " ",
    "ScanOptions": "IR",
    "ScanningSequence": "GR\\IR ",
    "SequenceName": "*tfl3d1_ns",
    "SequenceVariant": "SP\\MP ",
    "SliceEncodingDirection": " ",
    "SoftwareVersions": "syngo MR B17",
    "StationName": "MRC35368",
    "WaterFatShift": " ",
    "dataset": "ds001634",
    "modality": "T1w",
    "subject_id": "07"
  },
  "cjv": 0.31025505482375293,
  "cnr": 4.235211832605966,
  "efc": 0.6086711873428743,
  "fber": 2955.0601676581937,
  "fwhm_avg": 4.025076666666666,
  "fwhm_x": 4.05906,
  "fwhm_y": 4.20752,
  "fwhm_z": 3.80865,
  "icvs_csf": 0.21305115064360125,
  "icvs_gm": 0.45259925978431237,
  "icvs_wm": 0.3343495895720864,
  "inu_med": 0.5253130793571472,
  "inu_range": 0.1797954961657524,
  "provenance": {
    "md5sum": "1cb69d96efe2e911324c394536f7f070",
    "settings": {
      "testing": false
    },
    "software": "mriqc",
    "version": "22.0.6",
    "warnings": {
      "large_rot_frame": true,
      "small_air_mask": false
    },
    "webapi_port": null,
    "webapi_url": "https://mriqc.nimh.nih.gov/api/v1"
  },
  "qi_1": 0.0,
  "qi_2": 0.005912874593909207,
  "rpve_csf": 21.67171804112548,
  "rpve_gm": 10.810906253429538,
  "rpve_wm": 16.393033906655916,
  "size_x": 192,
  "size_y": 240,
  "size_z": 256,
  "snr_csf": 2.1094980080077326,
  "snr_gm": 10.360002171034925,
  "snr_total": 12.080800763362822,
  "snr_wm": 23.772902111045802,
  "snrd_csf": 6.755854920413817,
  "snrd_gm": 22.549678216702162,
  "snrd_total": 21.07370782532284,
  "snrd_wm": 33.91559033885253,
  "spacing_x": 1.0,
  "spacing_y": 1.0,
  "spacing_z": 1.0,
  "summary_bg_k": 6499.619920008973,
  "summary_bg_mad": 0.0,
  "summary_bg_mean": 6.158647779269676,
  "summary_bg_median": 0.0,
  "summary_bg_n": 2444780.0,
  "summary_bg_p05": 0.0,
  "summary_bg_p95": 23.040675539523363,
  "summary_bg_stdv": 19.316004005420094,
  "summary_csf_k": 2.759791248843432,
  "summary_csf_mad": 74.27907751267117,
  "summary_csf_mean": 216.70283259732943,
  "summary_csf_median": 199.18923861160874,
  "summary_csf_n": 55096.0,
  "summary_csf_p05": 96.48499429877847,
  "summary_csf_p95": 409.77754827961326,
  "summary_csf_stdv": 94.42409056145344,
  "summary_gm_k": 0.038244776144243264,
  "summary_gm_mad": 63.85124021317446,
  "summary_gm_mean": 664.7278532322619,
  "summary_gm_median": 664.8534179367125,
  "summary_gm_n": 73052.0,
  "summary_gm_p05": 558.6584246605635,
  "summary_gm_p95": 770.0782775059342,
  "summary_gm_stdv": 64.1745876493071,
  "summary_wm_k": 0.5518935629417889,
  "summary_wm_mad": 40.118920841906075,
  "summary_wm_mean": 999.0123737163213,
  "summary_wm_median": 999.965318415314,
  "summary_wm_n": 226815.0,
  "summary_wm_p05": 928.5911956913769,
  "summary_wm_p95": 1065.7265246920288,
  "summary_wm_stdv": 42.063148595769256,
  "tpm_overlap_csf": 0.1494279397655603,
  "tpm_overlap_gm": 0.45732850064088054,
  "tpm_overlap_wm": 0.4873144280722681,
  "wm2max": 0.5300069783670621
}