{
  "bids_meta": {
    "AnatomicalLandmarkCoordinates": " ",
    "CoilCombinationMethod": " ",
    "ContrastBolusIngredient": " ",
    "DeviceSerialNumber": "35368 ",
    "DwellTime": " ",
    "EchoTime": 0.00298,
    "EchoTrainLength": 1,
    "FlipAngle": 9,
    "GradientSetType": " ",
    "HardcopyDeviceSoftwareVersion": "",
    "InstitutionAddress": "Perth Drive 100,London,Ontario,CA,N6A 5K8",
    "InstitutionName": "Robarts-CFMM",
    "InstitutionalDepartmentName": "CFMM",
    "InversionTime": 0.9,
    "MagneticFieldStrength": 3,
    "Manufacturer": "SIEMENS ",
    "ManufacturersModelName": " ",
    "MatrixCoilMode": " ",
    "MultibandAccelerationFactor": " ",
    "NonlinearGradientCorrection": " ",
    "NumberShots": " ",
    "ParallelAcquisitionTechnique": " ",
    "ParallelReductionFactorInPlane": " ",
    "PartialFourier": " ",
    "PartialFourierDirection": " ",
    "PulseSequenceDetails": " ",
    "PulseSequenceType": "MPRAGE ADNI iPAT2 ",
    "ReceiveCoilActiveElements": " ",
    "ReceiveCoilName": " ",
    "ScanOptions": "IR",
    "ScanningSequence": "GR\\IR ",
    "SequenceName": "*tfl3d1_ns",
    "SequenceVariant": "SP\\MP ",
    "SliceEncodingDirection": " ",
    "SoftwareVersions": "syngo MR B17",
    "StationName": "MRC35368",
    "WaterFatShift": " ",
    "dataset": "ds001634",
    "modality": "T1w",
    "subject_id": "02"
  },
  "cjv": 0.3560370918991947,
  "cnr": 3.6764164205299155,
  "efc": 0.5355267475533392,
  "fber": 3300.5025,
  "fwhm_avg": 3.8716166666666667,
  "fwhm_x": 4.0159,
  "fwhm_y": 3.97197,
  "fwhm_z": 3.62698,
  "icvs_csf": 0.20503264191276221,
  "icvs_gm": 0.45009315668226013,
  "icvs_wm": 0.34487420140497765,
  "inu_med": 0.5324998497962952,
  "inu_range": 0.18763619065284726,
  "provenance": {
    "md5sum": "1f0b4d26edf970296a733040a1a78d61",
    "settings": {
      "testing": false
    },
    "software": "mriqc",
    "version": "22.0.6",
    "warnings": {
      "large_rot_frame": true,
      "small_air_mask": false
    },
    "webapi_port": null,
    "webapi_url": "https://mriqc.nimh.nih.gov/api/v1"
  },
  "qi_1": 0.0,
  "qi_2": 0.009858127209669207,
  "rpve_csf": 26.89882383714527,
  "rpve_gm": 13.021241355262394,
  "rpve_wm": 19.011377660152405,
  "size_x": 192,
  "size_y": 240,
  "size_z": 256,
  "snr_csf": 1.9598421620193762,
  "snr_gm": 10.478139938635705,
  "snr_total": 11.366125881543036,
  "snr_wm": 21.66039554397403,
  "snrd_csf": 17.51337926984769,
  "snrd_gm": 50.49265607700799,
  "snrd_total": 46.901786639921205,
  "snrd_wm": 72.69932457290795,
  "spacing_x": 1.0,
  "spacing_y": 1.0,
  "spacing_z": 1.0,
  "summary_bg_k": 6514.603864562224,
  "summary_bg_mad": 9.011929168618668,
  "summary_bg_mean": 9.276622042938705,
  "summary_bg_median": 6.078453853726387,
  "summary_bg_n": 3190130.0,
  "summary_bg_p05": 0.0,
  "summary_bg_p95": 30.95858484506607,
  "summary_bg_stdv": 19.452131097077107,
  "summary_csf_k": 0.2986833351046019,
  "summary_csf_mad": 118.72237122136765,
  "summary_csf_mean": 254.490580852518,
  "summary_csf_median": 240.91064621508121,
  "summary_csf_n": 31928.0,
  "summary_csf_p05": 75.84853287041187,
  "summary_csf_p95": 486.0875364392996,
  "summary_csf_stdv": 122.92156895933583,
  "summary_gm_k": 0.09282781485281655,
  "summary_gm_mad": 65.26651807831904,
  "summary_gm_mean": 693.7285319599329,
  "summary_gm_median": 694.567177310586,
  "summary_gm_n": 34883.0,
  "summary_gm_p05": 584.0639065995813,
  "summary_gm_p95": 802.5824349224567,
  "summary_gm_stdv": 66.28630898596715,
  "summary_wm_k": 0.49939631144162266,
  "summary_wm_mad": 43.49235381376835,
  "summary_wm_mean": 999.8563820335103,
  "summary_wm_median": 1000.0377992391586,
  "summary_wm_n": 181440.0,
  "summary_wm_p05": 923.5851964205503,
  "summary_wm_p95": 1075.3200165331364,
  "summary_wm_stdv": 46.16882648191004,
  "tpm_overlap_csf": 0.14900599569444434,
  "tpm_overlap_gm": 0.47234218296434166,
  "tpm_overlap_wm": 0.5079378419127528,
  "wm2max": 0.46878097125867196
}