{
  "aor": 0.00033277456647398847,
  "aqi": 0.004283984017341041,
  "bids_meta": {
    "CogAtlasID": " ",
    "CogPOID": " ",
    "CoilCombinationMethod": " ",
    "DelayTime": " ",
    "DeviceSerialNumber": "35368 ",
    "EchoTime": 0.03,
    "EffectiveEchoSpacing": 0.00026499894000423993,
    "FlipAngle": 45,
    "GradientSetType": " ",
    "InstitutionAddress": "Perth Drive 100,London,Ontario,CA,N6A 5K8",
    "InstitutionName": "Robarts-CFMM",
    "Instructions": " ",
    "InversionTime": " ",
    "MRTransmitCoilSequence": " ",
    "MagneticFieldStrength": 3,
    "Manufacturer": "SIEMENS ",
    "ManufacturerModelName": "TrioTim ",
    "MatrixCoilMode": " ",
    "MultibandAccelerationFactor": " ",
    "NumberOfVolumesDiscardedByScanner": " ",
    "NumberOfVolumesDiscardedByUser": 10,
    "NumberShots": " ",
    "ParallelAcquisitionTechnique": " ",
    "ParallelReductionFactorInPlane": " ",
    "PartialFourier": " ",
    "PartialFourierDirection": " ",
    "PulseSequenceDetails": " ",
    "PulseSequenceType": " ",
    "ReceiveCoilName": " ",
    "RepetitionTime": 2,
    "SliceTiming": [
      1.0025,
      0,
      1.06,
      0.05499999999,
      1.1149999999900002,
      0.10999999999,
      1.17000000001,
      0.16750000001,
      1.2250000000099999,
      0.2225,
      1.2825,
      0.2775,
      1.3374999999900001,
      0.33499999999,
      1.39249999999,
      0.38999999998,
      1.45000000001,
      0.44500000001,
      1.505,
      0.5025,
      1.56,
      0.5575,
      1.6174999999900002,
      0.61249999999,
      1.67249999999,
      0.66750000001,
      1.7275000000099998,
      0.72500000001,
      1.785,
      0.78,
      1.84,
      0.83499999999,
      1.89499999999,
      0.89249999999,
      1.95000000001,
      0.94750000001
    ],
    "SoftwareVersions": "syngo MR B17",
    "TaskDescription": " ",
    "TaskName": "ep2d_bold_WorkingMemory_order1_run2 ",
    "TotalReadoutTime": 0.020934916260334956,
    "dataset": "ds001634",
    "modality": "bold",
    "run_id": 2,
    "subject_id": "07",
    "task_id": "WM"
  },
  "dummy_trs": 0,
  "dvars_nstd": 25.446705566811595,
  "dvars_std": 1.134180186347825,
  "dvars_vstd": 1.0026715724927533,
  "efc": 0.5054839302473201,
  "fber": 3664.76611328125,
  "fd_mean": 0.04400231176509589,
  "fd_num": 1,
  "fd_perc": 0.28901734104046245,
  "fwhm_avg": 1.6867188888888889,
  "fwhm_x": 1.5885466666666668,
  "fwhm_y": 1.7842533333333332,
  "fwhm_z": 1.6873566666666668,
  "gcor": 0.0131497,
  "gsr_x": -0.0035573311615735292,
  "gsr_y": 0.0187787264585495,
  "provenance": {
    "md5sum": "e0a866d9b7a5812846914a29d9e1b0aa",
    "settings": {
      "fd_thres": 0.2,
      "testing": false
    },
    "software": "mriqc",
    "version": "22.0.6",
    "webapi_port": null,
    "webapi_url": "https://mriqc.nimh.nih.gov/api/v1"
  },
  "size_t": 346,
  "size_x": 80,
  "size_y": 80,
  "size_z": 36,
  "snr": 4.1150286546713,
  "spacing_tr": 2.0,
  "spacing_x": 3.0,
  "spacing_y": 3.0,
  "spacing_z": 3.0,
  "summary_bg_k": 24.570119277667356,
  "summary_bg_mad": 4.2700048446997565,
  "summary_bg_mean": 19.408950805664062,
  "summary_bg_median": 7.534366607666016,
  "summary_bg_n": 142366.0,
  "summary_bg_p05": 3.5013415813446045,
  "summary_bg_p95": 80.27974319458008,
  "summary_bg_stdv": 35.51808166503906,
  "summary_fg_k": 3.819329545312139,
  "summary_fg_mad": 94.15659747779264,
  "summary_fg_mean": 478.75823974609375,
  "summary_fg_median": 459.1883850097656,
  "summary_fg_n": 46165.0,
  "summary_fg_p05": 345.4481689453125,
  "summary_fg_p95": 676.20751953125,
  "summary_fg_stdv": 111.58692932128906,
  "tsnr": 60.373748779296875
}