{
  "bids_meta": {
    "AnatomicalLandmarkCoordinates": " ",
    "CoilCombinationMethod": " ",
    "ContrastBolusIngredient": " ",
    "DeviceSerialNumber": "35368 ",
    "DwellTime": " ",
    "EchoTime": 0.00298,
    "EchoTrainLength": 1,
    "FlipAngle": 9,
    "GradientSetType": " ",
    "HardcopyDeviceSoftwareVersion": "",
    "InstitutionAddress": "Perth Drive 100,London,Ontario,CA,N6A 5K8",
    "InstitutionName": "Robarts-CFMM",
    "InstitutionalDepartmentName": "CFMM",
    "InversionTime": 900,
    "MagneticFieldStrength": 3,
    "Manufacturer": "SIEMENS ",
    "ManufacturersModelName": " ",
    "MatrixCoilMode": " ",
    "MultibandAccelerationFactor": " ",
    "NonlinearGradientCorrection": " ",
    "NumberShots": " ",
    "ParallelAcquisitionTechnique": " ",
    "ParallelReductionFactorInPlane": " ",
    "PartialFourier": " ",
    "PartialFourierDirection": " ",
    "PulseSequenceDetails": " ",
    "PulseSequenceType": "MPRAGE ADNI iPAT2 ",
    "ReceiveCoilActiveElements": " ",
    "ReceiveCoilName": " ",
    "ScanOptions": "IR",
    "ScanningSequence": "GR\\IR ",
    "SequenceName": "*tfl3d1_ns",
    "SequenceVariant": "SP\\MP ",
    "SliceEncodingDirection": " ",
    "SoftwareVersions": "syngo MR B17",
    "StationName": "MRC35368",
    "WaterFatShift": " ",
    "dataset": "ds001634",
    "modality": "T1w",
    "subject_id": "17"
  },
  "cjv": 0.342357576220484,
  "cnr": 3.90951849803778,
  "efc": 0.5781656007475946,
  "fber": 1064.8704584775087,
  "fwhm_avg": 3.834706666666667,
  "fwhm_x": 3.90744,
  "fwhm_y": 3.97192,
  "fwhm_z": 3.62476,
  "icvs_csf": 0.2271159970106913,
  "icvs_gm": 0.4504812887111211,
  "icvs_wm": 0.3224027142781876,
  "inu_med": 0.6037881374359131,
  "inu_range": 0.25308527946472154,
  "provenance": {
    "md5sum": "700efaa542937051dd6e7226f1f03845",
    "settings": {
      "testing": false
    },
    "software": "mriqc",
    "version": "22.0.6",
    "warnings": {
      "large_rot_frame": true,
      "small_air_mask": false
    },
    "webapi_port": null,
    "webapi_url": "https://mriqc.nimh.nih.gov/api/v1"
  },
  "qi_1": 0.0,
  "qi_2": 0.006147808332544496,
  "rpve_csf": 22.962546456742306,
  "rpve_gm": 12.033542354758719,
  "rpve_wm": 18.702996022752664,
  "size_x": 192,
  "size_y": 240,
  "size_z": 256,
  "snr_csf": 2.042062693864243,
  "snr_gm": 9.869730286431267,
  "snr_total": 10.723250239694124,
  "snr_wm": 20.25795773878686,
  "snrd_csf": 9.06881861694782,
  "snrd_gm": 28.101229180658496,
  "snrd_total": 26.40603471749398,
  "snrd_wm": 42.04805635487563,
  "spacing_x": 1.0,
  "spacing_y": 1.0,
  "spacing_z": 1.0,
  "summary_bg_k": 814.76557255016,
  "summary_bg_mad": 15.58124104676111,
  "summary_bg_mean": 12.81731139577339,
  "summary_bg_median": 10.509387381374836,
  "summary_bg_n": 3036364.0,
  "summary_bg_p05": 0.0,
  "summary_bg_p95": 38.40975388139486,
  "summary_bg_stdv": 13.278205614796962,
  "summary_csf_k": 1.1065803858805427,
  "summary_csf_mad": 86.7503616286753,
  "summary_csf_mean": 238.69066289435224,
  "summary_csf_median": 215.68554102629423,
  "summary_csf_n": 43164.0,
  "summary_csf_p05": 104.12147498130798,
  "summary_csf_p95": 451.37444803453974,
  "summary_csf_stdv": 105.620186499376,
  "summary_gm_k": 0.0018429253799476797,
  "summary_gm_mad": 67.48174503170203,
  "summary_gm_mean": 667.712627229679,
  "summary_gm_median": 668.3371975272894,
  "summary_gm_n": 43865.0,
  "summary_gm_p05": 554.6039340868592,
  "summary_gm_p95": 777.9938658624887,
  "summary_gm_stdv": 67.71508034905847,
  "summary_wm_k": 0.6039998265820792,
  "summary_wm_mad": 46.07833206355332,
  "summary_wm_mean": 999.7283613534652,
  "summary_wm_median": 1000.0373992547393,
  "summary_wm_n": 175636.0,
  "summary_wm_p05": 918.6550969704986,
  "summary_wm_p95": 1079.8489034250379,
  "summary_wm_stdv": 49.36502313027933,
  "tpm_overlap_csf": 0.16089527248094512,
  "tpm_overlap_gm": 0.47246726468004496,
  "tpm_overlap_wm": 0.4961156357934354,
  "wm2max": 0.4799525227711951
}