{
  "aor": 0.0002523054755043228,
  "aqi": 0.0067649765129683,
  "bids_meta": {
    "CogAtlasID": " ",
    "CogPOID": " ",
    "CoilCombinationMethod": " ",
    "DelayTime": " ",
    "DeviceSerialNumber": "35368 ",
    "EchoTime": 0.03,
    "EffectiveEchoSpacing": 0.00026499894000423993,
    "FlipAngle": 45,
    "GradientSetType": " ",
    "InstitutionAddress": "Perth Drive 100,London//709CAB//,Ontario,CA,N6A 5K8",
    "InstitutionName": "Robarts-CFMM",
    "Instructions": " ",
    "InversionTime": " ",
    "MRTransmitCoilSequence": " ",
    "MagneticFieldStrength": 3,
    "Manufacturer": "SIEMENS ",
    "ManufacturerModelName": "TrioTim ",
    "MatrixCoilMode": " ",
    "MultibandAccelerationFactor": " ",
    "NumberOfVolumesDiscardedByScanner": " ",
    "NumberOfVolumesDiscardedByUser": 10,
    "NumberShots": " ",
    "ParallelAcquisitionTechnique": " ",
    "ParallelReductionFactorInPlane": " ",
    "PartialFourier": " ",
    "PartialFourierDirection": " ",
    "PulseSequenceDetails": " ",
    "PulseSequenceType": " ",
    "ReceiveCoilName": " ",
    "RepetitionTime": 2,
    "SliceTiming": [
      1.005,
      0,
      1.06,
      0.05499999999,
      1.1149999999900002,
      0.11250000002,
      1.17250000002,
      0.16750000001,
      1.2275000000099998,
      0.2225,
      1.2825,
      0.28,
      1.3374999999900001,
      0.33499999999,
      1.39500000002,
      0.39000000001,
      1.45000000001,
      0.44750000001,
      1.505,
      0.5025,
      1.5625,
      0.5575,
      1.6174999999900002,
      0.61499999999,
      1.67250000002,
      0.67000000001,
      1.73000000001,
      0.72500000001,
      1.785,
      0.78,
      1.84,
      0.83749999999,
      1.8974999999900002,
      0.89250000002,
      1.95250000001,
      0.94750000001
    ],
    "SoftwareVersions": "syngo MR B17",
    "TaskDescription": " ",
    "TaskName": "ep2d_bold_WorkingMemory_Run3",
    "TotalReadoutTime": 0.020934916260334956,
    "dataset": "ds001634",
    "modality": "bold",
    "run_id": 3,
    "subject_id": "03",
    "task_id": "WM"
  },
  "dummy_trs": 0,
  "dvars_nstd": 22.01981956855491,
  "dvars_std": 1.0538246614450861,
  "dvars_vstd": 0.987802352283237,
  "efc": 0.4701308295703291,
  "fber": 4234.12890625,
  "fd_mean": 0.08705021921448194,
  "fd_num": 0,
  "fd_perc": 0.0,
  "fwhm_avg": 1.7665166203017624,
  "fwhm_x": 1.5994333333333335,
  "fwhm_y": 1.9499000000000002,
  "fwhm_z": 1.7502165275719541,
  "gcor": 0.0126347,
  "gsr_x": -0.008277040906250477,
  "gsr_y": 0.014290557242929935,
  "provenance": {
    "md5sum": "11668a5dcdeadba2b99fd4291480873f",
    "settings": {
      "fd_thres": 0.2,
      "testing": false
    },
    "software": "mriqc",
    "version": "22.0.6",
    "webapi_port": null,
    "webapi_url": "https://mriqc.nimh.nih.gov/api/v1"
  },
  "size_t": 347,
  "size_x": 80,
  "size_y": 80,
  "size_z": 36,
  "snr": 4.47293769552085,
  "spacing_tr": 2.0,
  "spacing_x": 3.0,
  "spacing_y": 3.0,
  "spacing_z": 3.000000238418579,
  "summary_bg_k": 31.601467387813777,
  "summary_bg_mad": 3.4461279996250753,
  "summary_bg_mean": 14.94975471496582,
  "summary_bg_median": 6.895256519317627,
  "summary_bg_n": 150019.0,
  "summary_bg_p05": 3.2689868211746216,
  "summary_bg_p95": 59.526164627075204,
  "summary_bg_stdv": 27.76408576965332,
  "summary_fg_k": 8.220165433508683,
  "summary_fg_mad": 76.20388991951184,
  "summary_fg_mean": 467.9332580566406,
  "summary_fg_median": 451.567138671875,
  "summary_fg_n": 39863.0,
  "summary_fg_p05": 353.75336303710935,
  "summary_fg_p95": 621.86513671875,
  "summary_fg_stdv": 100.95411682128906,
  "tsnr": 61.50481414794922
}