{
  "aor": 0.00042275147928994087,
  "aqi": 0.005921479615384615,
  "bids_meta": {
    "CogAtlasID": " ",
    "CogPOID": " ",
    "CoilCombinationMethod": " ",
    "DelayTime": " ",
    "DeviceSerialNumber": "35368 ",
    "EchoTime": 0.03,
    "EffectiveEchoSpacing": 0.00026499894000423993,
    "FlipAngle": 45,
    "GradientSetType": " ",
    "InstitutionAddress": "Perth Drive 100,London,Ontario,CA,N6A 5K8",
    "InstitutionName": "Robarts-CFMM",
    "Instructions": " ",
    "InversionTime": " ",
    "MRTransmitCoilSequence": " ",
    "MagneticFieldStrength": 3,
    "Manufacturer": "SIEMENS ",
    "ManufacturerModelName": "TrioTim ",
    "MatrixCoilMode": " ",
    "MultibandAccelerationFactor": " ",
    "NumberOfVolumesDiscardedByScanner": " ",
    "NumberOfVolumesDiscardedByUser": 10,
    "NumberShots": " ",
    "ParallelAcquisitionTechnique": " ",
    "ParallelReductionFactorInPlane": " ",
    "PartialFourier": " ",
    "PartialFourierDirection": " ",
    "PulseSequenceDetails": " ",
    "PulseSequenceType": " ",
    "ReceiveCoilName": " ",
    "RepetitionTime": 2,
    "SliceTiming": [
      1.0025,
      0,
      1.0575,
      0.05499999999,
      1.1149999999900002,
      0.10999999999,
      1.17000000001,
      0.16750000001,
      1.2250000000099999,
      0.2225,
      1.2825,
      0.2775,
      1.3374999999900001,
      0.33249999999,
      1.39249999999,
      0.39000000001,
      1.45000000001,
      0.44500000001,
      1.505,
      0.5,
      1.56,
      0.5575,
      1.6174999999900002,
      0.61249999999,
      1.67249999999,
      0.66750000001,
      1.7275000000099998,
      0.72500000001,
      1.7825,
      0.78,
      1.84,
      0.83499999999,
      1.89499999999,
      0.89249999999,
      1.95000000001,
      0.94750000001
    ],
    "SoftwareVersions": "syngo MR B17",
    "TaskDescription": " ",
    "TaskName": "ep2d_bold_WorkingMemory_order2",
    "TotalReadoutTime": 0.020934916260334956,
    "dataset": "ds001634",
    "modality": "bold",
    "run_id": 2,
    "subject_id": "12",
    "task_id": "WM"
  },
  "dummy_trs": 0,
  "dvars_nstd": 24.10716378893176,
  "dvars_std": 1.1431969829970332,
  "dvars_vstd": 1.0029579695845698,
  "efc": 0.44617328059312955,
  "fber": 4091.4072265625,
  "fd_mean": 0.06854175315713001,
  "fd_num": 0,
  "fd_perc": 0.0,
  "fwhm_avg": 1.6502255111342041,
  "fwhm_x": 1.5443333333333333,
  "fwhm_y": 1.7294933333333333,
  "fwhm_z": 1.6768498667359457,
  "gcor": 0.0306081,
  "gsr_x": -0.006726116873323917,
  "gsr_y": 0.008046351373195648,
  "provenance": {
    "md5sum": "5d26542cd3c563cb28e227ca9e0144dc",
    "settings": {
      "fd_thres": 0.2,
      "testing": false
    },
    "software": "mriqc",
    "version": "22.0.6",
    "webapi_port": null,
    "webapi_url": "https://mriqc.nimh.nih.gov/api/v1"
  },
  "size_t": 338,
  "size_x": 80,
  "size_y": 80,
  "size_z": 36,
  "snr": 5.282748048404443,
  "spacing_tr": 2.0,
  "spacing_x": 3.0,
  "spacing_y": 3.0,
  "spacing_z": 3.000000238418579,
  "summary_bg_k": 52.59741163780088,
  "summary_bg_mad": 4.329264338413992,
  "summary_bg_mean": 14.779417037963867,
  "summary_bg_median": 7.551902770996094,
  "summary_bg_n": 156244.0,
  "summary_bg_p05": 2.7484556913375853,
  "summary_bg_p95": 49.65928382873536,
  "summary_bg_stdv": 28.087064743041992,
  "summary_fg_k": 6.671593206313878,
  "summary_fg_mad": 75.36322984810576,
  "summary_fg_mean": 498.33868408203125,
  "summary_fg_median": 486.73138427734375,
  "summary_fg_n": 34798.0,
  "summary_fg_p05": 382.3965469360352,
  "summary_fg_p95": 644.3152313232422,
  "summary_fg_stdv": 92.13469696044922,
  "tsnr": 66.28279113769531
}