{
  "aor": 0.0006559763313609468,
  "aqi": 0.007573250591715976,
  "bids_meta": {
    "CogAtlasID": " ",
    "CogPOID": " ",
    "CoilCombinationMethod": " ",
    "DelayTime": " ",
    "DeviceSerialNumber": "35368 ",
    "EchoTime": 0.03,
    "EffectiveEchoSpacing": 0.00026499894000423993,
    "FlipAngle": 45,
    "GradientSetType": " ",
    "InstitutionAddress": "Perth Drive 100,London,Ontario,CA,N6A 5K8",
    "InstitutionName": "Robarts-CFMM",
    "Instructions": " ",
    "InversionTime": " ",
    "MRTransmitCoilSequence": " ",
    "MagneticFieldStrength": 3,
    "Manufacturer": "SIEMENS ",
    "ManufacturerModelName": "TrioTim ",
    "MatrixCoilMode": " ",
    "MultibandAccelerationFactor": " ",
    "NumberOfVolumesDiscardedByScanner": " ",
    "NumberOfVolumesDiscardedByUser": 10,
    "NumberShots": " ",
    "ParallelAcquisitionTechnique": " ",
    "ParallelReductionFactorInPlane": " ",
    "PartialFourier": " ",
    "PartialFourierDirection": " ",
    "PulseSequenceDetails": " ",
    "PulseSequenceType": " ",
    "ReceiveCoilName": " ",
    "RepetitionTime": 2,
    "SliceTiming": [
      1.00499999998,
      0,
      1.06,
      0.05499999999,
      1.1149999999900002,
      0.11249999999,
      1.16999999998,
      0.16749999998,
      1.22749999998,
      0.2225,
      1.2825,
      0.28,
      1.3374999999900001,
      0.33499999999,
      1.39499999999,
      0.38999999998,
      1.44999999998,
      0.44499999998,
      1.50499999998,
      0.5025,
      1.5625,
      0.5575,
      1.6174999999900002,
      0.61249999999,
      1.67249999999,
      0.66999999998,
      1.72749999998,
      0.72499999998,
      1.785,
      0.78,
      1.84,
      0.83749999999,
      1.89499999999,
      0.89249999999,
      1.95249999998,
      0.94749999998
    ],
    "SoftwareVersions": "syngo MR B17",
    "TaskDescription": " ",
    "TaskName": "ep2d_bold_WorkingMemory_order1",
    "TotalReadoutTime": 0.020934916260334956,
    "dataset": "ds001634",
    "modality": "bold",
    "run_id": 1,
    "subject_id": "12",
    "task_id": "WM"
  },
  "dummy_trs": 0,
  "dvars_nstd": 23.966263711691397,
  "dvars_std": 1.1251064174777459,
  "dvars_vstd": 0.9973995932344214,
  "efc": 0.4461302757132683,
  "fber": 4151.89794921875,
  "fd_mean": 0.07112511382012011,
  "fd_num": 2,
  "fd_perc": 0.591715976331361,
  "fwhm_avg": 1.6583277332963802,
  "fwhm_x": 1.5549600000000001,
  "fwhm_y": 1.7409066666666666,
  "fwhm_z": 1.679116533222474,
  "gcor": 0.0272213,
  "gsr_x": -0.007097281981259584,
  "gsr_y": 0.00800718367099762,
  "provenance": {
    "md5sum": "e51628531e322150138d15130c4dfcbe",
    "settings": {
      "fd_thres": 0.2,
      "testing": false
    },
    "software": "mriqc",
    "version": "22.0.6",
    "webapi_port": null,
    "webapi_url": "https://mriqc.nimh.nih.gov/api/v1"
  },
  "size_t": 338,
  "size_x": 80,
  "size_y": 80,
  "size_z": 36,
  "snr": 5.273443148016524,
  "spacing_tr": 2.0,
  "spacing_x": 3.0,
  "spacing_y": 3.0,
  "spacing_z": 3.000000238418579,
  "summary_bg_k": 52.23852244004767,
  "summary_bg_mad": 4.320782234390235,
  "summary_bg_mean": 14.757145881652832,
  "summary_bg_median": 7.5169548988342285,
  "summary_bg_n": 156199.0,
  "summary_bg_p05": 2.6778172492980956,
  "summary_bg_p95": 48.905488586425804,
  "summary_bg_stdv": 28.19091796875,
  "summary_fg_k": 6.574662143747975,
  "summary_fg_mad": 75.32931839904663,
  "summary_fg_mean": 499.4575500488281,
  "summary_fg_median": 487.54864501953125,
  "summary_fg_n": 34758.0,
  "summary_fg_p05": 382.77496948242185,
  "summary_fg_p95": 646.613168334961,
  "summary_fg_stdv": 92.45223999023438,
  "tsnr": 61.57311248779297
}