{
  "aor": 0.0007325588235294118,
  "aqi": 0.0072648289999999996,
  "bids_meta": {
    "CogAtlasID": " ",
    "CogPOID": " ",
    "CoilCombinationMethod": " ",
    "DelayTime": " ",
    "DeviceSerialNumber": "35368 ",
    "EchoTime": 0.03,
    "EffectiveEchoSpacing": 0.00026499894000423993,
    "FlipAngle": 45,
    "GradientSetType": " ",
    "InstitutionAddress": "Perth Drive 100,London,Ontario,CA,N6A 5K8",
    "InstitutionName": "Robarts-CFMM",
    "Instructions": " ",
    "InversionTime": " ",
    "MRTransmitCoilSequence": " ",
    "MagneticFieldStrength": 3,
    "Manufacturer": "SIEMENS ",
    "ManufacturerModelName": "TrioTim ",
    "MatrixCoilMode": " ",
    "MultibandAccelerationFactor": " ",
    "NumberOfVolumesDiscardedByScanner": " ",
    "NumberOfVolumesDiscardedByUser": 10,
    "NumberShots": " ",
    "ParallelAcquisitionTechnique": " ",
    "ParallelReductionFactorInPlane": " ",
    "PartialFourier": " ",
    "PartialFourierDirection": " ",
    "PulseSequenceDetails": " ",
    "PulseSequenceType": " ",
    "ReceiveCoilName": " ",
    "RepetitionTime": 2,
    "SliceTiming": [
      1.0025,
      0,
      1.0575,
      0.05499999999,
      1.1149999999900002,
      0.10999999999,
      1.16999999998,
      0.16749999998,
      1.22499999998,
      0.2225,
      1.2825,
      0.2775,
      1.3374999999900001,
      0.33499999999,
      1.39249999999,
      0.38999999998,
      1.44999999998,
      0.44499999998,
      1.505,
      0.5,
      1.56,
      0.5575,
      1.6174999999900002,
      0.61249999999,
      1.67249999999,
      0.66749999998,
      1.72749999998,
      0.72499999998,
      1.7825,
      0.78,
      1.84,
      0.83499999999,
      1.89499999999,
      0.89249999999,
      1.94999999998,
      0.94749999998
    ],
    "SoftwareVersions": "syngo MR B17",
    "TaskDescription": " ",
    "TaskName": "ep2d_bold_WorkingMemory_Order3",
    "TotalReadoutTime": 0.020934916260334956,
    "dataset": "ds001634",
    "modality": "bold",
    "run_id": 3,
    "subject_id": "05",
    "task_id": "WM"
  },
  "dummy_trs": 0,
  "dvars_nstd": 24.284580844041294,
  "dvars_std": 1.1079355827728619,
  "dvars_vstd": 0.9987925862241885,
  "efc": 0.44443632008631895,
  "fber": 4474.94580078125,
  "fd_mean": 0.10018647262322654,
  "fd_num": 30,
  "fd_perc": 8.823529411764707,
  "fwhm_avg": 1.6029422222222225,
  "fwhm_x": 1.4978300000000002,
  "fwhm_y": 1.6672500000000001,
  "fwhm_z": 1.6437466666666667,
  "gcor": 0.0184269,
  "gsr_x": -0.006772217806428671,
  "gsr_y": 0.006791940424591303,
  "provenance": {
    "md5sum": "64f8ae1ba006439a46e4551cf1e6025e",
    "settings": {
      "fd_thres": 0.2,
      "testing": false
    },
    "software": "mriqc",
    "version": "22.0.6",
    "webapi_port": null,
    "webapi_url": "https://mriqc.nimh.nih.gov/api/v1"
  },
  "size_t": 340,
  "size_x": 80,
  "size_y": 80,
  "size_z": 36,
  "snr": 5.182344168969097,
  "spacing_tr": 2.0,
  "spacing_x": 3.0,
  "spacing_y": 3.0,
  "spacing_z": 3.0,
  "summary_bg_k": 48.51767115709826,
  "summary_bg_mad": 3.4225774003342426,
  "summary_bg_mean": 12.697554588317871,
  "summary_bg_median": 6.5174407958984375,
  "summary_bg_n": 156168.0,
  "summary_bg_p05": 2.8507584810256956,
  "summary_bg_p95": 43.87083778381348,
  "summary_bg_stdv": 21.992996215820312,
  "summary_fg_k": 4.51813892449635,
  "summary_fg_mad": 73.64064587401687,
  "summary_fg_mean": 451.6905822753906,
  "summary_fg_median": 440.59490966796875,
  "summary_fg_n": 34755.0,
  "summary_fg_p05": 343.1415283203125,
  "summary_fg_p95": 594.4646362304687,
  "summary_fg_stdv": 85.0172348022461,
  "tsnr": 60.012752532958984
}