{
  "aor": 0.0010001764705882355,
  "aqi": 0.011121723411764706,
  "bids_meta": {
    "CogAtlasID": " ",
    "CogPOID": " ",
    "CoilCombinationMethod": " ",
    "DelayTime": " ",
    "DeviceSerialNumber": "35368 ",
    "EchoTime": 0.03,
    "EffectiveEchoSpacing": 0.00026499894000423993,
    "FlipAngle": 45,
    "GradientSetType": " ",
    "InstitutionAddress": "Perth Drive 100,London,Ontario,CA,N6A 5K8",
    "InstitutionName": "Robarts-CFMM",
    "Instructions": " ",
    "InversionTime": " ",
    "MRTransmitCoilSequence": " ",
    "MagneticFieldStrength": 3,
    "Manufacturer": "SIEMENS ",
    "ManufacturerModelName": "TrioTim ",
    "MatrixCoilMode": " ",
    "MultibandAccelerationFactor": " ",
    "NumberOfVolumesDiscardedByScanner": " ",
    "NumberOfVolumesDiscardedByUser": 10,
    "NumberShots": " ",
    "ParallelAcquisitionTechnique": " ",
    "ParallelReductionFactorInPlane": " ",
    "PartialFourier": " ",
    "PartialFourierDirection": " ",
    "PulseSequenceDetails": " ",
    "PulseSequenceType": " ",
    "ReceiveCoilName": " ",
    "RepetitionTime": 2,
    "SliceTiming": [
      1.005,
      0,
      1.06,
      0.0575,
      1.1174999999900002,
      0.11249999999,
      1.17249999999,
      0.16750000001,
      1.2275000000099998,
      0.22500000001,
      1.2825,
      0.28,
      1.34,
      0.33499999999,
      1.39499999999,
      0.39249999999,
      1.44999999998,
      0.44750000001,
      1.5075000000099998,
      0.5025,
      1.5625,
      0.56,
      1.6174999999900002,
      0.61499999999,
      1.67499999999,
      0.66999999998,
      1.73000000001,
      0.72500000001,
      1.785,
      0.7825,
      1.8425,
      0.83749999999,
      1.8974999999900002,
      0.89249999999,
      1.95249999998,
      0.94999999998
    ],
    "SoftwareVersions": "syngo MR B17",
    "TaskDescription": " ",
    "TaskName": "ep2d_bold_WorkingMemory_Order2",
    "TotalReadoutTime": 0.020934916260334956,
    "dataset": "ds001634",
    "modality": "bold",
    "run_id": 2,
    "subject_id": "05",
    "task_id": "WM"
  },
  "dummy_trs": 0,
  "dvars_nstd": 24.19077933445428,
  "dvars_std": 1.0614518134218287,
  "dvars_vstd": 0.9743810447787612,
  "efc": 0.4453278063027535,
  "fber": 4417.1953125,
  "fd_mean": 0.1109745222934786,
  "fd_num": 34,
  "fd_perc": 10.0,
  "fwhm_avg": 1.6159244444444445,
  "fwhm_x": 1.5094133333333335,
  "fwhm_y": 1.6813966666666669,
  "fwhm_z": 1.6569633333333333,
  "gcor": 0.0127352,
  "gsr_x": -0.007187736686319113,
  "gsr_y": 0.006858393549919128,
  "provenance": {
    "md5sum": "9f680363acfef42e461ddd0c4ac04e6b",
    "settings": {
      "fd_thres": 0.2,
      "testing": false
    },
    "software": "mriqc",
    "version": "22.0.6",
    "webapi_port": null,
    "webapi_url": "https://mriqc.nimh.nih.gov/api/v1"
  },
  "size_t": 340,
  "size_x": 80,
  "size_y": 80,
  "size_z": 36,
  "snr": 5.1816002340971155,
  "spacing_tr": 2.0,
  "spacing_x": 3.0,
  "spacing_y": 3.0,
  "spacing_z": 3.0,
  "summary_bg_k": 62.94599931363925,
  "summary_bg_mad": 3.5115574852435727,
  "summary_bg_mean": 12.87941837310791,
  "summary_bg_median": 6.587936878204346,
  "summary_bg_n": 155972.0,
  "summary_bg_p05": 2.845551109313965,
  "summary_bg_p95": 43.53889255523674,
  "summary_bg_stdv": 22.754531860351562,
  "summary_fg_k": 4.467492653317142,
  "summary_fg_mad": 73.9100597811852,
  "summary_fg_mean": 452.85980224609375,
  "summary_fg_median": 441.69091796875,
  "summary_fg_n": 34812.0,
  "summary_fg_p05": 344.1952239990234,
  "summary_fg_p95": 595.0354583740233,
  "summary_fg_stdv": 85.24095916748047,
  "tsnr": 53.715911865234375
}