{
  "aor": 0.0004057440476190476,
  "aqi": 0.014440910119047618,
  "bids_meta": {
    "CogAtlasID": " ",
    "CogPOID": " ",
    "CoilCombinationMethod": " ",
    "DelayTime": " ",
    "DeviceSerialNumber": "35368 ",
    "EchoTime": 0.03,
    "EffectiveEchoSpacing": 0.00026499894000423993,
    "FlipAngle": 45,
    "GradientSetType": " ",
    "InstitutionAddress": "Perth Drive 100,London,Ontario,CA,N6A 5K8",
    "InstitutionName": "Robarts-CFMM",
    "Instructions": " ",
    "InversionTime": " ",
    "MRTransmitCoilSequence": " ",
    "MagneticFieldStrength": 3,
    "Manufacturer": "SIEMENS ",
    "ManufacturerModelName": "TrioTim ",
    "MatrixCoilMode": " ",
    "MultibandAccelerationFactor": " ",
    "NumberOfVolumesDiscardedByScanner": " ",
    "NumberOfVolumesDiscardedByUser": 10,
    "NumberShots": " ",
    "ParallelAcquisitionTechnique": " ",
    "ParallelReductionFactorInPlane": " ",
    "PartialFourier": " ",
    "PartialFourierDirection": " ",
    "PulseSequenceDetails": " ",
    "PulseSequenceType": " ",
    "ReceiveCoilName": " ",
    "RepetitionTime": 2,
    "SliceTiming": [
      1.005,
      0,
      1.06,
      0.057500000020000004,
      1.11500000002,
      0.11250000002,
      1.17250000002,
      0.16750000001,
      1.2275000000099998,
      0.2225,
      1.2825,
      0.28,
      1.3400000000299999,
      0.33500000002,
      1.39500000002,
      0.39000000001,
      1.45000000001,
      0.44750000001,
      1.5075000000099998,
      0.5025,
      1.5625,
      0.55750000002,
      1.61750000002,
      0.61500000002,
      1.67250000002,
      0.67000000001,
      1.73000000001,
      0.72500000001,
      1.785,
      0.7825,
      1.8400000000299999,
      0.83750000002,
      1.89750000002,
      0.89250000002,
      1.95250000001,
      0.94750000001
    ],
    "SoftwareVersions": "syngo MR B17",
    "TaskDescription": " ",
    "TaskName": "ep2d_bold_WorkingMemory_Order1",
    "TotalReadoutTime": 0.020934916260334956,
    "dataset": "ds001634",
    "modality": "bold",
    "run_id": 1,
    "subject_id": "05",
    "task_id": "WM"
  },
  "dummy_trs": 0,
  "dvars_nstd": 23.112267041522383,
  "dvars_std": 0.9823257549253734,
  "dvars_vstd": 0.9306539212537307,
  "efc": 0.44338364795523194,
  "fber": 4468.416015625,
  "fd_mean": 0.11315544240304883,
  "fd_num": 36,
  "fd_perc": 10.714285714285714,
  "fwhm_avg": 1.6250655555555558,
  "fwhm_x": 1.5123933333333335,
  "fwhm_y": 1.67863,
  "fwhm_z": 1.6841733333333335,
  "gcor": 0.0125452,
  "gsr_x": -0.00686226412653923,
  "gsr_y": 0.006574300583451986,
  "provenance": {
    "md5sum": "7b250bc6e967a2d88278d0719a6048ef",
    "settings": {
      "fd_thres": 0.2,
      "testing": false
    },
    "software": "mriqc",
    "version": "22.0.6",
    "webapi_port": null,
    "webapi_url": "https://mriqc.nimh.nih.gov/api/v1"
  },
  "size_t": 336,
  "size_x": 80,
  "size_y": 80,
  "size_z": 36,
  "snr": 5.182308523005751,
  "spacing_tr": 2.0,
  "spacing_x": 3.0,
  "spacing_y": 3.0,
  "spacing_z": 3.0,
  "summary_bg_k": 60.32976941695056,
  "summary_bg_mad": 3.4901316537176514,
  "summary_bg_mean": 12.720335006713867,
  "summary_bg_median": 6.58024787902832,
  "summary_bg_n": 156336.0,
  "summary_bg_p05": 2.867938995361328,
  "summary_bg_p95": 42.342570304870605,
  "summary_bg_stdv": 22.45421600341797,
  "summary_fg_k": 4.443051000155922,
  "summary_fg_mad": 74.78752700910843,
  "summary_fg_mean": 456.24700927734375,
  "summary_fg_median": 444.7923583984375,
  "summary_fg_n": 34574.0,
  "summary_fg_p05": 347.0292221069336,
  "summary_fg_p95": 600.2111541748046,
  "summary_fg_stdv": 85.8277587890625,
  "tsnr": 49.19340896606445
}