{
  "aor": 0.00032190340909090916,
  "aqi": 0.007141448465909092,
  "bids_meta": {
    "CogAtlasID": " ",
    "CogPOID": " ",
    "CoilCombinationMethod": " ",
    "DelayTime": " ",
    "DeviceSerialNumber": "35368 ",
    "EchoTime": 0.03,
    "EffectiveEchoSpacing": 0.00026499894000423993,
    "FlipAngle": 45,
    "GradientSetType": " ",
    "InstitutionAddress": "Perth Drive 100,London//709CAB//,Ontario,CA,N6A 5K8",
    "InstitutionName": "Robarts-CFMM",
    "Instructions": " ",
    "InversionTime": " ",
    "MRTransmitCoilSequence": " ",
    "MagneticFieldStrength": 3,
    "Manufacturer": "SIEMENS ",
    "ManufacturerModelName": "TrioTim ",
    "MatrixCoilMode": " ",
    "MultibandAccelerationFactor": " ",
    "NumberOfVolumesDiscardedByScanner": " ",
    "NumberOfVolumesDiscardedByUser": 10,
    "NumberShots": " ",
    "ParallelAcquisitionTechnique": " ",
    "ParallelReductionFactorInPlane": " ",
    "PartialFourier": " ",
    "PartialFourierDirection": " ",
    "PulseSequenceDetails": " ",
    "PulseSequenceType": " ",
    "ReceiveCoilName": " ",
    "RepetitionTime": 2,
    "SliceTiming": [
      1.0025,
      0,
      1.06,
      0.05499999999,
      1.1149999999900002,
      0.11000000002,
      1.17000000001,
      0.16750000001,
      1.2275000000099998,
      0.2225,
      1.2825,
      0.2775,
      1.3374999999900001,
      0.33499999999,
      1.39250000002,
      0.39000000001,
      1.45000000001,
      0.44500000001,
      1.505,
      0.5025,
      1.56,
      0.5575,
      1.6174999999900002,
      0.61249999999,
      1.67250000002,
      0.66750000001,
      1.7275000000099998,
      0.72500000001,
      1.785,
      0.78,
      1.84,
      0.83499999999,
      1.89499999999,
      0.89250000002,
      1.95250000001,
      0.94750000001
    ],
    "SoftwareVersions": "syngo MR B17",
    "TaskDescription": " ",
    "TaskName": "ep2d_bold_WorkingMemory_Run1",
    "TotalReadoutTime": 0.020934916260334956,
    "dataset": "ds001634",
    "modality": "bold",
    "run_id": 1,
    "subject_id": "03",
    "task_id": "WM"
  },
  "dummy_trs": 0,
  "dvars_nstd": 23.00208454190883,
  "dvars_std": 1.061291919173789,
  "dvars_vstd": 0.9810325545868946,
  "efc": 0.4678226950557058,
  "fber": 4304.18798828125,
  "fd_mean": 0.09141758303397612,
  "fd_num": 3,
  "fd_perc": 0.8522727272727273,
  "fwhm_avg": 1.775233286530357,
  "fwhm_x": 1.6044600000000002,
  "fwhm_y": 1.9544866666666667,
  "fwhm_z": 1.7667531929244047,
  "gcor": 0.0223615,
  "gsr_x": -0.007888734340667725,
  "gsr_y": 0.015432842075824738,
  "provenance": {
    "md5sum": "472f2dcfa521ae490c3961f609c9fb15",
    "settings": {
      "fd_thres": 0.2,
      "testing": false
    },
    "software": "mriqc",
    "version": "22.0.6",
    "webapi_port": null,
    "webapi_url": "https://mriqc.nimh.nih.gov/api/v1"
  },
  "size_t": 352,
  "size_x": 80,
  "size_y": 80,
  "size_z": 36,
  "snr": 4.462415603761638,
  "spacing_tr": 2.0,
  "spacing_x": 3.0,
  "spacing_y": 3.0,
  "spacing_z": 3.000000238418579,
  "summary_bg_k": 34.14284467189586,
  "summary_bg_mad": 3.4879807284390814,
  "summary_bg_mean": 14.834129333496094,
  "summary_bg_median": 6.89932918548584,
  "summary_bg_n": 150417.0,
  "summary_bg_p05": 3.232775592803955,
  "summary_bg_p95": 57.12786788940411,
  "summary_bg_stdv": 27.85824203491211,
  "summary_fg_k": 8.051294071455613,
  "summary_fg_mad": 77.68979505433674,
  "summary_fg_mean": 471.92242431640625,
  "summary_fg_median": 455.3500671386719,
  "summary_fg_n": 39571.0,
  "summary_fg_p05": 356.52076721191406,
  "summary_fg_p95": 626.4274291992188,
  "summary_fg_stdv": 102.03987121582031,
  "tsnr": 60.483821868896484
}