{
  "aor": 0.0002521613832853026,
  "aqi": 0.007727632391930835,
  "bids_meta": {
    "CogAtlasID": " ",
    "CogPOID": " ",
    "CoilCombinationMethod": " ",
    "DelayTime": " ",
    "DeviceSerialNumber": "35368 ",
    "EchoTime": 0.03,
    "EffectiveEchoSpacing": 0.00026499894000423993,
    "FlipAngle": 45,
    "GradientSetType": " ",
    "InstitutionAddress": "Perth Drive 100,London//709CAB//,Ontario,CA,N6A 5K8",
    "InstitutionName": "Robarts-CFMM",
    "Instructions": " ",
    "InversionTime": " ",
    "MRTransmitCoilSequence": " ",
    "MagneticFieldStrength": 3,
    "Manufacturer": "SIEMENS ",
    "ManufacturerModelName": "TrioTim ",
    "MatrixCoilMode": " ",
    "MultibandAccelerationFactor": " ",
    "NumberOfVolumesDiscardedByScanner": " ",
    "NumberOfVolumesDiscardedByUser": 10,
    "NumberShots": " ",
    "ParallelAcquisitionTechnique": " ",
    "ParallelReductionFactorInPlane": " ",
    "PartialFourier": " ",
    "PartialFourierDirection": " ",
    "PulseSequenceDetails": " ",
    "PulseSequenceType": " ",
    "ReceiveCoilName": " ",
    "RepetitionTime": 2,
    "SliceTiming": [
      1.005,
      0,
      1.06,
      0.0575,
      1.1149999999900002,
      0.11249999999,
      1.17249999999,
      0.16749999998,
      1.22749999998,
      0.22500000001,
      1.2825,
      0.28,
      1.34,
      0.33499999999,
      1.39499999999,
      0.39249999999,
      1.44999999998,
      0.44749999998,
      1.5075000000099998,
      0.5025,
      1.5625,
      0.5575,
      1.6174999999900002,
      0.61499999999,
      1.67499999999,
      0.66999999998,
      1.72999999998,
      0.72500000001,
      1.785,
      0.7825,
      1.84,
      0.83749999999,
      1.8974999999900002,
      0.89249999999,
      1.95249999998,
      0.94999999998
    ],
    "SoftwareVersions": "syngo MR B17",
    "TaskDescription": " ",
    "TaskName": "ep2d_bold_WorkingMemory_Run2",
    "TotalReadoutTime": 0.020934916260334956,
    "dataset": "ds001634",
    "modality": "bold",
    "run_id": 2,
    "subject_id": "03",
    "task_id": "WM"
  },
  "dummy_trs": 0,
  "dvars_nstd": 22.11372450462429,
  "dvars_std": 1.0377145611849714,
  "dvars_vstd": 0.9742247230635843,
  "efc": 0.46881782138490946,
  "fber": 4257.2099609375,
  "fd_mean": 0.0920306672614131,
  "fd_num": 1,
  "fd_perc": 0.2881844380403458,
  "fwhm_avg": 1.7744532865817495,
  "fwhm_x": 1.6034766666666667,
  "fwhm_y": 1.95507,
  "fwhm_z": 1.764813193078582,
  "gcor": 0.0210121,
  "gsr_x": -0.007683854084461927,
  "gsr_y": 0.014101584441959858,
  "provenance": {
    "md5sum": "522d28b36bdc8c17606332d8b8d080f0",
    "settings": {
      "fd_thres": 0.2,
      "testing": false
    },
    "software": "mriqc",
    "version": "22.0.6",
    "webapi_port": null,
    "webapi_url": "https://mriqc.nimh.nih.gov/api/v1"
  },
  "size_t": 347,
  "size_x": 80,
  "size_y": 80,
  "size_z": 36,
  "snr": 4.47082801981848,
  "spacing_tr": 2.0,
  "spacing_x": 3.0,
  "spacing_y": 3.0,
  "spacing_z": 3.000000238418579,
  "summary_bg_k": 32.934681276731496,
  "summary_bg_mad": 3.4476313497006315,
  "summary_bg_mean": 14.836637496948242,
  "summary_bg_median": 6.900041103363037,
  "summary_bg_n": 150204.0,
  "summary_bg_p05": 3.251076340675354,
  "summary_bg_p95": 57.99161491394046,
  "summary_bg_stdv": 27.742700576782227,
  "summary_fg_k": 8.138574339124723,
  "summary_fg_mad": 76.37464616867689,
  "summary_fg_mean": 469.0085144042969,
  "summary_fg_median": 452.8670959472656,
  "summary_fg_n": 39728.0,
  "summary_fg_p05": 354.2105545043945,
  "summary_fg_p95": 622.5602020263672,
  "summary_fg_stdv": 101.29251098632812,
  "tsnr": 59.455440521240234
}