{
  "bids_meta": {
    "AnatomicalLandmarkCoordinates": " ",
    "CoilCombinationMethod": " ",
    "ContrastBolusIngredient": " ",
    "DeviceSerialNumber": "35368 ",
    "DwellTime": " ",
    "EchoTime": 0.00298,
    "EchoTrainLength": 1,
    "FlipAngle": 9,
    "GradientSetType": " ",
    "HardcopyDeviceSoftwareVersion": "",
    "InstitutionAddress": "Perth Drive 100,London,Ontario,CA,N6A 5K8",
    "InstitutionName": "Robarts-CFMM",
    "InstitutionalDepartmentName": "CFMM",
    "InversionTime": 900,
    "MagneticFieldStrength": 3,
    "Manufacturer": "SIEMENS ",
    "ManufacturersModelName": " ",
    "MatrixCoilMode": " ",
    "MultibandAccelerationFactor": " ",
    "NonlinearGradientCorrection": " ",
    "NumberShots": " ",
    "ParallelAcquisitionTechnique": " ",
    "ParallelReductionFactorInPlane": " ",
    "PartialFourier": " ",
    "PartialFourierDirection": " ",
    "PulseSequenceDetails": " ",
    "PulseSequenceType": "MPRAGE ADNI iPAT2 ",
    "ReceiveCoilActiveElements": " ",
    "ReceiveCoilName": " ",
    "ScanOptions": "IR",
    "ScanningSequence": "GR\\IR ",
    "SequenceName": "*tfl3d1_ns",
    "SequenceVariant": "SP\\MP ",
    "SliceEncodingDirection": " ",
    "SoftwareVersions": "syngo MR B17",
    "StationName": "MRC35368",
    "WaterFatShift": " ",
    "dataset": "ds001634",
    "modality": "T1w",
    "subject_id": "09"
  },
  "cjv": 0.3199315801093127,
  "cnr": 4.054806982108161,
  "efc": 0.5481273318721432,
  "fber": 1340.5419550358104,
  "fwhm_avg": 3.958906666666666,
  "fwhm_x": 4.02628,
  "fwhm_y": 4.08667,
  "fwhm_z": 3.76377,
  "icvs_csf": 0.21336487226076728,
  "icvs_gm": 0.4635124039892859,
  "icvs_wm": 0.3231227237499468,
  "inu_med": 0.5096833407878876,
  "inu_range": 0.17075121402740473,
  "provenance": {
    "md5sum": "f3a915f4cb506940e337c41f81e96f58",
    "settings": {
      "testing": false
    },
    "software": "mriqc",
    "version": "22.0.6",
    "warnings": {
      "large_rot_frame": true,
      "small_air_mask": false
    },
    "webapi_port": null,
    "webapi_url": "https://mriqc.nimh.nih.gov/api/v1"
  },
  "qi_1": 2.4754304808471412e-05,
  "qi_2": 0.007195271855645613,
  "rpve_csf": 25.55039665242786,
  "rpve_gm": 12.436442939551407,
  "rpve_wm": 19.761451420692538,
  "size_x": 192,
  "size_y": 240,
  "size_z": 256,
  "snr_csf": 1.8280395016080822,
  "snr_gm": 9.992139653987854,
  "snr_total": 11.684709846475796,
  "snr_wm": 23.23395038383145,
  "snrd_csf": 16.899254826931404,
  "snrd_gm": 53.11154920358193,
  "snrd_total": 49.86739307730278,
  "snrd_wm": 79.59137520139501,
  "spacing_x": 1.0,
  "spacing_y": 1.0,
  "spacing_z": 1.0,
  "summary_bg_k": 5553.128638100638,
  "summary_bg_mad": 8.230962730539087,
  "summary_bg_mean": 8.782411262009948,
  "summary_bg_median": 5.551699995994568,
  "summary_bg_n": 2647984.0,
  "summary_bg_p05": 0.0,
  "summary_bg_p95": 27.58500935509801,
  "summary_bg_stdv": 20.490069530291965,
  "summary_csf_k": 2.340831586722726,
  "summary_csf_mad": 106.64241087754705,
  "summary_csf_mean": 237.27797274550775,
  "summary_csf_median": 212.31782672181726,
  "summary_csf_n": 39000.0,
  "summary_csf_p05": 82.51214119046926,
  "summary_csf_p95": 453.54092645402983,
  "summary_csf_stdv": 116.14360876457002,
  "summary_gm_k": -0.046180920915060764,
  "summary_gm_mad": 66.92801570269596,
  "summary_gm_mean": 665.4790454396378,
  "summary_gm_median": 667.2796413935721,
  "summary_gm_n": 64462.0,
  "summary_gm_p05": 552.3594514764845,
  "summary_gm_p95": 772.3455638177693,
  "summary_gm_stdv": 66.77993790324051,
  "summary_wm_k": 1.0820300724972398,
  "summary_wm_mad": 39.50862110658762,
  "summary_wm_mean": 1000.3089492797635,
  "summary_wm_median": 999.9652636535466,
  "summary_wm_n": 179617.0,
  "summary_wm_p05": 931.5336215779186,
  "summary_wm_p95": 1070.4718536026776,
  "summary_wm_stdv": 43.03884890540908,
  "tpm_overlap_csf": 0.14559510242391005,
  "tpm_overlap_gm": 0.47878216702574444,
  "tpm_overlap_wm": 0.5067762283017178,
  "wm2max": 0.5160903278952741
}